STRATEGY: MIN
RESTRICTION: == net462
NUGET
  remote: https://proget.kcura.corp/nuget/NuGet
    Antlr (3.5.0.2)
    AutoMapper (4.2.1)
    Baseclass.Contrib.Nuget.Output (1.0.0)
    BCrypt-Official (0.1.109)
    Castle.Core (3.3.0)
    Castle.Windsor (3.3.0)
      Castle.Core (>= 3.3)
    CSharpGuidelineAnalyzer (1.0.3.0)
    Elasticsearch.Net (1.4.3)
    FluentAssertions (4.19.2)
    FluentValidation (6.1.0.0)
    IdentityModel (1.6.0)
      Newtonsoft.Json (>= 6.0.8)
    kCura (9.6.12.15)
      BCrypt-Official (>= 0.1.109)
      kCura.Injection (>= 9.6.12.15)
    kCura.Agent (9.6.12.15)
      kCura (>= 9.6.12.15)
      Newtonsoft.Json (>= 6.0.6 <= 6.0.8)
      Relativity.API (>= 9.6.12.15)
      Relativity.Authentication.Interfaces (>= 9.6.12.15)
      Relativity.Logging.Interfaces (>= 9.4.300)
      Relativity.ServiceBus (>= 2.2.5)
      Relativity.ServiceBus.PriorityQueue (>= 9.6.12.15)
      Relativity.ServiceBus.Provider.Windows1_1 (>= 2.2.5)
      Relativity.ServiceBus.Utilities (>= 9.6.12.15)
      Relativity.Toggles (>= 1.0.0.68)
      Relativity.Vfs (>= 1.0.20)
      ServiceBus.v1_1 (>= 1.0.5)
    kCura.Apps.Common.Config (2.1.3)
      kCura.Apps.Common.Data (>= 2.1.3)
      kCura.Apps.Common.Utils (>= 2.1.3)
    kCura.Apps.Common.Data (2.1.3)
    kCura.Apps.Common.Utils (2.1.3)
      Newtonsoft.Json (>= 6.0)
    kCura.EventHandler (9.6.12.15)
      Relativity.API (>= 9.6.12.15)
    kCura.HTMLSanitizer (1.0.2)
    kCura.Injection (9.6.12.15)
    kCura.LongPath (1.0.10)
    kCura.OutsideIn.FI.Win32 (2017.7.0) - content: none
    kCura.Relativity.Client (9.6.12.15)
    libsodium-net (0.8.0)
      Baseclass.Contrib.Nuget.Output
    Microsoft.AspNet.Identity.Core (2.2.1)
    Microsoft.AspNet.Mvc (5.2.3)
      Microsoft.AspNet.Razor (>= 3.2.3 < 3.3)
      Microsoft.AspNet.WebPages (>= 3.2.3 < 3.3)
    Microsoft.AspNet.Razor (3.2.3)
    Microsoft.AspNet.SignalR.Core (2.2.0)
      Microsoft.Owin (>= 2.1)
      Microsoft.Owin.Security (>= 2.1)
      Newtonsoft.Json (>= 6.0.4)
      Owin (>= 1.0)
    Microsoft.AspNet.Web.Optimization (1.1.3)
      Microsoft.Web.Infrastructure (>= 1.0)
      WebGrease (>= 1.5.2)
    Microsoft.AspNet.WebApi (5.2.3)
      Microsoft.AspNet.WebApi.WebHost (>= 5.2.3 < 5.3)
    Microsoft.AspNet.WebApi.Client (5.2.3)
      Newtonsoft.Json (>= 6.0.4)
    Microsoft.AspNet.WebApi.Core (5.2.3)
      Microsoft.AspNet.WebApi.Client (>= 5.2.3)
    Microsoft.AspNet.WebApi.WebHost (5.2.3)
      Microsoft.AspNet.WebApi.Core (>= 5.2.3 < 5.3)
    Microsoft.AspNet.WebPages (3.2.3)
      Microsoft.AspNet.Razor (>= 3.2.3 < 3.3)
      Microsoft.Web.Infrastructure (>= 1.0)
    Microsoft.Bcl (1.1.10)
      Microsoft.Bcl.Build (>= 1.0.14)
    Microsoft.Bcl.Build (1.0.21) - import_targets: false
    Microsoft.IdentityModel.Protocol.Extensions (1.0.2.206221351)
      System.IdentityModel.Tokens.Jwt (>= 4.0.2.206221351)
    Microsoft.Net.Http (2.2.29)
      Microsoft.Bcl (>= 1.1.10)
      Microsoft.Bcl.Build (>= 1.0.14)
    Microsoft.Owin (3.0.1)
      Owin (>= 1.0)
    Microsoft.Owin.FileSystems (3.0.1)
    Microsoft.Owin.Host.SystemWeb (3.0.1)
      Microsoft.Owin (>= 3.0.1)
      Owin (>= 1.0)
    Microsoft.Owin.Security (3.0.1)
      Microsoft.Owin (>= 3.0.1)
      Owin (>= 1.0)
    Microsoft.Owin.Security.Cookies (3.0.1)
      Microsoft.Owin (>= 3.0.1)
      Microsoft.Owin.Security (>= 3.0.1)
      Owin (>= 1.0)
    Microsoft.Owin.Security.OAuth (3.0.1)
      Microsoft.Owin (>= 3.0.1)
      Microsoft.Owin.Security (>= 3.0.1)
      Newtonsoft.Json (>= 6.0.4)
      Owin (>= 1.0)
    Microsoft.Owin.Security.OpenIdConnect (3.0.1)
      Microsoft.IdentityModel.Protocol.Extensions (>= 1.0)
      Microsoft.Owin (>= 3.0.1)
      Microsoft.Owin.Security (>= 3.0.1)
      Owin (>= 1.0)
      System.IdentityModel.Tokens.Jwt (>= 4.0)
    Microsoft.Owin.StaticFiles (3.0.1)
      Microsoft.Owin (>= 3.0.1)
      Microsoft.Owin.FileSystems (>= 3.0.1)
      Owin (>= 1.0)
    Microsoft.Web.Administration (7.0.0.0)
    Microsoft.Web.Infrastructure (1.0.0.0)
    Microsoft.WindowsAzure.ConfigurationManager (2.0.0.0)
    NEST (1.4.3)
      Elasticsearch.Net (>= 1.4.3)
      Newtonsoft.Json (>= 6.0.1)
    Newtonsoft.Json (6.0.8)
    NSubstitute (1.10.0.0)
    NuGetPowerTools (0.29)
    NUnit (3.4.1)
    Owin (1.0)
    Polly (5.3.1)
    Relativity (9.6.12.15)
    Relativity.API (9.6.12.15)
      kCura (>= 9.6.12.15)
      Relativity.Authentication.Interfaces (>= 9.6.12.15)
      Relativity.Logging.Interfaces (>= 9.4.300)
    Relativity.Authentication (9.6.12.15)
      IdentityModel (>= 1.6)
      kCura (>= 9.6.12.15)
      Microsoft.AspNet.Identity.Core (>= 2.2.1)
      Microsoft.IdentityModel.Protocol.Extensions (>= 1.0.2.206221351)
      Microsoft.Owin (>= 3.0.1)
      Microsoft.Owin.FileSystems (>= 3.0.1)
      Microsoft.Owin.Host.SystemWeb (>= 3.0.1)
      Microsoft.Owin.Security (>= 3.0.1)
      Microsoft.Owin.Security.Cookies (>= 3.0.1)
      Microsoft.Owin.Security.OAuth (>= 3.0.1)
      Microsoft.Owin.Security.OpenIdConnect (>= 3.0.1)
      Microsoft.Owin.StaticFiles (>= 3.0.1)
      Microsoft.Web.Administration (>= 7.0)
      Newtonsoft.Json (>= 6.0.6 <= 6.0.8)
      Owin (>= 1.0)
      Relativity (>= 9.6.12.15)
      Relativity.API (>= 9.6.12.15)
      Relativity.Authentication.Interfaces (>= 9.6.12.15)
      Relativity.Logging.Interfaces (>= 9.4.300)
      Relativity.Toggles (>= 1.0.0.68)
      System.IdentityModel.Tokens.Jwt (>= 4.0.2.206221351)
    Relativity.Authentication.Interfaces (9.6.12.15)
    Relativity.Core (9.6.12.15)
    Relativity.CustomPages (9.6.12.15)
    Relativity.Data (9.6.12.15)
    relativity.faspmanager (3.7.2.0)
      Newtonsoft.Json (>= 6.0.8)
      NuGetPowerTools (>= 0.29)
    Relativity.ImportExport (9.6.12.15)
      kCura (>= 9.6)
      kCura.OutsideIn.FI.Win32 (>= 2017.7)
      relativity.transfer.client (>= 1.2.20)
      ZetaLongPaths (>= 1.0.0.16)
    Relativity.Kepler (1.0.1.409)
    Relativity.Kepler.Client (1.0.1.409)
      Relativity.Kepler (>= 1.0.1.409)
    Relativity.Logging (9.4.308)
    Relativity.Logging.Interfaces (9.4.308)
    Relativity.OAuth2Client (1.0.23)
      Newtonsoft.Json (>= 6.0.8)
      Relativity.OAuth2Client.Interfaces (>= 1.0.23)
    Relativity.OAuth2Client.Interfaces (1.0.23)
    Relativity.Productions.Services.Interfaces (9.5.58)
    Relativity.SecretCatalog (1.0.19)
    Relativity.SecretCatalog.AzureKeyVault (1.0.19)
      Relativity.SecretCatalog (>= 1.0.19)
    Relativity.ServiceBus (2.2.5)
    Relativity.ServiceBus.PriorityQueue (9.6.12.15)
      Relativity.API (>= 9.6.12.15)
      Relativity.ServiceBus (>= 2.2.5)
      ServiceBus.v1_1 (>= 1.0.5)
    Relativity.ServiceBus.Provider.Azure (2.2.5)
      Relativity.ServiceBus (>= 2.2.5)
    Relativity.ServiceBus.Provider.Windows1_1 (2.2.5)
      Relativity.ServiceBus (>= 2.2.5)
    Relativity.ServiceBus.Utilities (9.6.12.15)
      kCura (>= 9.6.12.15)
      Newtonsoft.Json (>= 6.0.6)
      Relativity (>= 9.6.12.15)
      Relativity.API (>= 9.6.12.15)
      Relativity.Logging.Interfaces (>= 9.4.300)
      Relativity.ServiceBus (>= 2.2.5)
      Relativity.ServiceBus.Provider.Azure (>= 2.2.5)
      Relativity.ServiceBus.Provider.Windows1_1 (>= 2.2.5)
    Relativity.Services.DataContracts (9.6.12.15)
    Relativity.Services.Interfaces (9.6.12.15)
      Relativity.Services.DataContracts (>= 9.6.12.15)
    Relativity.Services.Interfaces.Private (9.6.12.15)
      Relativity.Kepler (>= 1.0.1.409)
      Relativity.SecretCatalog (>= 1.0.18)
      Relativity.Services.DataContracts (>= 9.6.12.15)
      Relativity.Services.Interfaces (>= 9.6.12.15)
      Relativity.Telemetry.DataContracts.Shared (>= 9.4.74)
    Relativity.Telemetry.APM (9.4.148)
    Relativity.Telemetry.DataContracts.Shared (9.4.148)
    Relativity.Telemetry.MetricsCollection (9.4.148)
      Relativity.Kepler.Client (>= 1.0.1.326)
      Relativity.Telemetry.DataContracts.Shared (>= 9.4.148)
    Relativity.Telemetry.Services.Interface (9.6.12.15)
    Relativity.Toggles (1.0.0.84)
    relativity.transfer.client (1.2.20)
      Polly (5.3.1)
      relativity.faspmanager (3.7.2)
      Relativity.Logging (>= 9.4.308)
      Relativity.Logging.Interfaces (>= 9.4.308)
      SSH.NET (2016.0)
    Relativity.Vfs (1.0.23)
    Relativity.Vfs.IO (1.0.23)
      Relativity.Vfs (>= 1.0.23)
      Rx-Core (>= 2.2.5)
      Rx-Interfaces (>= 2.2.5)
      Rx-Linq (>= 2.2.5)
      Rx-Main (>= 2.2.5)
      Rx-PlatformServices (>= 2.2.5)
    RelativityCore (9.6.12.15)
      Castle.Core (>= 3.3)
      Castle.Windsor (>= 3.3)
      Elasticsearch.Net (>= 1.4.3)
      FluentValidation (>= 6.1)
      kCura (>= 9.6.12.15)
      kCura.HTMLSanitizer (>= 1.0.2)
      libsodium-net (>= 0.8)
      Microsoft.AspNet.Identity.Core (>= 2.2.1)
      Microsoft.IdentityModel.Protocol.Extensions (>= 1.0)
      Microsoft.Owin (>= 3.0.1)
      Microsoft.Owin.FileSystems (>= 3.0.1)
      Microsoft.Owin.Host.SystemWeb (>= 3.0.1)
      Microsoft.Owin.Security (>= 3.0.1)
      Microsoft.Owin.Security.Cookies (>= 3.0.1)
      Microsoft.Owin.Security.OAuth (>= 3.0.1)
      Microsoft.Owin.Security.OpenIdConnect (>= 3.0.1)
      Microsoft.Owin.StaticFiles (>= 3.0.1)
      Microsoft.Web.Administration (>= 7.0)
      Microsoft.WindowsAzure.ConfigurationManager (>= 2.0)
      NEST (>= 1.4.3)
      Newtonsoft.Json (>= 6.0.8)
      Owin (>= 1.0)
      Relativity.Kepler (>= 1.0.1.409)
      Relativity.Kepler.Client (>= 1.0.1.409)
      Relativity.SecretCatalog (>= 1.0.18)
      Relativity.SecretCatalog.AzureKeyVault (>= 1.0.18)
      Relativity.ServiceBus (>= 2.2.5)
      Relativity.Services.DataContracts (>= 9.6.12.15)
      Relativity.Services.Interfaces (>= 9.6.12.15)
      Relativity.Services.Interfaces.Private (>= 9.6.12.15)
      Relativity.Telemetry.DataContracts.Shared (>= 9.4.74)
      Relativity.Telemetry.MetricsCollection (>= 9.4.74)
      Relativity.Toggles (>= 1.0.0.68)
      Relativity.Vfs (>= 1.0.20)
      Relativity.Vfs.IO (>= 1.0.20)
      Serilog (>= 1.5.9)
      Serilog.Sinks.Elasticsearch (>= 2.0.60)
      Serilog.Sinks.MSSqlServer (>= 1.4.168)
      ServiceBus.v1_1 (>= 1.0.5)
      StackExchange.Redis (>= 1.0.328)
      System.IdentityModel.Tokens.Jwt (>= 4.0.1)
      SystemWrapper.Interfaces (>= 0.7)
      SystemWrapper.Wrappers (>= 0.7)
      Thinktecture.IdentityModel.Client (>= 4.0.1)
    Rx-Core (2.2.5)
      Rx-Interfaces (>= 2.2.5)
    Rx-Interfaces (2.2.5)
    Rx-Linq (2.2.5)
      Rx-Core (>= 2.2.5)
      Rx-Interfaces (>= 2.2.5)
    Rx-Main (2.2.5)
      Rx-Core (>= 2.2.5)
      Rx-Interfaces (>= 2.2.5)
      Rx-Linq (>= 2.2.5)
      Rx-PlatformServices (>= 2.2.5)
    Rx-PlatformServices (2.2.5)
      Rx-Core (>= 2.2.5)
      Rx-Interfaces (>= 2.2.5)
    Selenium.Support (3.8.0)
      Selenium.WebDriver (>= 3.8)
    Selenium.WebDriver (3.8.0)
    Selenium.WebDriver.ChromeDriver (2.34.0)
    Serilog (1.5.9)
    Serilog.Sinks.Elasticsearch (2.0.60)
      Elasticsearch.Net (>= 1.1.2)
      Serilog (>= 1.4.204 < 2.0)
    Serilog.Sinks.MSSqlServer (1.4.168)
      Serilog (>= 1.4.168)
    ServiceBus.v1_1 (1.0.5)
      Microsoft.WindowsAzure.ConfigurationManager (>= 2.0)
    SSH.NET (2016.0.0)
    StackExchange.Redis (1.0.328)
    System.IdentityModel.Tokens.Jwt (4.0.2.206221351)
    SystemWrapper.Interfaces (0.19.0.115)
    SystemWrapper.Wrappers (0.19.0.115)
      SystemWrapper.Interfaces (0.19.0.115)
    Thinktecture.IdentityModel.Client (4.0.1)
      Newtonsoft.Json (>= 6.0.5)
    WebGrease (1.6.0)
      Antlr (>= 3.4.1.9004)
      Newtonsoft.Json (>= 5.0.4)
    ZetaLongPaths (1.0.0.16)
