RESTRICTION: == net462
NUGET
  remote: https://proget.kcura.corp/nuget/NuGet
    Autofac (4.9.2) - redirects: force
    Banzai (3.0.3)
    Banzai.Autofac (3.0.3)
    BCrypt-Official (0.1.109)
    Castle.Core (4.4.0)
    CSharpGuidelineAnalyzer (2.3.0.0)
    FluentAssertions (5.6.0)
      System.ValueTuple (>= 4.4)
    kCura (10.3.18.1)
      BCrypt-Official (>= 0.1.109)
      kCura.Injection (>= 10.3.18.1)
    kCura.Apps.Common.Utils (2.1.8)
      Newtonsoft.Json (>= 6.0)
    kCura.Injection (10.3.18.1)
    kCura.NUnit.Integration (10.3.18.1)
    kCura.OutsideIn.FI.Win32 (2019.2.1)
    kCura.Relativity.Client (10.3.18.1)
    Microsoft.CodeAnalysis.FxCopAnalyzers (2.9.2)
      Microsoft.CodeAnalysis.VersionCheckAnalyzer (2.9.2)
      Microsoft.CodeQuality.Analyzers (2.9.2)
      Microsoft.NetCore.Analyzers (2.9.2)
      Microsoft.NetFramework.Analyzers (2.9.2)
    Microsoft.CodeAnalysis.VersionCheckAnalyzer (2.9.2)
    Microsoft.CodeQuality.Analyzers (2.9.2)
    Microsoft.NetCore.Analyzers (2.9.2)
    Microsoft.NetFramework.Analyzers (2.9.2)
    Moq (4.10.1)
      Castle.Core (>= 4.3.1)
      System.Threading.Tasks.Extensions (>= 4.5.1)
    Newtonsoft.Json (6.0.8)
    NuGetPowerTools (0.29)
    NUnit (3.11.0)
    Polly (5.3.1)
    Relativity (10.3.18.1)
    Relativity.API (10.3.18.1)
    Relativity.DataTransfer.MessageService (10.2.0)
      Relativity.Kepler.Client (>= 1.0.1.445)
      Relativity.Telemetry.DataContracts.Shared (>= 9.4.159)
      Relativity.Telemetry.Services.Interface (>= 9.6.88.61)
    relativity.faspmanager (3.7.2.0)
      Newtonsoft.Json (>= 6.0.8)
      NuGetPowerTools (>= 0.29)
    Relativity.ImportExport (10.3.18.1)
      kCura (>= 10.3)
      kCura.OutsideIn.FI.Win32 (>= 2019.2)
      Relativity (>= 10.3)
      Relativity.DataTransfer.MessageService (>= 10.0.2)
      Relativity.Kepler.Client (>= 1.0.1.557)
      Relativity.Logging (>= 2018.11.8)
      Relativity.Logging.Interfaces (>= 2018.11.8)
      Relativity.OAuth2Client (>= 1.0.27)
      Relativity.OAuth2Client.Implicit (>= 1.0.27)
      Relativity.OAuth2Client.Interfaces (>= 1.0.27)
      relativity.transfer.client (>= 5.0.2)
      ZetaLongPaths (>= 1.0.0.16)
    Relativity.Kepler (1.0.1.627)
    Relativity.Kepler.Client (1.0.1.627)
      Relativity.Kepler (>= 1.0.1.627)
    Relativity.Logging (2019.4.4)
    Relativity.Logging.Interfaces (2019.4.4)
    Relativity.OAuth2Client (1.0.27)
      Newtonsoft.Json (>= 6.0.8)
      Relativity.OAuth2Client.Interfaces (>= 1.0.27)
    Relativity.OAuth2Client.Implicit (1.0.27)
      Newtonsoft.Json (>= 6.0.8)
      Relativity.OAuth2Client (>= 1.0.27)
      Relativity.OAuth2Client.Interfaces (>= 1.0.27)
    Relativity.OAuth2Client.Interfaces (1.0.27)
    Relativity.Platform.Keywords (10.3.18.1)
      kCura.NUnit.Integration
    Relativity.SecretCatalog (1.0.19)
    Relativity.Services.DataContracts (10.3.18.1)
    Relativity.Services.Interfaces (10.3.18.1)
      Relativity.Services.DataContracts (>= 10.3.18.1)
    Relativity.Services.Interfaces.Private (10.3.18.1)
      Relativity (>= 10.3.18.1)
      Relativity.Kepler (>= 1.0.1.409)
      Relativity.SecretCatalog (>= 1.0.18)
      Relativity.Services.DataContracts (>= 10.3.18.1)
      Relativity.Services.Interfaces (>= 10.3.18.1)
      Relativity.Services.Layout.Interfaces (>= 1.1.46)
      Relativity.Telemetry.DataContracts.Shared (>= 9.4.74)
    Relativity.Services.Layout.Interfaces (10.1.5)
      Relativity.Kepler (>= 1.0.1.297)
      Relativity.Services.DataContracts (>= 9.4.346.73)
    Relativity.Telemetry.APM (2019.1.1)
    Relativity.Telemetry.DataContracts.Shared (2019.1.1)
    Relativity.Telemetry.Services.Interface (2019.1.1)
    relativity.transfer.client (5.0.6)
      Newtonsoft.Json (>= 6.0.8)
      Polly (>= 5.3.1)
      relativity.faspmanager (3.7.2)
      SSH.NET (2016.0)
    SexyProxy.Emit (2.0.97)
    SSH.NET (2016.0.0)
    System.Runtime.CompilerServices.Unsafe (4.5.2)
    System.Threading.Tasks.Extensions (4.5.2)
      System.Runtime.CompilerServices.Unsafe (>= 4.5.2)
    System.ValueTuple (4.5.0)
    ZetaLongPaths (1.0.0.28)
