RESTRICTION: == net462
NUGET
  remote: https://proget.kcura.corp/nuget/NuGet
    Autofac (4.9.4) - redirects: force
    Banzai (3.0.3)
    Banzai.Autofac (3.0.3)
    Castle.Core (4.4.0)
    coverlet.msbuild (2.8.0)
    CSharpGuidelineAnalyzer (2.3.0.0)
    FluentAssertions (5.10.2)
      System.ValueTuple (>= 4.4)
    kCura.Apps.Common.Utils (2.1.11)
      Newtonsoft.Json (>= 6.0)
    kCura.NUnit.Integration (11.2.38.1)
      NUnit (>= 3.11)
    kCura.OutsideIn.FI.Win32 (2019.5.1)
    kCura.Relativity.Client (11.1.115.31)
    Microsoft.CodeAnalysis.FxCopAnalyzers (2.9.2)
      Microsoft.CodeAnalysis.VersionCheckAnalyzer (2.9.2)
      Microsoft.CodeQuality.Analyzers (2.9.2)
      Microsoft.NetCore.Analyzers (2.9.2)
      Microsoft.NetFramework.Analyzers (2.9.2)
    Microsoft.CodeAnalysis.VersionCheckAnalyzer (2.9.2)
    Microsoft.CodeQuality.Analyzers (2.9.2)
    Microsoft.NetCore.Analyzers (2.9.2)
    Microsoft.NetFramework.Analyzers (2.9.2)
    Microsoft.Reactive.Testing (4.0.0)
      System.Reactive (>= 4.0)
    Moq (4.13.1)
      Castle.Core (>= 4.4)
      System.Threading.Tasks.Extensions (>= 4.5.1)
    Newtonsoft.Json (6.0.8) - redirects: force
    NuGetPowerTools (0.29)
    NUnit (3.11.0)
    NUnit3TestAdapter (3.16.1)
    NUnitExtras.HierarchicalCategories (1.3.0)
      NUnit (>= 3.7)
    NunitXml.TestLogger (2.1.41)
    Polly (5.3.1)
    Relativity (11.1.115.31)
    Relativity.API (12.0.1)
      System.Data.SqlClient (>= 4.6)
    Relativity.AutomatedWorkflows.Services.Interfaces (0.1.1-pre-4)
    Relativity.DataExchange.Client.SDK (1.9.0)
      kCura.OutsideIn.FI.Win32 (>= 2019.5)
      Newtonsoft.Json (>= 6.0.8)
      Polly (>= 5.3.1)
      Relativity.Kepler.Client (>= 1.0.1.627)
      Relativity.Logging.Interfaces (>= 2018.11.8)
      Relativity.OAuth2Client (>= 1.0.27)
      Relativity.OAuth2Client.Implicit (>= 1.0.27)
      Relativity.OAuth2Client.Interfaces (>= 1.0.27)
      Relativity.Telemetry.DataContracts.Shared (>= 3000.0 < 3001.0)
      Relativity.Telemetry.Services.Interface (>= 3000.0 < 3001.0)
      relativity.transfer.client (>= 6.3.7 < 6.4)
    relativity.faspmanager (3.7.2.0)
      Newtonsoft.Json (>= 6.0.8)
      NuGetPowerTools (>= 0.29)
    Relativity.Kepler (2.2.2)
    Relativity.Kepler.Client (2.2.2)
      Relativity.Kepler (>= 2.2.2)
    Relativity.Logging.Interfaces (3000.0.1)
    Relativity.OAuth2Client (1.0.27)
      Newtonsoft.Json (>= 6.0.8)
      Relativity.OAuth2Client.Interfaces (>= 1.0.27)
    Relativity.OAuth2Client.Implicit (1.5.1)
      Newtonsoft.Json (>= 6.0.8)
      Relativity.OAuth2Client (>= 1.0)
      Relativity.OAuth2Client.Interfaces (>= 1.0)
    Relativity.OAuth2Client.Interfaces (1.5.1)
    Relativity.Platform.Keywords (11.1.115.31)
      kCura.NUnit.Integration
      Relativity.DataExchange.Client.SDK (>= 1.1)
    Relativity.SecretCatalog (1.0.19)
    Relativity.Services.DataContracts (11.1.115.31)
    Relativity.Services.Interfaces (11.1.115.31)
      Relativity.Services.DataContracts (>= 11.1.115.31)
    Relativity.Services.Interfaces.Private (11.1.115.31)
      Relativity (>= 11.1.115.31)
      Relativity.Kepler (>= 1.0.1.409)
      Relativity.SecretCatalog (>= 1.0.18)
      Relativity.Services.DataContracts (>= 11.1.115.31)
      Relativity.Services.Interfaces (>= 11.1.115.31)
      Relativity.Services.Layout.Interfaces (>= 1.1.46)
      Relativity.Telemetry.DataContracts.Shared (>= 9.4.74)
    Relativity.Services.Layout.Interfaces (10.3.2)
      Relativity.Kepler (>= 1.0.1.297)
      Relativity.Services.DataContracts (>= 9.4.346.73)
    Relativity.Telemetry.APM (2019.1.1)
    Relativity.Telemetry.DataContracts.Shared (3000.0.1)
    Relativity.Telemetry.Services.Interface (3000.0.1)
    Relativity.Testing.Identification (1.14.1)
      NUnit (>= 3.7)
      NUnitExtras.HierarchicalCategories (>= 1.3)
    relativity.transfer.client (6.3.7)
      Newtonsoft.Json (>= 6.0.8)
      Polly (>= 5.3.1)
      relativity.faspmanager (3.7.2)
      SSH.NET (2016.0)
    SSH.NET (2016.0.0)
    System.Data.SqlClient (4.8.0)
    System.Reactive (4.0.0)
    System.Reactive.Linq (4.0.0)
      System.Reactive (>= 4.0)
    System.Runtime.CompilerServices.Unsafe (4.7.0)
    System.Threading.Tasks.Extensions (4.5.1)
      System.Runtime.CompilerServices.Unsafe (>= 4.5)
    System.ValueTuple (4.5.0)
