STRATEGY: MIN
RESTRICTION: == net462
NUGET
  remote: https://relativity.jfrog.io/artifactory/api/nuget/nuget-anthology
    Antlr (3.5.0.2)
    ARMTestServices (1.1.1)
    AutoMapper (4.2.1)
    BCrypt.Net-Core (1.6.0)
    BenchmarkDotNet (0.10.12)
      BenchmarkDotNet.Core (>= 0.10.12)
      BenchmarkDotNet.Toolchains.Roslyn (>= 0.10.12)
    BenchmarkDotNet.Core (0.10.12)
      Microsoft.DotNet.InternalAbstractions (>= 1.0)
      Microsoft.DotNet.PlatformAbstractions (>= 1.1.1)
      Microsoft.Win32.Registry (>= 4.3)
      System.Threading.Tasks.Extensions (>= 4.3)
      System.ValueTuple (>= 4.3)
      System.Xml.XmlSerializer (>= 4.3)
    BenchmarkDotNet.Toolchains.Roslyn (0.10.12)
      BenchmarkDotNet.Core (>= 0.10.12)
      Microsoft.CodeAnalysis.CSharp (>= 2.4)
      System.Threading.Tasks (>= 4.3)
    Castle.Core (3.3.0)
    Castle.Windsor (3.3.0)
      Castle.Core (>= 3.3)
    CSharpGuidelineAnalyzer (1.0.3.0)
    DotNetSeleniumExtras.PageObjects (3.11.0)
      Selenium.WebDriver (>= 3.10)
    DotNetSeleniumExtras.WaitHelpers (3.11.0)
      Selenium.WebDriver (>= 3.10)
    FluentAssertions (4.19.4)
    iTextSharp (5.5.13.1)
    kCura (14.2.5)
      BCrypt.Net-Core (>= 1.6)
      kCura.Injection (>= 14.0)
    kCura.Agent (17.1.9)
      Relativity.API (>= 17.1.9)
    kCura.Apps.Common.Config (2.1.9)
      kCura.Apps.Common.Data (>= 2.1.9)
      kCura.Apps.Common.Utils (>= 2.1.9)
    kCura.Apps.Common.Data (2.1.9)
    kCura.Apps.Common.Utils (2.1.9)
      Newtonsoft.Json (>= 6.0)
    kCura.EventHandler (17.1.9)
      Relativity.API (>= 17.1.9)
    kCura.FreeImage (3.17.0.1)
    kCura.Injection (14.0.0)
    kCura.LongPath (1.0.20)
    kCura.OutsideIn.FI.Win32 (2020.7.0) - content: none
    LanguageExt.Core (3.1.15)
      Microsoft.CSharp (>= 4.5)
      System.Reflection.Emit (>= 4.3)
      System.ValueTuple (>= 4.5)
    Microsoft.AspNet.Mvc (5.2.3)
      Microsoft.AspNet.Razor (>= 3.2.3 < 3.3)
      Microsoft.AspNet.WebPages (>= 3.2.3 < 3.3)
    Microsoft.AspNet.Razor (3.2.3)
    Microsoft.AspNet.SignalR.Core (2.2.0)
      Microsoft.Owin (>= 2.1)
      Microsoft.Owin.Security (>= 2.1)
      Newtonsoft.Json (>= 6.0.4)
      Owin (>= 1.0)
    Microsoft.AspNet.Web.Optimization (1.1.3)
      Microsoft.Web.Infrastructure (>= 1.0)
      WebGrease (>= 1.5.2)
    Microsoft.AspNet.WebApi (5.2.3)
      Microsoft.AspNet.WebApi.WebHost (>= 5.2.3 < 5.3)
    Microsoft.AspNet.WebApi.Client (5.2.3)
      Newtonsoft.Json (>= 6.0.4)
    Microsoft.AspNet.WebApi.Core (5.2.3)
      Microsoft.AspNet.WebApi.Client (>= 5.2.3)
    Microsoft.AspNet.WebApi.WebHost (5.2.3)
      Microsoft.AspNet.WebApi.Core (>= 5.2.3 < 5.3)
    Microsoft.AspNet.WebPages (3.2.3)
      Microsoft.AspNet.Razor (>= 3.2.3 < 3.3)
      Microsoft.Web.Infrastructure (>= 1.0)
    Microsoft.Bcl (1.1.10)
      Microsoft.Bcl.Build (>= 1.0.14)
    Microsoft.Bcl.Build (1.0.21) - import_targets: false
    Microsoft.CodeAnalysis.Analyzers (1.1.0)
    Microsoft.CodeAnalysis.Common (2.4.0)
      Microsoft.CodeAnalysis.Analyzers (>= 1.1)
      System.AppContext (>= 4.3)
      System.Collections (>= 4.3)
      System.Collections.Concurrent (>= 4.3)
      System.Collections.Immutable (>= 1.3.1)
      System.Console (>= 4.3)
      System.Diagnostics.Debug (>= 4.3)
      System.Diagnostics.FileVersionInfo (>= 4.3)
      System.Diagnostics.StackTrace (>= 4.3)
      System.Diagnostics.Tools (>= 4.3)
      System.Dynamic.Runtime (>= 4.3)
      System.Globalization (>= 4.3)
      System.IO.Compression (>= 4.3)
      System.IO.FileSystem (>= 4.3)
      System.IO.FileSystem.Primitives (>= 4.3)
      System.Linq (>= 4.3)
      System.Linq.Expressions (>= 4.3)
      System.Reflection (>= 4.3)
      System.Reflection.Metadata (>= 1.4.2)
      System.Resources.ResourceManager (>= 4.3)
      System.Runtime (>= 4.3)
      System.Runtime.Extensions (>= 4.3)
      System.Runtime.InteropServices (>= 4.3)
      System.Runtime.Numerics (>= 4.3)
      System.Security.Cryptography.Algorithms (>= 4.3)
      System.Security.Cryptography.Encoding (>= 4.3)
      System.Security.Cryptography.X509Certificates (>= 4.3)
      System.Text.Encoding (>= 4.3)
      System.Text.Encoding.CodePages (>= 4.3)
      System.Text.Encoding.Extensions (>= 4.3)
      System.Threading (>= 4.3)
      System.Threading.Tasks (>= 4.3)
      System.Threading.Tasks.Parallel (>= 4.3)
      System.Threading.Thread (>= 4.3)
      System.ValueTuple (>= 4.3)
      System.Xml.ReaderWriter (>= 4.3)
      System.Xml.XDocument (>= 4.3)
      System.Xml.XmlDocument (>= 4.3)
      System.Xml.XPath.XDocument (>= 4.3)
    Microsoft.CodeAnalysis.CSharp (2.4.0)
      Microsoft.CodeAnalysis.Common (2.4)
    Microsoft.CSharp (4.5.0)
    Microsoft.DotNet.InternalAbstractions (1.0.0)
    Microsoft.DotNet.PlatformAbstractions (1.1.1)
    Microsoft.Net.Http (2.2.29)
      Microsoft.Bcl (>= 1.1.10)
      Microsoft.Bcl.Build (>= 1.0.14)
    Microsoft.Owin (4.2.0)
      Owin (>= 1.0)
    Microsoft.Owin.Host.SystemWeb (4.2.0)
      Microsoft.Owin (>= 4.2)
      Owin (>= 1.0)
    Microsoft.Owin.Security (3.1.0)
      Microsoft.Owin (>= 3.1)
      Owin (>= 1.0)
    Microsoft.Web.Infrastructure (1.0.0.0)
    Microsoft.Win32.Registry (4.3.0)
    Mono.TextTransform (1.0.0)
    Moq (4.5.3)
    netDumbster (2.0.0.4)
    Newtonsoft.Json (6.0.8) - redirects: force
    NSubstitute (1.10.0.0)
    NUnit (3.13.2) - redirects: force
    NUnitExtras.HierarchicalCategories (1.3.0)
      NUnit (>= 3.7)
    Owin (1.0)
    Polly (5.9.0)
    Relativity (40.8.29)
    Relativity.API (17.1.9)
    Relativity.AutomatedWorkflows.SDK (0.10.0-pre.1)
      Relativity.AutomatedWorkflows.Services.Interfaces
    Relativity.AutomatedWorkflows.Services.Interfaces (0.10.0-pre.1)
    Relativity.CustomPages (17.1.9)
      Relativity.API (>= 17.1.9)
    Relativity.Data (40.8.29)
      Relativity (>= 40.8.29)
    Relativity.DataExchange.Client.SDK (1.15.29)
      Newtonsoft.Json (>= 6.0.8)
      Polly (>= 5.7)
      Relativity.Logging (>= 2019.5.1)
      Relativity.ObjectManager (>= 12.1.171.20)
      Relativity.OutsideIn (>= 2021.8)
      Relativity.Telemetry.Services.Interface (>= 3003.0.1)
      Relativity.Transfer.Client (>= 7.4.6 < 7.5)
    Relativity.DataGrid (14.0.0)
    Relativity.DataTransfer.Legacy.SDK (0.1.39)
    Relativity.DataTransfer.MessageService (10.2.0)
      Relativity.Kepler.Client (>= 1.0.1.445)
      Relativity.Telemetry.DataContracts.Shared (>= 9.4.159)
      Relativity.Telemetry.Services.Interface (>= 9.6.88.61)
    Relativity.IntegrationPoints.Contracts (1.0.8-pre.3)
      Newtonsoft.Json (>= 6.0.1)
      Relativity.Kepler (>= 2.0.7)
      Relativity.Telemetry.APM (>= 2019.1.1)
    Relativity.IntegrationPoints.SDK (1.0.8-pre.3)
      kCura.EventHandler (>= 15.1)
      Newtonsoft.Json (>= 6.0.1)
      Relativity.IntegrationPoints.Services.Interfaces.Private (>= 1.0.5)
      Relativity.Kepler (>= 2.0.7)
      Relativity.Telemetry.APM (>= 2019.1.1)
    Relativity.IntegrationPoints.Services.Interfaces.Private (1.2.1)
      Relativity.API (>= 12.0)
      Relativity.Kepler (>= 2.0.7)
      Relativity.Telemetry.APM (>= 2019.1.1)
    Relativity.Kepler (2.15.3)
    Relativity.Kepler.Client (2.15.3)
      Relativity.Kepler (>= 2.15.3)
    Relativity.Kepler.Client.SDK (2.14.4)
      Relativity.Kepler (>= 2.14.4)
    Relativity.Kepler.Service (2.15.3)
      Relativity.Kepler (>= 2.15.3)
    Relativity.Logging (2019.5.1)
    Relativity.Logging.Interfaces (2019.5.1)
    Relativity.OAuth2Client (1.5.2)
      Newtonsoft.Json (>= 6.0.8)
      Relativity.OAuth2Client.Interfaces (>= 1.0)
    Relativity.OAuth2Client.Interfaces (1.5.2)
    Relativity.ObjectManager (12.1.171.20)
    Relativity.OutsideIn (2021.8.0) - content: none
      Relativity.Logging (>= 2019.5.1)
    Relativity.Platform.Agent.WorkloadDiscovery.SDK (0.2.1)
    Relativity.Productions.Services.Interfaces (11.1.0)
    Relativity.Services.DataContracts (13.5.0)
    Relativity.Services.Interfaces (13.5.0)
      Relativity.Kepler (>= 2.7)
      Relativity.Services.DataContracts (>= 13.5)
    Relativity.Services.Interfaces.Private (14.0.1)
    Relativity.Telemetry.APM (2019.1.1)
    Relativity.Telemetry.DataContracts.Shared (3000.0.1)
    Relativity.Telemetry.MetricsCollection (2018.12.2)
      Relativity.Kepler.Client (>= 1.0.1.409)
      Relativity.Telemetry.DataContracts.Shared (>= 2018.12.2)
    Relativity.Telemetry.Services.Interface (3003.0.1)
      Relativity.Telemetry.DataContracts.Shared (>= 1.0)
    Relativity.Testing.Identification (3.5.0)
      NUnit (>= 3.7)
      NUnitExtras.HierarchicalCategories (>= 1.3)
    Relativity.Toggles (1.0.1)
    Relativity.Transfer.Client (7.4.6)
      Newtonsoft.Json (>= 6.0.8)
      Polly (>= 5.3.1)
      Relativity.Kepler.Client.SDK (>= 2.14.4)
      SSH.NET (>= 2016.0)
      System.Reactive (>= 4.0)
    Selenium.Support (3.141.0)
      Selenium.WebDriver (>= 3.141)
    Selenium.WebDriver (3.141.0)
    Selenium.WebDriver.ChromeDriver (78.0.3904.1100-beta)
    Selenium.WebDriver.GeckoDriver (0.24.0)
    Serilog (1.5.14)
    Serilog.Sinks.Seq (1.5.36)
      Serilog (>= 1.5.10)
    SSH.NET (2016.0.0)
    System.AppContext (4.3.0)
    System.Collections (4.3.0)
    System.Collections.Concurrent (4.3.0)
    System.Collections.Immutable (1.3.1)
    System.Console (4.3.0)
    System.Diagnostics.Debug (4.3.0)
    System.Diagnostics.FileVersionInfo (4.3.0)
    System.Diagnostics.StackTrace (4.3.0)
    System.Diagnostics.Tools (4.3.0)
    System.Dynamic.Runtime (4.3.0)
    System.Globalization (4.3.0)
    System.IO.Compression (4.3.0)
    System.IO.FileSystem (4.3.0)
      System.IO.FileSystem.Primitives (>= 4.3)
    System.IO.FileSystem.Primitives (4.3.0)
    System.Linq (4.3.0)
    System.Linq.Expressions (4.3.0)
    System.Reactive (4.4.1)
      System.Threading.Tasks.Extensions (>= 4.5.4)
      System.ValueTuple (>= 4.5)
    System.Reflection (4.3.0)
    System.Reflection.Emit (4.3.0)
    System.Reflection.Metadata (1.4.2)
      System.Collections.Immutable (>= 1.3.1)
    System.Resources.ResourceManager (4.3.0)
    System.Runtime (4.3.0)
    System.Runtime.CompilerServices.Unsafe (4.5.3)
    System.Runtime.Extensions (4.3.0)
    System.Runtime.InteropServices (4.3.0)
      System.Runtime (>= 4.3)
    System.Runtime.Numerics (4.3.0)
    System.Security.Cryptography.Algorithms (4.3.0)
      System.Security.Cryptography.Primitives (>= 4.3)
    System.Security.Cryptography.Encoding (4.3.0)
    System.Security.Cryptography.Primitives (4.3.0)
    System.Security.Cryptography.X509Certificates (4.3.0)
      System.Security.Cryptography.Algorithms (>= 4.3)
      System.Security.Cryptography.Encoding (>= 4.3)
    System.Text.Encoding (4.3.0)
    System.Text.Encoding.CodePages (4.3.0)
    System.Text.Encoding.Extensions (4.3.0)
    System.Threading (4.3.0)
    System.Threading.Tasks (4.3.0)
    System.Threading.Tasks.Extensions (4.5.4)
      System.Runtime.CompilerServices.Unsafe (>= 4.5.3)
    System.Threading.Tasks.Parallel (4.3.0)
    System.Threading.Thread (4.3.0)
    System.ValueTuple (4.5.0)
    System.Xml.ReaderWriter (4.3.0)
    System.Xml.XDocument (4.3.0)
    System.Xml.XmlDocument (4.3.0)
    System.Xml.XmlSerializer (4.3.0)
    System.Xml.XPath (4.3.0)
    System.Xml.XPath.XDocument (4.3.0)
      System.Xml.XPath (>= 4.3)
    SystemWrapper.Interfaces (0.25.0.186)
    SystemWrapper.Wrappers (0.25.0.186)
      SystemWrapper.Interfaces (0.25.0.186)
    WebGrease (1.6.0)
      Antlr (>= 3.4.1.9004)
      Newtonsoft.Json (>= 5.0.4)
    ZetaLongPaths (1.0.0.16)

GROUP Sync
STRATEGY: MIN
RESTRICTION: == net462
NUGET
  remote: https://relativity.jfrog.io/artifactory/api/nuget/nuget-anthology
    Autofac (4.9.4)
    Banzai (3.0.3)
    Banzai.Autofac (3.0.3)
    Castle.Core (3.3.0)
    kCura.Apps.Common.Utils (2.1.9)
      Newtonsoft.Json (>= 6.0)
    Newtonsoft.Json (6.0.8)
    Polly (5.9.0)
    Relativity (40.8.29)
    Relativity.API (17.1.9)
    Relativity.AutomatedWorkflows.SDK (0.10.0-pre.1)
      Relativity.AutomatedWorkflows.Services.Interfaces
    Relativity.AutomatedWorkflows.Services.Interfaces (0.10.0-pre.1)
    Relativity.DataExchange.Client.SDK (1.15.29)
      Newtonsoft.Json (>= 6.0.8)
      Polly (>= 5.7)
      Relativity.Logging (>= 2019.5.1)
      Relativity.ObjectManager (>= 12.1.171.20)
      Relativity.OutsideIn (>= 2021.8)
      Relativity.Telemetry.Services.Interface (>= 3003.0.1)
      Relativity.Transfer.Client (>= 7.4.6 < 7.5)
    Relativity.DataTransfer.Legacy.SDK (0.1.30)
    Relativity.Kepler (2.15.3)
    Relativity.Kepler.Client (2.15.3)
      Relativity.Kepler (>= 2.15.3)
    Relativity.Kepler.Client.SDK (2.14.4)
      Relativity.Kepler (>= 2.14.4)
    Relativity.Logging (2019.5.1)
    Relativity.OAuth2Client (1.0.27)
      Newtonsoft.Json (>= 6.0.8)
      Relativity.OAuth2Client.Interfaces (>= 1.0.27)
    Relativity.OAuth2Client.Interfaces (1.0.27)
    Relativity.ObjectManager (12.1.171.20)
    Relativity.OutsideIn (2021.8.0)
      Relativity.Logging (>= 2019.5.1)
    Relativity.Services.DataContracts (13.5.0)
    Relativity.Services.Interfaces (13.5.0)
      Relativity.Kepler (>= 2.7)
      Relativity.Services.DataContracts (>= 13.5)
    Relativity.Services.Interfaces.Private (14.0.1)
    Relativity.Telemetry.APM (2019.1.1)
    Relativity.Telemetry.DataContracts.Shared (3003.1.0)
    Relativity.Telemetry.Services.Interface (3003.0.1)
      Relativity.Telemetry.DataContracts.Shared (>= 1.0)
    Relativity.Toggles (1.0.1)
    Relativity.Transfer.Client (7.4.6)
      Newtonsoft.Json (>= 6.0.8)
      Polly (>= 5.3.1)
      Relativity.Kepler.Client.SDK (>= 2.14.4)
      SSH.NET (>= 2016.0)
      System.Reactive (>= 4.0)
    SSH.NET (2016.0.0)
    System.Reactive (4.0.0)
    System.Reactive.Linq (4.0.0)
      System.Reactive (>= 4.0)
    SystemWrapper.Interfaces (0.25.0.186)
  remote: C:\_Work\_Nuget
    Relativity.Sync (0.1.5-local)
      Autofac (>= 4.9.4 < 5.0)
      Banzai.Autofac (>= 3.0.3 < 4.0)
      Castle.Core (>= 3.3)
      Newtonsoft.Json (>= 6.0.8 < 13.0)
      Polly (>= 5.7 < 6.0)
      Relativity (>= 40.8.29)
      Relativity.API (>= 17.1.9)
      Relativity.AutomatedWorkflows.SDK (>= 0.10.0-pre.1)
      Relativity.AutomatedWorkflows.Services.Interfaces (>= 0.10.0-pre.1)
      Relativity.DataExchange.Client.SDK (1.15.29)
      Relativity.DataTransfer.Legacy.SDK (>= 0.1.30)
      Relativity.Kepler.Client (>= 2.15.3)
      Relativity.OAuth2Client (>= 1.0.27 <= 1.5.2)
      Relativity.Services.Interfaces (>= 13.5)
      Relativity.Services.Interfaces.Private (>= 14.0.1)
      Relativity.Telemetry.APM (>= 2019.1.1 < 2019.2)
      Relativity.Telemetry.DataContracts.Shared (>= 3003.0.1)
      Relativity.Telemetry.Services.Interface (3003.0.1)
      Relativity.Toggles (>= 1.0.1)
      System.Reactive.Linq (4.0)

GROUP Tests
STRATEGY: MIN
RESTRICTION: == net462
NUGET
  remote: https://relativity.jfrog.io/artifactory/api/nuget/nuget-anthology
    Antlr (3.5.0.2)
    Atata (1.6.0)
      Atata.WebDriverExtras (>= 1.3)
      Selenium.WebDriver (>= 3.141)
    Atata.WebDriverExtras (1.3.0)
      Selenium.WebDriver (>= 3.141)
    Autofac (4.9.4)
    Banzai.Autofac (3.0.3)
    BCrypt.Net-Core (1.6.0)
    Castle.Core (3.3.0)
    Castle.Windsor (3.3.0)
      Castle.Core (>= 3.3)
    FluentAssertions (4.19.4)
    IntegrationPoints.MyFirstProvider (11.1.0-pre.9)
      kCura.Apps.Common.Config (>= 2.1.9)
      kCura.Apps.Common.Data (>= 2.1.9)
      kCura.Apps.Common.Utils (>= 2.1.9)
      kCura.EventHandler (>= 11.0.105.1)
      Newtonsoft.Json (>= 6.0.1)
      Relativity.API (>= 12.0)
      Relativity.DataTransfer.MessageService (>= 10.2)
      Relativity.IntegrationPoints.SDK (>= 1.0.7)
      Relativity.IntegrationPoints.Services.Interfaces.Private (>= 11.1)
      Relativity.Kepler (>= 2.0.7)
      Relativity.Kepler.Client (>= 1.0.1.445)
      Relativity.Telemetry.APM (>= 2019.1.1)
      Relativity.Telemetry.DataContracts.Shared (>= 9.4.159)
      Relativity.Telemetry.Services.Interface (>= 9.6.88.61)
      System.Data.SqlClient (>= 4.6)
      SystemWrapper.Interfaces (>= 0.19.0.115)
    kCura (14.2.5)
      BCrypt.Net-Core (>= 1.6)
      kCura.Injection (>= 14.0)
    kCura.Agent (17.1.9)
      Relativity.API (>= 17.1.9)
    kCura.Apps.Common.Config (2.1.9)
      kCura.Apps.Common.Data (>= 2.1.9)
      kCura.Apps.Common.Utils (>= 2.1.9)
    kCura.Apps.Common.Data (2.1.9)
    kCura.Apps.Common.Utils (2.1.9)
      Newtonsoft.Json (>= 6.0)
    kCura.EventHandler (11.0.105.1)
      Relativity.API (>= 12.0)
    kCura.Injection (14.0.0)
    Microsoft.ApplicationInsights (2.17.0)
      System.Diagnostics.DiagnosticSource (>= 5.0)
    Microsoft.AspNet.Web.Optimization (1.1.3)
      Microsoft.Web.Infrastructure (>= 1.0)
      WebGrease (>= 1.5.2)
    Microsoft.AspNet.WebApi (5.2.3)
      Microsoft.AspNet.WebApi.WebHost (>= 5.2.3 < 5.3)
    Microsoft.AspNet.WebApi.Client (5.2.3)
      Newtonsoft.Json (>= 6.0.4)
    Microsoft.AspNet.WebApi.Core (5.2.3)
      Microsoft.AspNet.WebApi.Client (>= 5.2.3)
    Microsoft.AspNet.WebApi.WebHost (5.2.3)
      Microsoft.AspNet.WebApi.Core (>= 5.2.3 < 5.3)
    Microsoft.Extensions.Configuration (2.2.0)
    Microsoft.Extensions.Configuration.Binder (2.2.4)
    Microsoft.Extensions.Configuration.EnvironmentVariables (2.2.4)
    Microsoft.Web.Infrastructure (1.0.0.0)
    Moq (4.5.3)
    Newtonsoft.Json (12.0.3) - redirects: force
    NLog (4.7.2)
    NUnit (3.13.2) - redirects: force
    NUnit3TestAdapter (3.13.0)
    NUnitExtras.HierarchicalCategories (1.3.0)
      NUnit (>= 3.7)
    Polly (5.9.0)
    Relativity (40.8.29)
    Relativity.API (17.1.9)
    Relativity.AutomatedWorkflows.SDK (0.10.0-pre.1)
      Relativity.AutomatedWorkflows.Services.Interfaces
    Relativity.AutomatedWorkflows.Services.Interfaces (0.10.0-pre.1)
    Relativity.DataExchange.Client.SDK (1.15.29)
      Newtonsoft.Json (>= 6.0.8)
      Polly (>= 5.7)
      Relativity.Logging (>= 2019.5.1)
      Relativity.ObjectManager (>= 12.1.171.20)
      Relativity.OutsideIn (>= 2021.8)
      Relativity.Telemetry.Services.Interface (>= 3003.0.1)
      Relativity.Transfer.Client (>= 7.4.6 < 7.5)
    Relativity.DataTransfer.Legacy.SDK (0.1.30)
    Relativity.DataTransfer.MessageService (10.2.0)
      Relativity.Kepler.Client (>= 1.0.1.445)
      Relativity.Telemetry.DataContracts.Shared (>= 9.4.159)
      Relativity.Telemetry.Services.Interface (>= 9.6.88.61)
    Relativity.IntegrationPoints.Contracts (1.0.8-pre.3)
      Newtonsoft.Json (>= 6.0.1)
      Relativity.Kepler (>= 2.0.7)
      Relativity.Telemetry.APM (>= 2019.1.1)
    Relativity.IntegrationPoints.SDK (1.0.7)
      kCura.EventHandler (>= 11.0.105.1)
      Newtonsoft.Json (>= 6.0.1)
      Relativity.IntegrationPoints.Services.Interfaces.Private (>= 1.0.3)
      Relativity.Kepler (>= 2.0.7)
      Relativity.Telemetry.APM (>= 2019.1.1)
    Relativity.IntegrationPoints.Services.Interfaces.Private (11.1.0)
      Relativity.API (>= 12.0)
      Relativity.Kepler (>= 2.0.7)
      Relativity.Telemetry.APM (>= 2019.1.1)
    Relativity.Kepler (2.15.3)
    Relativity.Kepler.Client (2.15.3)
      Relativity.Kepler (>= 2.15.3)
    Relativity.Kepler.Client.SDK (2.14.4)
      Relativity.Kepler (>= 2.14.4)
    Relativity.Logging (2019.5.1) - content: none
    Relativity.Logging.Interfaces (2019.5.1)
    Relativity.OAuth2Client (1.0.27)
      Newtonsoft.Json (>= 6.0.8)
      Relativity.OAuth2Client.Interfaces (>= 1.0.27)
    Relativity.OAuth2Client.Interfaces (1.0.27)
    Relativity.ObjectManager (12.1.171.20)
    Relativity.OutsideIn (2021.8.0) - content: none
      Relativity.Logging (>= 2019.5.1)
    Relativity.Services.DataContracts (13.5.0)
    Relativity.Services.Interfaces (13.5.0)
      Relativity.Kepler (>= 2.7)
      Relativity.Services.DataContracts (>= 13.5)
    Relativity.Services.Interfaces.Private (14.0.1)
    Relativity.Telemetry.APM (2019.1.1)
    Relativity.Telemetry.DataContracts.Shared (3003.1.0)
    Relativity.Telemetry.Services.Interface (3003.0.1)
      Relativity.Telemetry.DataContracts.Shared (>= 1.0)
    Relativity.Testing.Framework (4.11.0)
      Castle.Core (>= 3.3 < 4.0)
      Castle.Windsor (>= 3.3 < 4.0)
      Microsoft.ApplicationInsights (>= 2.17)
      Microsoft.Extensions.Configuration (>= 2.2)
      Microsoft.Extensions.Configuration.Binder (>= 2.2.4)
      Microsoft.Extensions.Configuration.EnvironmentVariables (>= 2.2.4)
      Newtonsoft.Json (>= 11.0.2)
      NLog (>= 4.7.2)
      NUnit (>= 3.13.2)
      SemanticVersioning (>= 1.2.2)
    Relativity.Testing.Framework.Api (3.21.0)
      Newtonsoft.Json (>= 11.0.2)
      NUnit (>= 3.13.2)
      Polly (>= 5.7)
      Relativity.DataExchange.Client.SDK (>= 1.10.10)
      Relativity.Testing.Framework (>= 4.11)
    Relativity.Testing.Framework.RingSetup (0.11.0)
      NUnit (>= 3.13.2)
      Relativity.Testing.Framework (>= 4.1 < 5.0)
      Relativity.Testing.Framework.Api (>= 3.2.3 < 4.0)
    Relativity.Testing.Framework.Web (1.1.0)
      Atata (>= 1.6)
      Atata.WebDriverExtras (>= 1.3)
      NUnit (>= 3.13.2)
      Relativity.Testing.Framework (>= 4.1)
      Relativity.Testing.Framework.Api (>= 3.2.3)
      Selenium.WebDriver (>= 3.141)
    Relativity.Testing.Identification (3.5.0)
      NUnit (>= 3.7)
      NUnitExtras.HierarchicalCategories (>= 1.3)
    Relativity.Toggles (1.0.1)
    Relativity.Transfer.Client (7.4.6)
      Newtonsoft.Json (>= 6.0.8)
      Polly (>= 5.3.1)
      Relativity.Kepler.Client.SDK (>= 2.14.4)
      SSH.NET (>= 2016.0)
      System.Reactive (>= 4.0)
    Selenium.Support (4.0.0-beta4)
      Selenium.WebDriver (>= 4.0.0-beta4)
    Selenium.WebDriver (4.0.0-beta4)
    SemanticVersioning (1.2.2)
    SSH.NET (2016.0.0)
    System.Buffers (4.5.1)
    System.Data.SqlClient (4.6.0)
    System.Diagnostics.DiagnosticSource (5.0.0)
      System.Memory (>= 4.5.4)
      System.Runtime.CompilerServices.Unsafe (>= 5.0)
    System.Memory (4.5.4)
      System.Buffers (>= 4.5.1)
      System.Numerics.Vectors (>= 4.5)
      System.Runtime.CompilerServices.Unsafe (>= 4.5.3)
    System.Numerics.Vectors (4.5.0)
    System.Reactive (4.4.1)
      System.Threading.Tasks.Extensions (>= 4.5.4)
      System.ValueTuple (>= 4.5)
    System.Reactive.Linq (4.0.0)
      System.Reactive (>= 4.0)
    System.Runtime.CompilerServices.Unsafe (5.0.0)
    System.Threading.Tasks.Extensions (4.5.4)
      System.Runtime.CompilerServices.Unsafe (>= 4.5.3)
    System.ValueTuple (4.5.0)
    SystemWrapper.Interfaces (0.25.0.186)
    WebGrease (1.6.0)
      Antlr (>= 3.4.1.9004)
      Newtonsoft.Json (>= 5.0.4)
  remote: C:\_Work\_Nuget
    Relativity.Sync (0.1.5-local)
      Autofac (>= 4.9.4 < 5.0)
      Banzai.Autofac (>= 3.0.3 < 4.0)
      Castle.Core (>= 3.3)
      Newtonsoft.Json (>= 6.0.8 < 13.0)
      Polly (>= 5.7 < 6.0)
      Relativity (>= 40.8.29)
      Relativity.API (>= 17.1.9)
      Relativity.AutomatedWorkflows.SDK (>= 0.10.0-pre.1)
      Relativity.AutomatedWorkflows.Services.Interfaces (>= 0.10.0-pre.1)
      Relativity.DataExchange.Client.SDK (1.15.29)
      Relativity.DataTransfer.Legacy.SDK (>= 0.1.30)
      Relativity.Kepler.Client (>= 2.15.3)
      Relativity.OAuth2Client (>= 1.0.27 <= 1.5.2)
      Relativity.Services.Interfaces (>= 13.5)
      Relativity.Services.Interfaces.Private (>= 14.0.1)
      Relativity.Telemetry.APM (>= 2019.1.1 < 2019.2)
      Relativity.Telemetry.DataContracts.Shared (>= 3003.0.1)
      Relativity.Telemetry.Services.Interface (3003.0.1)
      Relativity.Toggles (>= 1.0.1)
      System.Reactive.Linq (4.0)
