STRATEGY: MIN
RESTRICTION: == net462
NUGET
  remote: https://proget.kcura.corp/nuget/NuGet
    Antlr (3.5.0.2)
    AutoMapper (4.2.1)
    Baseclass.Contrib.Nuget.Output (1.0.0)
    BCrypt-Official (0.1.109)
    BenchmarkDotNet (0.10.12)
      BenchmarkDotNet.Core (>= 0.10.12)
      BenchmarkDotNet.Toolchains.Roslyn (>= 0.10.12)
    BenchmarkDotNet.Core (0.10.12)
      Microsoft.DotNet.InternalAbstractions (>= 1.0)
      Microsoft.DotNet.PlatformAbstractions (>= 1.1.1)
      Microsoft.Win32.Registry (>= 4.3)
      System.Threading.Tasks.Extensions (>= 4.3)
      System.ValueTuple (>= 4.3)
      System.Xml.XmlSerializer (>= 4.3)
    BenchmarkDotNet.Toolchains.Roslyn (0.10.12)
      BenchmarkDotNet.Core (>= 0.10.12)
      Microsoft.CodeAnalysis.CSharp (>= 2.4)
      System.Threading.Tasks (>= 4.3)
    Castle.Core (3.3.0)
    Castle.Windsor (3.3.0)
      Castle.Core (>= 3.3)
    Clarius.TransformOnBuild (1.21.0)
    CSharpGuidelineAnalyzer (1.0.3.0)
    DotNetSeleniumExtras.PageObjects (3.11.0)
      Selenium.WebDriver (>= 3.10)
    DotNetSeleniumExtras.WaitHelpers (3.11.0)
      Selenium.WebDriver (>= 3.10)
    Elasticsearch.Net (2.4.1)
    FluentAssertions (4.19.2)
    FluentValidation (6.1.0.0)
    IdentityModel (1.6.0)
      Newtonsoft.Json (>= 6.0.8)
    kCura (10.0.43.9-DEV)
      BCrypt-Official (>= 0.1.109)
      kCura.Injection (>= 10.0.43.9-DEV)
    kCura.Agent (10.0.43.9-DEV)
      kCura (>= 10.0.43.9-DEV)
      Newtonsoft.Json (>= 6.0.6 <= 6.0.8)
      Relativity.API (>= 10.0.43.9-DEV)
      Relativity.Authentication.Interfaces (>= 10.0.43.9-DEV)
      Relativity.Logging.Interfaces (>= 9.4.300)
      Relativity.ServiceBus (>= 2.2.5)
      Relativity.ServiceBus.PriorityQueue (>= 10.0.43.9-DEV)
      Relativity.ServiceBus.Provider.Windows1_1 (>= 2.2.5)
      Relativity.ServiceBus.Utilities (>= 10.0.43.9-DEV)
      Relativity.Toggles (>= 1.0.0.68)
      ServiceBus.v1_1 (>= 1.0.5)
    kCura.Apps.Common.Config (2.1.3)
      kCura.Apps.Common.Data (>= 2.1.3)
      kCura.Apps.Common.Utils (>= 2.1.3)
    kCura.Apps.Common.Data (2.1.3)
    kCura.Apps.Common.Utils (2.1.3)
      Newtonsoft.Json (>= 6.0)
    kCura.EventHandler (10.0.43.9-DEV)
      Relativity.API (>= 10.0.43.9-DEV)
    kCura.FreeImage (3.15.1.1)
    kCura.HTMLSanitizer (1.0.2)
    kCura.Injection (10.0.43.9-DEV)
    kCura.LongPath (1.0.10)
    kCura.OutsideIn.FI.Win32 (2018.6.1) - content: none
    kCura.Relativity.Client (10.0.43.9-DEV)
    libsodium-net (0.8.0)
      Baseclass.Contrib.Nuget.Output
    Microsoft.AspNet.Identity.Core (2.2.1)
    Microsoft.AspNet.Mvc (5.2.3)
      Microsoft.AspNet.Razor (>= 3.2.3 < 3.3)
      Microsoft.AspNet.WebPages (>= 3.2.3 < 3.3)
    Microsoft.AspNet.Razor (3.2.3)
    Microsoft.AspNet.SignalR.Core (2.2.0)
      Microsoft.Owin (>= 2.1)
      Microsoft.Owin.Security (>= 2.1)
      Newtonsoft.Json (>= 6.0.4)
      Owin (>= 1.0)
    Microsoft.AspNet.Web.Optimization (1.1.3)
      Microsoft.Web.Infrastructure (>= 1.0)
      WebGrease (>= 1.5.2)
    Microsoft.AspNet.WebApi (5.2.3)
      Microsoft.AspNet.WebApi.WebHost (>= 5.2.3 < 5.3)
    Microsoft.AspNet.WebApi.Client (5.2.3)
      Newtonsoft.Json (>= 6.0.4)
    Microsoft.AspNet.WebApi.Core (5.2.3)
      Microsoft.AspNet.WebApi.Client (>= 5.2.3)
    Microsoft.AspNet.WebApi.WebHost (5.2.3)
      Microsoft.AspNet.WebApi.Core (>= 5.2.3 < 5.3)
    Microsoft.AspNet.WebPages (3.2.3)
      Microsoft.AspNet.Razor (>= 3.2.3 < 3.3)
      Microsoft.Web.Infrastructure (>= 1.0)
    Microsoft.Bcl (1.1.10)
      Microsoft.Bcl.Build (>= 1.0.14)
    Microsoft.Bcl.Build (1.0.21) - import_targets: false
    Microsoft.CodeAnalysis.Analyzers (1.1.0)
    Microsoft.CodeAnalysis.Common (2.4.0)
      Microsoft.CodeAnalysis.Analyzers (>= 1.1)
      System.AppContext (>= 4.3)
      System.Collections (>= 4.3)
      System.Collections.Concurrent (>= 4.3)
      System.Collections.Immutable (>= 1.3.1)
      System.Console (>= 4.3)
      System.Diagnostics.Debug (>= 4.3)
      System.Diagnostics.FileVersionInfo (>= 4.3)
      System.Diagnostics.StackTrace (>= 4.3)
      System.Diagnostics.Tools (>= 4.3)
      System.Dynamic.Runtime (>= 4.3)
      System.Globalization (>= 4.3)
      System.IO.Compression (>= 4.3)
      System.IO.FileSystem (>= 4.3)
      System.IO.FileSystem.Primitives (>= 4.3)
      System.Linq (>= 4.3)
      System.Linq.Expressions (>= 4.3)
      System.Reflection (>= 4.3)
      System.Reflection.Metadata (>= 1.4.2)
      System.Resources.ResourceManager (>= 4.3)
      System.Runtime (>= 4.3)
      System.Runtime.Extensions (>= 4.3)
      System.Runtime.InteropServices (>= 4.3)
      System.Runtime.Numerics (>= 4.3)
      System.Security.Cryptography.Algorithms (>= 4.3)
      System.Security.Cryptography.Encoding (>= 4.3)
      System.Security.Cryptography.X509Certificates (>= 4.3)
      System.Text.Encoding (>= 4.3)
      System.Text.Encoding.CodePages (>= 4.3)
      System.Text.Encoding.Extensions (>= 4.3)
      System.Threading (>= 4.3)
      System.Threading.Tasks (>= 4.3)
      System.Threading.Tasks.Parallel (>= 4.3)
      System.Threading.Thread (>= 4.3)
      System.ValueTuple (>= 4.3)
      System.Xml.ReaderWriter (>= 4.3)
      System.Xml.XDocument (>= 4.3)
      System.Xml.XmlDocument (>= 4.3)
      System.Xml.XPath.XDocument (>= 4.3)
    Microsoft.CodeAnalysis.CSharp (2.4.0)
      Microsoft.CodeAnalysis.Common (2.4)
    Microsoft.DotNet.InternalAbstractions (1.0.0)
    Microsoft.DotNet.PlatformAbstractions (1.1.1)
    Microsoft.IdentityModel.Protocol.Extensions (1.0.2.206221351)
      System.IdentityModel.Tokens.Jwt (>= 4.0.2.206221351)
    Microsoft.Net.Http (2.2.29)
      Microsoft.Bcl (>= 1.1.10)
      Microsoft.Bcl.Build (>= 1.0.14)
    Microsoft.Owin (3.0.1)
      Owin (>= 1.0)
    Microsoft.Owin.FileSystems (3.0.1)
    Microsoft.Owin.Host.SystemWeb (3.0.1)
      Microsoft.Owin (>= 3.0.1)
      Owin (>= 1.0)
    Microsoft.Owin.Security (3.0.1)
      Microsoft.Owin (>= 3.0.1)
      Owin (>= 1.0)
    Microsoft.Owin.Security.Cookies (3.0.1)
      Microsoft.Owin (>= 3.0.1)
      Microsoft.Owin.Security (>= 3.0.1)
      Owin (>= 1.0)
    Microsoft.Owin.Security.OAuth (3.0.1)
      Microsoft.Owin (>= 3.0.1)
      Microsoft.Owin.Security (>= 3.0.1)
      Newtonsoft.Json (>= 6.0.4)
      Owin (>= 1.0)
    Microsoft.Owin.Security.OpenIdConnect (3.0.1)
      Microsoft.IdentityModel.Protocol.Extensions (>= 1.0)
      Microsoft.Owin (>= 3.0.1)
      Microsoft.Owin.Security (>= 3.0.1)
      Owin (>= 1.0)
      System.IdentityModel.Tokens.Jwt (>= 4.0)
    Microsoft.Owin.StaticFiles (3.0.1)
      Microsoft.Owin (>= 3.0.1)
      Microsoft.Owin.FileSystems (>= 3.0.1)
      Owin (>= 1.0)
    Microsoft.Web.Administration (7.0.0.0)
    Microsoft.Web.Infrastructure (1.0.0.0)
    Microsoft.Win32.Registry (4.3.0)
    Microsoft.WindowsAzure.ConfigurationManager (2.0.0.0)
    Mono.TextTransform (1.0.0)
    Moq (4.5.3)
    NEST (1.4.3)
      Elasticsearch.Net (>= 1.4.3)
      Newtonsoft.Json (>= 6.0.1)
    Newtonsoft.Json (6.0.8)
    NSubstitute (1.10.0.0)
    NuGetPowerTools (0.29)
    NUnit (3.4.1)
    Owin (1.0)
    Polly (5.3.1)
    Relativity (10.0.43.9-DEV)
    Relativity.API (10.0.43.9-DEV)
    Relativity.Authentication (10.0.43.9-DEV)
      IdentityModel (>= 1.6)
      kCura (>= 10.0.43.9-DEV)
      Microsoft.AspNet.Identity.Core (>= 2.2.1)
      Microsoft.IdentityModel.Protocol.Extensions (>= 1.0.2.206221351)
      Microsoft.Owin (>= 3.0.1)
      Microsoft.Owin.FileSystems (>= 3.0.1)
      Microsoft.Owin.Host.SystemWeb (>= 3.0.1)
      Microsoft.Owin.Security (>= 3.0.1)
      Microsoft.Owin.Security.Cookies (>= 3.0.1)
      Microsoft.Owin.Security.OAuth (>= 3.0.1)
      Microsoft.Owin.Security.OpenIdConnect (>= 3.0.1)
      Microsoft.Owin.StaticFiles (>= 3.0.1)
      Microsoft.Web.Administration (>= 7.0)
      Newtonsoft.Json (>= 6.0.6 <= 6.0.8)
      Owin (>= 1.0)
      Relativity (>= 10.0.43.9-DEV)
      Relativity.API (>= 10.0.43.9-DEV)
      Relativity.Authentication.Interfaces (>= 10.0.43.9-DEV)
      Relativity.Logging.Interfaces (>= 9.4.300)
      Relativity.Toggles (>= 1.0.0.68)
      System.IdentityModel.Tokens.Jwt (>= 4.0.2.206221351)
    Relativity.Authentication.Interfaces (10.0.43.9-DEV)
    Relativity.Core (10.0.43.9-DEV)
    Relativity.CustomPages (10.0.43.9-DEV)
    Relativity.Data (10.0.43.9-DEV)
    Relativity.DataTransfer.MessageService (10.0.0)
      Relativity.Kepler.Client (>= 1.0.1.445)
      Relativity.Telemetry.DataContracts.Shared (>= 9.4.159)
      Relativity.Telemetry.Services.Interface (>= 9.6.88.61)
    relativity.faspmanager (3.7.2.0)
      Newtonsoft.Json (>= 6.0.8)
      NuGetPowerTools (>= 0.29)
    Relativity.ImportExport (10.0.43.9-DEV)
      kCura (>= 10.0)
      kCura.OutsideIn.FI.Win32 (>= 2018.6.1)
      Relativity.DataTransfer.MessageService (>= 9.8)
      Relativity.Logging (>= 9.4.319)
      relativity.transfer.client (>= 4.2.3)
      ZetaLongPaths (>= 1.0.0.16)
    Relativity.Kepler (1.0.1.445)
    Relativity.Kepler.Client (1.0.1.445)
      Relativity.Kepler (>= 1.0.1.445)
    Relativity.Logging (9.4.320)
    Relativity.Logging.Interfaces (9.4.320)
    Relativity.OAuth2Client (1.0.23)
      Newtonsoft.Json (>= 6.0.8)
      Relativity.OAuth2Client.Interfaces (>= 1.0.23)
    Relativity.OAuth2Client.Interfaces (1.0.23)
    Relativity.Productions.Services.Interfaces (9.7.4)
    Relativity.SecretCatalog (1.0.19)
    Relativity.SecretCatalog.AzureKeyVault (1.0.19)
      Relativity.SecretCatalog (>= 1.0.19)
    Relativity.ServiceBus (2.3.5)
    Relativity.ServiceBus.PriorityQueue (10.0.43.9-DEV)
      Relativity.API (>= 10.0.43.9-DEV)
      Relativity.ServiceBus (>= 2.2.5)
      ServiceBus.v1_1 (>= 1.0.5)
    Relativity.ServiceBus.Provider.Azure (2.2.5)
      Relativity.ServiceBus (>= 2.2.5)
    Relativity.ServiceBus.Provider.Windows1_1 (2.2.5)
      Relativity.ServiceBus (>= 2.2.5)
    Relativity.ServiceBus.Utilities (10.0.43.9-DEV)
      kCura (>= 10.0.43.9-DEV)
      Newtonsoft.Json (>= 6.0.6)
      Relativity (>= 10.0.43.9-DEV)
      Relativity.API (>= 10.0.43.9-DEV)
      Relativity.Logging.Interfaces (>= 9.4.300)
      Relativity.ServiceBus (>= 2.2.5)
      Relativity.ServiceBus.Provider.Azure (>= 2.2.5)
      Relativity.ServiceBus.Provider.Windows1_1 (>= 2.2.5)
    Relativity.Services.DataContracts (10.0.43.9-DEV)
    Relativity.Services.Interfaces (10.0.43.9-DEV)
      Relativity.Services.DataContracts (>= 10.0.43.9-DEV)
    Relativity.Services.Interfaces.Private (10.0.43.9-DEV)
      Relativity (>= 10.0.43.9-DEV)
      Relativity.Kepler (>= 1.0.1.409)
      Relativity.SecretCatalog (>= 1.0.18)
      Relativity.Services.DataContracts (>= 10.0.43.9-DEV)
      Relativity.Services.Interfaces (>= 10.0.43.9-DEV)
      Relativity.Telemetry.DataContracts.Shared (>= 9.4.74)
    Relativity.Telemetry.APM (9.4.164)
    Relativity.Telemetry.DataContracts.Shared (9.4.164)
    Relativity.Telemetry.MetricsCollection (9.4.164)
      Relativity.Kepler.Client (>= 1.0.1.409)
      Relativity.Telemetry.DataContracts.Shared (>= 9.4.164)
    Relativity.Telemetry.Services.Interface (10.0.43.9-DEV)
    Relativity.Toggles (1.0.0.84)
    relativity.transfer.client (4.2.3)
      Newtonsoft.Json (>= 6.0.8)
      Polly (>= 5.3.1)
      relativity.faspmanager (3.7.2)
      Relativity.Logging (>= 9.4.315)
      Relativity.Logging.Interfaces (>= 9.4.315)
      SSH.NET (2016.0)
    Relativity.Vfs (1.0.22)
    Relativity.Vfs.IO (1.0.22)
      Relativity.Vfs (>= 1.0.22)
      Rx-Core (>= 2.2.5)
      Rx-Interfaces (>= 2.2.5)
      Rx-Linq (>= 2.2.5)
      Rx-Main (>= 2.2.5)
      Rx-PlatformServices (>= 2.2.5)
    RelativityCore (10.0.43.9-DEV)
      Castle.Core (>= 3.3)
      Castle.Windsor (>= 3.3)
      Elasticsearch.Net (>= 1.4.3)
      FluentValidation (>= 6.1)
      kCura (>= 10.0.43.9-DEV)
      kCura.HTMLSanitizer (>= 1.0.2)
      libsodium-net (>= 0.8)
      Microsoft.AspNet.Identity.Core (>= 2.2.1)
      Microsoft.IdentityModel.Protocol.Extensions (>= 1.0)
      Microsoft.Owin (>= 3.0.1)
      Microsoft.Owin.FileSystems (>= 3.0.1)
      Microsoft.Owin.Host.SystemWeb (>= 3.0.1)
      Microsoft.Owin.Security (>= 3.0.1)
      Microsoft.Owin.Security.Cookies (>= 3.0.1)
      Microsoft.Owin.Security.OAuth (>= 3.0.1)
      Microsoft.Owin.Security.OpenIdConnect (>= 3.0.1)
      Microsoft.Owin.StaticFiles (>= 3.0.1)
      Microsoft.Web.Administration (>= 7.0)
      Microsoft.WindowsAzure.ConfigurationManager (>= 2.0)
      NEST (>= 1.4.3)
      Newtonsoft.Json (>= 6.0.8)
      Owin (>= 1.0)
      Relativity.Kepler (>= 1.0.1.409)
      Relativity.Kepler.Client (>= 1.0.1.409)
      Relativity.SecretCatalog (>= 1.0.18)
      Relativity.SecretCatalog.AzureKeyVault (>= 1.0.18)
      Relativity.ServiceBus (>= 2.2.5)
      Relativity.Services.DataContracts (>= 10.0.43.9-DEV)
      Relativity.Services.Interfaces (>= 10.0.43.9-DEV)
      Relativity.Services.Interfaces.Private (>= 10.0.43.9-DEV)
      Relativity.Telemetry.DataContracts.Shared (>= 9.4.74)
      Relativity.Telemetry.MetricsCollection (>= 9.4.74)
      Relativity.Toggles (>= 1.0.0.68)
      Relativity.Vfs (>= 1.0.20)
      Relativity.Vfs.IO (>= 1.0.20)
      Serilog (>= 1.5.9)
      Serilog.Sinks.Elasticsearch (>= 2.0.60)
      Serilog.Sinks.MSSqlServer (>= 1.4.168)
      ServiceBus.v1_1 (>= 1.0.5)
      StackExchange.Redis (>= 1.0.328)
      System.IdentityModel.Tokens.Jwt (>= 4.0.1)
      SystemWrapper.Interfaces (>= 0.7)
      SystemWrapper.Wrappers (>= 0.7)
      Thinktecture.IdentityModel.Client (>= 4.0.1)
    Rx-Core (2.2.5)
      Rx-Interfaces (>= 2.2.5)
    Rx-Interfaces (2.2.5)
    Rx-Linq (2.2.5)
      Rx-Core (>= 2.2.5)
      Rx-Interfaces (>= 2.2.5)
    Rx-Main (2.2.5)
      Rx-Core (>= 2.2.5)
      Rx-Interfaces (>= 2.2.5)
      Rx-Linq (>= 2.2.5)
      Rx-PlatformServices (>= 2.2.5)
    Rx-PlatformServices (2.2.5)
      Rx-Core (>= 2.2.5)
      Rx-Interfaces (>= 2.2.5)
    Selenium.Support (3.13.1)
      Selenium.WebDriver (>= 3.13.1)
    Selenium.WebDriver (3.13.1)
    Selenium.WebDriver.ChromeDriver (2.40.0)
    Serilog (2.7.1)
    Serilog.Formatting.Compact (1.0.0)
      Serilog (>= 2.0)
    Serilog.Sinks.Console (3.1.1)
      Serilog (>= 2.5)
    Serilog.Sinks.Elasticsearch (4.0.142)
      Elasticsearch.Net (>= 2.4.1)
      Serilog (>= 2.0)
      Serilog.Sinks.File (>= 2.1)
      Serilog.Sinks.PeriodicBatching (>= 2.0)
      Serilog.Sinks.RollingFile (>= 2.1)
    Serilog.Sinks.File (4.0.0)
      Serilog (>= 2.5)
    Serilog.Sinks.MSSqlServer (1.4.168)
      Serilog (>= 1.4.168)
    Serilog.Sinks.PeriodicBatching (2.1.1)
      Serilog (>= 2.0)
    Serilog.Sinks.RollingFile (2.1.0)
      Serilog (>= 2.0)
      Serilog.Sinks.File (>= 2.0)
    Serilog.Sinks.Seq (4.0.0)
      Serilog (>= 2.5)
      Serilog.Formatting.Compact (>= 1.0)
      Serilog.Sinks.File (>= 4.0)
      Serilog.Sinks.PeriodicBatching (>= 2.1.1)
    ServiceBus.v1_1 (1.0.5)
      Microsoft.WindowsAzure.ConfigurationManager (>= 2.0)
    SSH.NET (2016.0.0)
    StackExchange.Redis (1.0.328)
    System.AppContext (4.3.0)
    System.Collections (4.3.0)
    System.Collections.Concurrent (4.3.0)
    System.Collections.Immutable (1.3.1)
    System.Console (4.3.0)
    System.Diagnostics.Debug (4.3.0)
    System.Diagnostics.FileVersionInfo (4.3.0)
    System.Diagnostics.StackTrace (4.3.0)
    System.Diagnostics.Tools (4.3.0)
    System.Dynamic.Runtime (4.3.0)
    System.Globalization (4.3.0)
    System.IdentityModel.Tokens.Jwt (4.0.2.206221351)
    System.IO.Compression (4.3.0)
    System.IO.FileSystem (4.3.0)
      System.IO.FileSystem.Primitives (>= 4.3)
    System.IO.FileSystem.Primitives (4.3.0)
    System.Linq (4.3.0)
    System.Linq.Expressions (4.3.0)
    System.Reflection (4.3.0)
    System.Reflection.Metadata (1.4.2)
      System.Collections.Immutable (>= 1.3.1)
    System.Resources.ResourceManager (4.3.0)
    System.Runtime (4.3.0)
    System.Runtime.Extensions (4.3.0)
    System.Runtime.InteropServices (4.3.0)
      System.Runtime (>= 4.3)
    System.Runtime.Numerics (4.3.0)
    System.Security.Cryptography.Algorithms (4.3.0)
      System.Security.Cryptography.Primitives (>= 4.3)
    System.Security.Cryptography.Encoding (4.3.0)
    System.Security.Cryptography.Primitives (4.3.0)
    System.Security.Cryptography.X509Certificates (4.3.0)
      System.Security.Cryptography.Algorithms (>= 4.3)
      System.Security.Cryptography.Encoding (>= 4.3)
    System.Text.Encoding (4.3.0)
    System.Text.Encoding.CodePages (4.3.0)
    System.Text.Encoding.Extensions (4.3.0)
    System.Threading (4.3.0)
    System.Threading.Tasks (4.3.0)
    System.Threading.Tasks.Extensions (4.3.0)
    System.Threading.Tasks.Parallel (4.3.0)
    System.Threading.Thread (4.3.0)
    System.ValueTuple (4.3.0)
    System.Xml.ReaderWriter (4.3.0)
    System.Xml.XDocument (4.3.0)
    System.Xml.XmlDocument (4.3.0)
    System.Xml.XmlSerializer (4.3.0)
    System.Xml.XPath (4.3.0)
    System.Xml.XPath.XDocument (4.3.0)
      System.Xml.XPath (>= 4.3)
    SystemWrapper.Interfaces (0.19.0.115)
    SystemWrapper.Wrappers (0.19.0.115)
      SystemWrapper.Interfaces (0.19.0.115)
    Thinktecture.IdentityModel.Client (4.0.1)
      Newtonsoft.Json (>= 6.0.5)
    WebGrease (1.6.0)
      Antlr (>= 3.4.1.9004)
      Newtonsoft.Json (>= 5.0.4)
    ZetaLongPaths (1.0.0.16)

GROUP Newtonsoft8
NUGET
  remote: https://proget.kcura.corp/nuget/NuGet
    Newtonsoft.Json (8.0.1)
