STRATEGY: MIN
RESTRICTION: == net462
NUGET
  remote: https://proget.kcura.corp/nuget/NuGet
    Antlr (3.5.0.2)
    ARMTestServices (1.1.1)
    AutoMapper (4.2.1)
    BCrypt.Net-Core (1.6.0)
    BenchmarkDotNet (0.10.12)
      BenchmarkDotNet.Core (>= 0.10.12)
      BenchmarkDotNet.Toolchains.Roslyn (>= 0.10.12)
    BenchmarkDotNet.Core (0.10.12)
      Microsoft.DotNet.InternalAbstractions (>= 1.0)
      Microsoft.DotNet.PlatformAbstractions (>= 1.1.1)
      Microsoft.Win32.Registry (>= 4.3)
      System.Threading.Tasks.Extensions (>= 4.3)
      System.ValueTuple (>= 4.3)
      System.Xml.XmlSerializer (>= 4.3)
    BenchmarkDotNet.Toolchains.Roslyn (0.10.12)
      BenchmarkDotNet.Core (>= 0.10.12)
      Microsoft.CodeAnalysis.CSharp (>= 2.4)
      System.Threading.Tasks (>= 4.3)
    Castle.Core (3.3.0)
    Castle.Windsor (3.3.0)
      Castle.Core (>= 3.3)
    CSharpGuidelineAnalyzer (1.0.3.0)
    DotNetSeleniumExtras.PageObjects (3.11.0)
      Selenium.WebDriver (>= 3.10)
    DotNetSeleniumExtras.WaitHelpers (3.11.0)
      Selenium.WebDriver (>= 3.10)
    FluentAssertions (4.19.4)
    iTextSharp (5.5.13.1)
    kCura (13.1.0)
      BCrypt.Net-Core (>= 1.6)
      kCura.Injection (>= 13.1)
    kCura.Agent (14.1.1)
      kCura (>= 13.0.6)
      Newtonsoft.Json (>= 8.0.1)
      Relativity.AmbientData (>= 0.1.2)
      Relativity.API (>= 14.1.1)
      Relativity.Logging.Interfaces (>= 2019.10.2)
      Relativity.Platform (>= 13.1)
      Relativity.ServiceBus (>= 2.4.3)
      Relativity.ServiceBus.Patterns (>= 2.4.3)
      Relativity.ServiceBus.Provider.Windows1_1 (>= 2.4.3)
      Relativity.Toggles (>= 1.0.1)
    kCura.Apps.Common.Config (2.1.9)
      kCura.Apps.Common.Data (>= 2.1.9)
      kCura.Apps.Common.Utils (>= 2.1.9)
    kCura.Apps.Common.Data (2.1.9)
    kCura.Apps.Common.Utils (2.1.9)
      Newtonsoft.Json (>= 6.0)
    kCura.EventHandler (15.1.0)
      Relativity.API (>= 15.1)
    kCura.FreeImage (3.17.0.1)
    kCura.Injection (13.1.0)
    kCura.LongPath (1.0.20)
    kCura.OutsideIn.FI.Win32 (2020.7.0) - content: none
    LanguageExt.Core (3.1.15)
      Microsoft.CSharp (>= 4.5)
      System.Reflection.Emit (>= 4.3)
      System.ValueTuple (>= 4.5)
    Microsoft.AspNet.Mvc (5.2.3)
      Microsoft.AspNet.Razor (>= 3.2.3 < 3.3)
      Microsoft.AspNet.WebPages (>= 3.2.3 < 3.3)
    Microsoft.AspNet.Razor (3.2.3)
    Microsoft.AspNet.SignalR.Core (2.2.0)
      Microsoft.Owin (>= 2.1)
      Microsoft.Owin.Security (>= 2.1)
      Newtonsoft.Json (>= 6.0.4)
      Owin (>= 1.0)
    Microsoft.AspNet.Web.Optimization (1.1.3)
      Microsoft.Web.Infrastructure (>= 1.0)
      WebGrease (>= 1.5.2)
    Microsoft.AspNet.WebApi (5.2.3)
      Microsoft.AspNet.WebApi.WebHost (>= 5.2.3 < 5.3)
    Microsoft.AspNet.WebApi.Client (5.2.3)
      Newtonsoft.Json (>= 6.0.4)
    Microsoft.AspNet.WebApi.Core (5.2.3)
      Microsoft.AspNet.WebApi.Client (>= 5.2.3)
    Microsoft.AspNet.WebApi.WebHost (5.2.3)
      Microsoft.AspNet.WebApi.Core (>= 5.2.3 < 5.3)
    Microsoft.AspNet.WebPages (3.2.3)
      Microsoft.AspNet.Razor (>= 3.2.3 < 3.3)
      Microsoft.Web.Infrastructure (>= 1.0)
    Microsoft.Bcl (1.1.10)
      Microsoft.Bcl.Build (>= 1.0.14)
    Microsoft.Bcl.Build (1.0.21) - import_targets: false
    Microsoft.CodeAnalysis.Analyzers (1.1.0)
    Microsoft.CodeAnalysis.Common (2.4.0)
      Microsoft.CodeAnalysis.Analyzers (>= 1.1)
      System.AppContext (>= 4.3)
      System.Collections (>= 4.3)
      System.Collections.Concurrent (>= 4.3)
      System.Collections.Immutable (>= 1.3.1)
      System.Console (>= 4.3)
      System.Diagnostics.Debug (>= 4.3)
      System.Diagnostics.FileVersionInfo (>= 4.3)
      System.Diagnostics.StackTrace (>= 4.3)
      System.Diagnostics.Tools (>= 4.3)
      System.Dynamic.Runtime (>= 4.3)
      System.Globalization (>= 4.3)
      System.IO.Compression (>= 4.3)
      System.IO.FileSystem (>= 4.3)
      System.IO.FileSystem.Primitives (>= 4.3)
      System.Linq (>= 4.3)
      System.Linq.Expressions (>= 4.3)
      System.Reflection (>= 4.3)
      System.Reflection.Metadata (>= 1.4.2)
      System.Resources.ResourceManager (>= 4.3)
      System.Runtime (>= 4.3)
      System.Runtime.Extensions (>= 4.3)
      System.Runtime.InteropServices (>= 4.3)
      System.Runtime.Numerics (>= 4.3)
      System.Security.Cryptography.Algorithms (>= 4.3)
      System.Security.Cryptography.Encoding (>= 4.3)
      System.Security.Cryptography.X509Certificates (>= 4.3)
      System.Text.Encoding (>= 4.3)
      System.Text.Encoding.CodePages (>= 4.3)
      System.Text.Encoding.Extensions (>= 4.3)
      System.Threading (>= 4.3)
      System.Threading.Tasks (>= 4.3)
      System.Threading.Tasks.Parallel (>= 4.3)
      System.Threading.Thread (>= 4.3)
      System.ValueTuple (>= 4.3)
      System.Xml.ReaderWriter (>= 4.3)
      System.Xml.XDocument (>= 4.3)
      System.Xml.XmlDocument (>= 4.3)
      System.Xml.XPath.XDocument (>= 4.3)
    Microsoft.CodeAnalysis.CSharp (2.4.0)
      Microsoft.CodeAnalysis.Common (2.4)
    Microsoft.CSharp (4.5.0)
    Microsoft.DotNet.InternalAbstractions (1.0.0)
    Microsoft.DotNet.PlatformAbstractions (1.1.1)
    Microsoft.Net.Http (2.2.29)
      Microsoft.Bcl (>= 1.1.10)
      Microsoft.Bcl.Build (>= 1.0.14)
    Microsoft.Owin (4.1.1)
      Owin (>= 1.0)
    Microsoft.Owin.Host.SystemWeb (4.1.1)
      Microsoft.Owin (>= 4.1.1)
      Owin (>= 1.0)
    Microsoft.Owin.Security (3.1.0)
      Microsoft.Owin (>= 3.1)
      Owin (>= 1.0)
    Microsoft.Web.Infrastructure (1.0.0.0)
    Microsoft.Win32.Registry (4.3.0)
    Mono.TextTransform (1.0.0)
    Moq (4.5.3)
    netDumbster (2.0.0.4)
    Newtonsoft.Json (12.0.3)
    NSubstitute (1.10.0.0)
    NUnit (3.11.0) - redirects: force
    NUnitExtras.HierarchicalCategories (1.3.0)
      NUnit (>= 3.7)
    Owin (1.0)
    Polly (5.9.0)
    Relativity (15.4.13)
    Relativity.AmbientData (0.1.2)
      Relativity.Logging.Interfaces (>= 2019.2.0-DEV-1)
      Relativity.Toggles (>= 1.0.1)
    Relativity.API (15.1.0)
    Relativity.AutomatedWorkflows.Services.Interfaces (0.1.1-pre.6)
    Relativity.CustomPages (13.3.0)
    Relativity.Data (13.3.7)
      Relativity (>= 13.3.7)
    Relativity.DataExchange.Client.SDK (1.14.3)
      Newtonsoft.Json (>= 6.0.8)
      Polly (>= 5.7)
      Relativity.Logging (>= 3000.0.1)
      Relativity.ObjectManager (>= 12.1.171.20)
      Relativity.OutsideIn (>= 2021.3.1)
      Relativity.Telemetry.Services.Interface (>= 3000.0.1)
      relativity.transfer.client (>= 7.3.8 < 7.6)
    Relativity.DataGrid (14.0.0)
    Relativity.DataTransfer.MessageService (10.2.0)
      Relativity.Kepler.Client (>= 1.0.1.445)
      Relativity.Telemetry.DataContracts.Shared (>= 9.4.159)
      Relativity.Telemetry.Services.Interface (>= 9.6.88.61)
    Relativity.IntegrationPoints.Contracts (1.0.8)
      Newtonsoft.Json (>= 6.0.1)
      Relativity.Kepler (>= 2.0.7)
      Relativity.Telemetry.APM (>= 2019.1.1)
    Relativity.IntegrationPoints.SDK (1.0.8)
      kCura.EventHandler (>= 11.0.105.1)
      Newtonsoft.Json (>= 6.0.1)
      Relativity.IntegrationPoints.Services.Interfaces.Private (>= 1.0.3)
      Relativity.Kepler (>= 2.0.7)
      Relativity.Telemetry.APM (>= 2019.1.1)
    Relativity.IntegrationPoints.Services.Interfaces.Private (1.0.5)
      Relativity.API (>= 12.0)
      Relativity.Kepler (>= 2.0.7)
      Relativity.Telemetry.APM (>= 2019.1.1)
    Relativity.Kepler (2.14.3)
    Relativity.Kepler.Client (2.14.3)
      Relativity.Kepler (>= 2.14.3)
    Relativity.Kepler.Service (2.7.0)
      Relativity.Kepler (>= 2.7)
    Relativity.Logging (3000.0.1)
    Relativity.Logging.Interfaces (3000.0.1)
    Relativity.OAuth2Client (1.5.2)
      Newtonsoft.Json (>= 6.0.8)
      Relativity.OAuth2Client.Interfaces (>= 1.0)
    Relativity.OAuth2Client.Interfaces (1.5.2)
    Relativity.ObjectManager (12.1.171.20)
    Relativity.OutsideIn (2021.3.1) - content: none
      Relativity.Logging (>= 2019.5.1)
    Relativity.Platform (13.2.0)
    Relativity.Productions.Services.Interfaces (11.1.0)
    Relativity.ServiceBus (2.4.3)
    Relativity.ServiceBus.Patterns (2.4.3)
      Relativity.ServiceBus (>= 1.0)
    Relativity.ServiceBus.Provider.Windows1_1 (2.4.3)
      Relativity.ServiceBus (>= 1.0)
    Relativity.Services.DataContracts (13.2.5)
    Relativity.Services.Interfaces (13.2.5)
      Relativity.Kepler (>= 2.7)
      Relativity.Kepler.Service (>= 2.7)
      Relativity.Services.DataContracts (>= 13.2.5)
    Relativity.Services.Interfaces.Private (13.1.4)
    Relativity.Telemetry.APM (2019.1.1)
    Relativity.Telemetry.DataContracts.Shared (3000.0.0)
    Relativity.Telemetry.MetricsCollection (2018.12.2)
      Relativity.Kepler.Client (>= 1.0.1.409)
      Relativity.Telemetry.DataContracts.Shared (>= 2018.12.2)
    Relativity.Telemetry.Services.Interface (3000.0.1)
    Relativity.Testing.Identification (3.5.0)
      NUnit (>= 3.7)
      NUnitExtras.HierarchicalCategories (>= 1.3)
    Relativity.Toggles (1.0.1)
    relativity.transfer.client (7.3.8)
      Newtonsoft.Json (>= 6.0.8)
      Polly (>= 5.3.1)
      SSH.NET (>= 2016.0)
      System.Reactive (>= 4.0)
    Relativity.Vfs (1.0.24)
    Relativity.Vfs.IO (1.0.24)
      Relativity.Vfs (>= 1.0.24)
      Rx-Core (>= 2.2.5)
      Rx-Interfaces (>= 2.2.5)
      Rx-Linq (>= 2.2.5)
      Rx-Main (>= 2.2.5)
      Rx-PlatformServices (>= 2.2.5)
    Rx-Core (2.2.5)
      Rx-Interfaces (>= 2.2.5)
    Rx-Interfaces (2.2.5)
    Rx-Linq (2.2.5)
      Rx-Core (>= 2.2.5)
      Rx-Interfaces (>= 2.2.5)
    Rx-Main (2.2.5)
      Rx-Core (>= 2.2.5)
      Rx-Interfaces (>= 2.2.5)
      Rx-Linq (>= 2.2.5)
      Rx-PlatformServices (>= 2.2.5)
    Rx-PlatformServices (2.2.5)
      Rx-Core (>= 2.2.5)
      Rx-Interfaces (>= 2.2.5)
    Selenium.Support (3.141.0)
      Selenium.WebDriver (>= 3.141)
    Selenium.WebDriver (3.141.0)
    Selenium.WebDriver.ChromeDriver (78.0.3904.1100-beta)
    Selenium.WebDriver.GeckoDriver (0.24.0)
    Serilog (1.5.14)
    Serilog.Sinks.Seq (1.5.36)
      Serilog (>= 1.5.10)
    SSH.NET (2016.0.0)
    System.AppContext (4.3.0)
    System.Collections (4.3.0)
    System.Collections.Concurrent (4.3.0)
    System.Collections.Immutable (1.3.1)
    System.Console (4.3.0)
    System.Diagnostics.Debug (4.3.0)
    System.Diagnostics.FileVersionInfo (4.3.0)
    System.Diagnostics.StackTrace (4.3.0)
    System.Diagnostics.Tools (4.3.0)
    System.Dynamic.Runtime (4.3.0)
    System.Globalization (4.3.0)
    System.IO.Compression (4.3.0)
    System.IO.FileSystem (4.3.0)
      System.IO.FileSystem.Primitives (>= 4.3)
    System.IO.FileSystem.Primitives (4.3.0)
    System.Linq (4.3.0)
    System.Linq.Expressions (4.3.0)
    System.Reactive (4.0.0)
    System.Reflection (4.3.0)
    System.Reflection.Emit (4.3.0)
    System.Reflection.Metadata (1.4.2)
      System.Collections.Immutable (>= 1.3.1)
    System.Resources.ResourceManager (4.3.0)
    System.Runtime (4.3.0)
    System.Runtime.Extensions (4.3.0)
    System.Runtime.InteropServices (4.3.0)
      System.Runtime (>= 4.3)
    System.Runtime.Numerics (4.3.0)
    System.Security.Cryptography.Algorithms (4.3.0)
      System.Security.Cryptography.Primitives (>= 4.3)
    System.Security.Cryptography.Encoding (4.3.0)
    System.Security.Cryptography.Primitives (4.3.0)
    System.Security.Cryptography.X509Certificates (4.3.0)
      System.Security.Cryptography.Algorithms (>= 4.3)
      System.Security.Cryptography.Encoding (>= 4.3)
    System.Text.Encoding (4.3.0)
    System.Text.Encoding.CodePages (4.3.0)
    System.Text.Encoding.Extensions (4.3.0)
    System.Threading (4.3.0)
    System.Threading.Tasks (4.3.0)
    System.Threading.Tasks.Extensions (4.3.0)
    System.Threading.Tasks.Parallel (4.3.0)
    System.Threading.Thread (4.3.0)
    System.ValueTuple (4.5.0)
    System.Xml.ReaderWriter (4.3.0)
    System.Xml.XDocument (4.3.0)
    System.Xml.XmlDocument (4.3.0)
    System.Xml.XmlSerializer (4.3.0)
    System.Xml.XPath (4.3.0)
    System.Xml.XPath.XDocument (4.3.0)
      System.Xml.XPath (>= 4.3)
    SystemWrapper.Interfaces (0.25.0.186)
    SystemWrapper.Wrappers (0.25.0.186)
      SystemWrapper.Interfaces (0.25.0.186)
    WebGrease (1.6.0)
      Antlr (>= 3.4.1.9004)
      Newtonsoft.Json (>= 5.0.4)
    ZetaLongPaths (1.0.0.16)

GROUP Sync
STRATEGY: MIN
RESTRICTION: == net462
NUGET
  remote: https://proget.kcura.corp/nuget/NuGet
    Autofac (4.9.4)
    Banzai (3.0.3)
    Banzai.Autofac (3.0.3)
    Castle.Core (3.3.0)
    kCura.Apps.Common.Utils (2.1.9)
      Newtonsoft.Json (>= 6.0)
    Newtonsoft.Json (12.0.3)
    Polly (5.9.0)
    Relativity (15.4.13)
    Relativity.API (15.1.0)
    Relativity.AutomatedWorkflows.Services.Interfaces (0.1.1-pre.6)
    Relativity.DataExchange.Client.SDK (1.14.3)
      Newtonsoft.Json (>= 6.0.8)
      Polly (>= 5.7)
      Relativity.Logging (>= 3000.0.1)
      Relativity.ObjectManager (>= 12.1.171.20)
      Relativity.OutsideIn (>= 2021.3.1)
      Relativity.Telemetry.Services.Interface (>= 3000.0.1)
      relativity.transfer.client (>= 7.3.8 < 7.6)
    Relativity.Kepler (2.14.3)
    Relativity.Kepler.Client (2.14.3)
      Relativity.Kepler (>= 2.14.3)
    Relativity.Kepler.Service (2.7.0)
      Relativity.Kepler (>= 2.7)
    Relativity.Logging (3000.0.1)
    Relativity.OAuth2Client (1.0.27)
      Newtonsoft.Json (>= 6.0.8)
      Relativity.OAuth2Client.Interfaces (>= 1.0.27)
    Relativity.OAuth2Client.Interfaces (1.0.27)
    Relativity.ObjectManager (12.1.171.20)
    Relativity.OutsideIn (2021.3.1)
      Relativity.Logging (>= 2019.5.1)
    Relativity.Services.DataContracts (13.2.5)
    Relativity.Services.Interfaces (13.2.5)
      Relativity.Kepler (>= 2.7)
      Relativity.Kepler.Service (>= 2.7)
      Relativity.Services.DataContracts (>= 13.2.5)
    Relativity.Services.Interfaces.Private (13.1.4)
    Relativity.Sync (0.8.0-pre.2)
      Autofac (>= 4.9.4 < 5.0)
      Banzai.Autofac (>= 3.0.3 < 4.0)
      Castle.Core (>= 3.3)
      Newtonsoft.Json (>= 12.0.3 < 13.0)
      Polly (>= 5.7 < 6.0)
      Relativity (>= 15.4.13 < 16.0)
      Relativity.API (15.1)
      Relativity.AutomatedWorkflows.Services.Interfaces (0.1.1-pre.6)
      Relativity.DataExchange.Client.SDK (1.14.3)
      Relativity.Kepler.Client (>= 2.14.3 < 3.0)
      Relativity.OAuth2Client (>= 1.0.27 <= 1.5.2)
      Relativity.Services.Interfaces (13.2.5)
      Relativity.Services.Interfaces.Private (13.1.4)
      Relativity.Telemetry.APM (>= 2019.1.1 < 2019.2)
      Relativity.Telemetry.DataContracts.Shared (>= 3000.0.1)
      Relativity.Telemetry.Services.Interface (3000.0.1)
      System.Reactive.Linq (4.0)
    Relativity.Telemetry.APM (2019.1.1)
    Relativity.Telemetry.DataContracts.Shared (3000.0.1)
    Relativity.Telemetry.Services.Interface (3000.0.1)
    relativity.transfer.client (7.3.8)
      Newtonsoft.Json (>= 6.0.8)
      Polly (>= 5.3.1)
      SSH.NET (>= 2016.0)
      System.Reactive (>= 4.0)
    SSH.NET (2016.0.0)
    System.Reactive (4.0.0)
    System.Reactive.Linq (4.0.0)
      System.Reactive (>= 4.0)

GROUP Tests
STRATEGY: MIN
RESTRICTION: == net462
NUGET
  remote: https://proget.kcura.corp/nuget/NuGet
    Atata (1.6.0)
      Atata.WebDriverExtras (>= 1.3)
      Selenium.WebDriver (>= 3.141)
    Atata.WebDriverExtras (1.3.0)
      Selenium.WebDriver (>= 3.141)
    Castle.Core (3.3.0)
    Castle.Windsor (3.3.0)
      Castle.Core (>= 3.3)
    IntegrationPoints.MyFirstProvider (11.1.0-pre.9)
      kCura.Apps.Common.Config (>= 2.1.9)
      kCura.Apps.Common.Data (>= 2.1.9)
      kCura.Apps.Common.Utils (>= 2.1.9)
      kCura.EventHandler (>= 11.0.105.1)
      Newtonsoft.Json (>= 6.0.1)
      Relativity.API (>= 12.0)
      Relativity.DataTransfer.MessageService (>= 10.2)
      Relativity.IntegrationPoints.SDK (>= 1.0.7)
      Relativity.IntegrationPoints.Services.Interfaces.Private (>= 11.1)
      Relativity.Kepler (>= 2.0.7)
      Relativity.Kepler.Client (>= 1.0.1.445)
      Relativity.Telemetry.APM (>= 2019.1.1)
      Relativity.Telemetry.DataContracts.Shared (>= 9.4.159)
      Relativity.Telemetry.Services.Interface (>= 9.6.88.61)
      System.Data.SqlClient (>= 4.6)
      SystemWrapper.Interfaces (>= 0.19.0.115)
    kCura.Apps.Common.Config (2.1.9)
      kCura.Apps.Common.Data (>= 2.1.9)
      kCura.Apps.Common.Utils (>= 2.1.9)
    kCura.Apps.Common.Data (2.1.9)
    kCura.Apps.Common.Utils (2.1.9)
      Newtonsoft.Json (>= 6.0)
    kCura.EventHandler (15.1.0)
      Relativity.API (>= 15.1)
    kCura.OutsideIn.FI.Win32 (2020.1.0)
    Microsoft.ApplicationInsights (2.15.0)
      System.Diagnostics.DiagnosticSource (>= 4.6)
      System.Memory (>= 4.5.4)
    Microsoft.Extensions.Configuration (2.2.0)
    Microsoft.Extensions.Configuration.Binder (2.2.4)
    Microsoft.Extensions.Configuration.EnvironmentVariables (2.2.4)
    Newtonsoft.Json (12.0.3)
    NLog (4.7.2)
    NuGetPowerTools (0.29)
    NUnit (3.11.0) - redirects: force
    NUnit3TestAdapter (3.13.0)
    Polly (5.7.0)
    Relativity.API (15.1.0)
    Relativity.DataExchange.Client.SDK (1.10.1)
      kCura.OutsideIn.FI.Win32 (>= 2020.1)
      Newtonsoft.Json (>= 6.0.8)
      Polly (>= 5.7)
      Relativity.Kepler.Client (>= 2.6.2)
      Relativity.Logging.Interfaces (>= 2018.11.8)
      Relativity.OAuth2Client (>= 1.5.2)
      Relativity.OAuth2Client.Implicit (>= 1.5.2)
      Relativity.OAuth2Client.Interfaces (>= 1.5.2)
      Relativity.Services.DataContracts (>= 11.2.114.64)
      Relativity.Services.Interfaces (>= 11.2.114.64)
      Relativity.Telemetry.DataContracts.Shared (>= 3000.0 < 3001.0)
      Relativity.Telemetry.Services.Interface (>= 3000.0 < 3001.0)
      relativity.transfer.client (>= 7.0.11 < 7.1)
    Relativity.DataTransfer.MessageService (10.2.0)
      Relativity.Kepler.Client (>= 1.0.1.445)
      Relativity.Telemetry.DataContracts.Shared (>= 9.4.159)
      Relativity.Telemetry.Services.Interface (>= 9.6.88.61)
    relativity.faspmanager (3.7.2.0)
      Newtonsoft.Json (>= 6.0.8)
      NuGetPowerTools (>= 0.29)
    Relativity.IntegrationPoints.SDK (1.0.7)
      kCura.EventHandler (>= 11.0.105.1)
      Newtonsoft.Json (>= 6.0.1)
      Relativity.IntegrationPoints.Services.Interfaces.Private (>= 1.0.3)
      Relativity.Kepler (>= 2.0.7)
      Relativity.Telemetry.APM (>= 2019.1.1)
    Relativity.IntegrationPoints.Services.Interfaces.Private (11.1.0)
      Relativity.API (>= 12.0)
      Relativity.Kepler (>= 2.0.7)
      Relativity.Telemetry.APM (>= 2019.1.1)
    Relativity.Kepler (2.14.3)
    Relativity.Kepler.Client (2.14.3)
      Relativity.Kepler (>= 2.14.3)
    Relativity.Kepler.Service (2.7.0)
      Relativity.Kepler (>= 2.7)
    Relativity.Logging.Interfaces (3000.0.1)
    Relativity.OAuth2Client (1.5.2)
      Newtonsoft.Json (>= 6.0.8)
      Relativity.OAuth2Client.Interfaces (>= 1.0)
    Relativity.OAuth2Client.Implicit (1.5.2)
      Newtonsoft.Json (>= 6.0.8)
      Relativity.OAuth2Client (>= 1.0)
      Relativity.OAuth2Client.Interfaces (>= 1.0)
    Relativity.OAuth2Client.Interfaces (1.5.2)
    Relativity.Services.DataContracts (13.2.5)
    Relativity.Services.Interfaces (13.2.5)
      Relativity.Kepler (>= 2.7)
      Relativity.Kepler.Service (>= 2.7)
      Relativity.Services.DataContracts (>= 13.2.5)
    Relativity.Telemetry.APM (2019.1.1)
    Relativity.Telemetry.DataContracts.Shared (3000.0.0)
    Relativity.Telemetry.Services.Interface (3000.0.1)
    Relativity.Testing.Framework (1.0.0)
      Castle.Core (>= 3.3 < 4.0)
      Castle.Windsor (>= 3.3 < 4.0)
      Microsoft.ApplicationInsights (>= 2.15)
      Microsoft.Extensions.Configuration (>= 2.2)
      Microsoft.Extensions.Configuration.Binder (>= 2.2.4)
      Microsoft.Extensions.Configuration.EnvironmentVariables (>= 2.2.4)
      Newtonsoft.Json (>= 11.0.2)
      NLog (>= 4.7.2)
      NUnit (>= 3.10)
      SemanticVersioning (>= 1.2.2)
    Relativity.Testing.Framework.Api (1.0.0)
      Newtonsoft.Json (>= 11.0.2)
      Polly (>= 5.7)
      Relativity.DataExchange.Client.SDK (>= 1.10.1)
      Relativity.Testing.Framework (>= 1.0 < 2.0)
    Relativity.Testing.Framework.Web (1.0.0)
      Atata (>= 1.6)
      Atata.WebDriverExtras (>= 1.3)
      Relativity.Testing.Framework (>= 1.0 < 2.0)
      Relativity.Testing.Framework.Api (>= 1.0 < 2.0)
      Selenium.WebDriver (>= 3.141)
    relativity.transfer.client (7.0.11)
      Newtonsoft.Json (>= 6.0.8)
      Polly (>= 5.3.1)
      relativity.faspmanager (>= 3.7.2)
      SSH.NET (>= 2016.0)
    Selenium.WebDriver (3.141.0)
    SemanticVersioning (1.2.2)
    SSH.NET (2016.0.0)
    System.Buffers (4.5.1)
    System.Data.SqlClient (4.6.0)
    System.Diagnostics.DiagnosticSource (4.6.0)
      System.Memory (>= 4.5.3)
    System.Memory (4.5.4)
      System.Buffers (>= 4.5.1)
      System.Numerics.Vectors (>= 4.5)
      System.Runtime.CompilerServices.Unsafe (>= 4.5.3)
    System.Numerics.Vectors (4.5.0)
    System.Runtime.CompilerServices.Unsafe (4.5.3)
    SystemWrapper.Interfaces (0.19.0.115)
