STRATEGY: MIN
RESTRICTION: == net462
NUGET
  remote: https://proget.kcura.corp/nuget/NuGet
    Autofac (4.9.2) - redirects: force
    Banzai (3.0.3)
    Banzai.Autofac (3.0.3)
    Castle.Core (4.3.1)
    CSharpGuidelineAnalyzer (2.3.0.0)
    FluentAssertions (5.6.0)
      System.ValueTuple (>= 4.4)
    kCura.Apps.Common.Utils (2.1.8)
      Newtonsoft.Json (>= 6.0)
    kCura.NUnit.Integration (9.3.377.8)
    kCura.Relativity.Client (10.2.84.3)
    Microsoft.CodeAnalysis.FxCopAnalyzers (2.6.3)
      Microsoft.CodeQuality.Analyzers (2.6.3)
      Microsoft.NetCore.Analyzers (2.6.3)
      Microsoft.NetFramework.Analyzers (2.6.3)
      Text.Analyzers (2.6.3)
    Microsoft.CodeQuality.Analyzers (2.6.3)
    Microsoft.NetCore.Analyzers (2.6.3)
    Microsoft.NETCore.Platforms (1.1.0)
    Microsoft.NetFramework.Analyzers (2.6.3)
    Microsoft.Win32.Primitives (4.3.0)
    Moq (4.10.1)
      Castle.Core (>= 4.3.1)
      System.Threading.Tasks.Extensions (>= 4.5.1)
    NETStandard.Library (1.6.1)
      Microsoft.NETCore.Platforms (>= 1.1)
      Microsoft.Win32.Primitives (>= 4.3)
      System.AppContext (>= 4.3)
      System.Collections (>= 4.3)
      System.Collections.Concurrent (>= 4.3)
      System.Console (>= 4.3)
      System.Diagnostics.Debug (>= 4.3)
      System.Diagnostics.Tools (>= 4.3)
      System.Diagnostics.Tracing (>= 4.3)
      System.Globalization (>= 4.3)
      System.Globalization.Calendars (>= 4.3)
      System.IO (>= 4.3)
      System.IO.Compression (>= 4.3)
      System.IO.Compression.ZipFile (>= 4.3)
      System.IO.FileSystem (>= 4.3)
      System.IO.FileSystem.Primitives (>= 4.3)
      System.Linq (>= 4.3)
      System.Linq.Expressions (>= 4.3)
      System.Net.Http (>= 4.3)
      System.Net.Primitives (>= 4.3)
      System.Net.Sockets (>= 4.3)
      System.ObjectModel (>= 4.3)
      System.Reflection (>= 4.3)
      System.Reflection.Extensions (>= 4.3)
      System.Reflection.Primitives (>= 4.3)
      System.Resources.ResourceManager (>= 4.3)
      System.Runtime (>= 4.3)
      System.Runtime.Extensions (>= 4.3)
      System.Runtime.Handles (>= 4.3)
      System.Runtime.InteropServices (>= 4.3)
      System.Runtime.InteropServices.RuntimeInformation (>= 4.3)
      System.Runtime.Numerics (>= 4.3)
      System.Security.Cryptography.Algorithms (>= 4.3)
      System.Security.Cryptography.Encoding (>= 4.3)
      System.Security.Cryptography.Primitives (>= 4.3)
      System.Security.Cryptography.X509Certificates (>= 4.3)
      System.Text.Encoding (>= 4.3)
      System.Text.Encoding.Extensions (>= 4.3)
      System.Text.RegularExpressions (>= 4.3)
      System.Threading (>= 4.3)
      System.Threading.Tasks (>= 4.3)
      System.Threading.Timer (>= 4.3)
      System.Xml.ReaderWriter (>= 4.3)
      System.Xml.XDocument (>= 4.3)
    Newtonsoft.Json (6.0.8)
    NUnit (3.11.0)
    Polly (6.1.2)
      NETStandard.Library (>= 1.6.1)
    Relativity (10.2.84.3)
    Relativity.API (10.2.84.3)
    Relativity.Kepler (1.0.1.589)
    Relativity.Kepler.Client (1.0.1.589)
      Relativity.Kepler (>= 1.0.1.589)
    Relativity.OAuth2Client (1.0.27)
      Newtonsoft.Json (>= 6.0.8)
      Relativity.OAuth2Client.Interfaces (>= 1.0.27)
    Relativity.OAuth2Client.Interfaces (1.0.27)
    Relativity.Platform.Keywords (10.2.84.3)
      kCura.NUnit.Integration
    Relativity.SecretCatalog (1.0.18)
    Relativity.Services.DataContracts (10.2.84.3)
    Relativity.Services.Interfaces (10.2.84.3)
      Relativity.Services.DataContracts (>= 10.2.84.3)
    Relativity.Services.Interfaces.Private (10.2.84.3)
      Relativity (>= 10.2.84.3)
      Relativity.Kepler (>= 1.0.1.409)
      Relativity.SecretCatalog (>= 1.0.18)
      Relativity.Services.DataContracts (>= 10.2.84.3)
      Relativity.Services.Interfaces (>= 10.2.84.3)
      Relativity.Services.Layout.Interfaces (>= 1.1.46)
      Relativity.Telemetry.DataContracts.Shared (>= 9.4.74)
    Relativity.Services.Layout.Interfaces (1.1.46)
      Relativity.Kepler (>= 1.0.1.297)
      Relativity.Services.DataContracts (>= 9.4.346.73)
    Relativity.Telemetry.APM (2019.1.0)
    Relativity.Telemetry.DataContracts.Shared (9.4.74)
    SexyProxy.Emit (2.0.97)
    System.AppContext (4.3.0)
    System.Collections (4.3.0)
    System.Collections.Concurrent (4.3.0)
    System.Console (4.3.0)
    System.Diagnostics.Debug (4.3.0)
    System.Diagnostics.DiagnosticSource (4.3.0)
    System.Diagnostics.Tools (4.3.0)
    System.Diagnostics.Tracing (4.3.0)
    System.Globalization (4.3.0)
    System.Globalization.Calendars (4.3.0)
    System.IO (4.3.0)
    System.IO.Compression (4.3.0)
    System.IO.Compression.ZipFile (4.3.0)
    System.IO.FileSystem (4.3.0)
      System.IO.FileSystem.Primitives (>= 4.3)
    System.IO.FileSystem.Primitives (4.3.0)
    System.Linq (4.3.0)
    System.Linq.Expressions (4.3.0)
    System.Net.Http (4.3.0)
      System.Diagnostics.DiagnosticSource (>= 4.3)
      System.Security.Cryptography.X509Certificates (>= 4.3)
    System.Net.Primitives (4.3.0)
    System.Net.Sockets (4.3.0)
    System.ObjectModel (4.3.0)
    System.Reflection (4.3.0)
    System.Reflection.Extensions (4.3.0)
    System.Reflection.Primitives (4.3.0)
    System.Resources.ResourceManager (4.3.0)
    System.Runtime (4.3.0)
    System.Runtime.CompilerServices.Unsafe (4.5.0)
    System.Runtime.Extensions (4.3.0)
    System.Runtime.Handles (4.3.0)
    System.Runtime.InteropServices (4.3.0)
      System.Runtime (>= 4.3)
    System.Runtime.InteropServices.RuntimeInformation (4.3.0)
    System.Runtime.Numerics (4.3.0)
    System.Security.Cryptography.Algorithms (4.3.0)
      System.Security.Cryptography.Primitives (>= 4.3)
    System.Security.Cryptography.Encoding (4.3.0)
    System.Security.Cryptography.Primitives (4.3.0)
    System.Security.Cryptography.X509Certificates (4.3.0)
      System.Security.Cryptography.Algorithms (>= 4.3)
      System.Security.Cryptography.Encoding (>= 4.3)
    System.Text.Encoding (4.3.0)
    System.Text.Encoding.Extensions (4.3.0)
    System.Text.RegularExpressions (4.3.0)
    System.Threading (4.3.0)
    System.Threading.Tasks (4.3.0)
    System.Threading.Tasks.Extensions (4.5.1)
      System.Runtime.CompilerServices.Unsafe (>= 4.5)
    System.Threading.Timer (4.3.0)
    System.ValueTuple (4.4.0)
    System.Xml.ReaderWriter (4.3.0)
    System.Xml.XDocument (4.3.0)
    Text.Analyzers (2.6.3)
