REDIRECTS: ON
RESTRICTION: == net462
NUGET
  remote: https://proget.kcura.corp/nuget/NuGet
    Autofac (4.9.1) - redirects: force
    Banzai (3.0.3)
    Banzai.Autofac (3.0.3)
    Castle.Core (4.3.1)
    CSharpGuidelineAnalyzer (2.3.0.0)
    FluentAssertions (5.6.0)
      System.ValueTuple (>= 4.4)
    kCura.NUnit.Integration (10.2.48.1)
    kCura.Relativity.Client (10.2.48.1)
    Microsoft.CodeAnalysis.FxCopAnalyzers (2.6.3)
      Microsoft.CodeQuality.Analyzers (2.6.3)
      Microsoft.NetCore.Analyzers (2.6.3)
      Microsoft.NetFramework.Analyzers (2.6.3)
      Text.Analyzers (2.6.3)
    Microsoft.CodeQuality.Analyzers (2.6.3)
    Microsoft.NetCore.Analyzers (2.6.3)
    Microsoft.NETCore.Platforms (2.2.0)
    Microsoft.NetFramework.Analyzers (2.6.3)
    Moq (4.10.1)
      Castle.Core (>= 4.3.1)
      System.Threading.Tasks.Extensions (>= 4.5.1)
    NETStandard.Library (2.0.3)
      Microsoft.NETCore.Platforms (>= 1.1)
    Newtonsoft.Json (12.0.1)
    NUnit (3.11.0)
    Polly (6.1.2)
      NETStandard.Library (>= 1.6.1)
    Relativity.API (10.2.48.1)
    Relativity.Kepler (1.0.1.609)
    Relativity.Kepler.Client (1.0.1.609)
      Relativity.Kepler (>= 1.0.1.609)
    Relativity.OAuth2Client (1.0.27)
      Newtonsoft.Json (>= 6.0.8)
      Relativity.OAuth2Client.Interfaces (>= 1.0.27)
    Relativity.OAuth2Client.Interfaces (1.0.27)
    Relativity.Platform.Keywords (10.2.48.1)
      kCura.NUnit.Integration
    Relativity.Services.DataContracts (10.2.48.1)
    Relativity.Services.Interfaces (10.2.48.1)
      Relativity.Services.DataContracts (>= 10.2.48.1)
    Relativity.Telemetry.APM (2019.1.0)
    System.Runtime.CompilerServices.Unsafe (4.5.2)
    System.Threading.Tasks.Extensions (4.5.2)
      System.Runtime.CompilerServices.Unsafe (>= 4.5.2)
    System.ValueTuple (4.5.0)
    Text.Analyzers (2.6.3)
