RESTRICTION: == net462
NUGET
  remote: https://proget.kcura.corp/nuget/NuGet
    Autofac (4.8.1)
    Castle.Core (4.3.1)
    CSharpGuidelineAnalyzer (2.3.0.0)
    FluentAssertions (5.5.3)
      System.ValueTuple (>= 4.4)
    Microsoft.CodeAnalysis.FxCopAnalyzers (2.6.2)
      Microsoft.CodeQuality.Analyzers (2.6.2)
      Microsoft.NetCore.Analyzers (2.6.2)
      Microsoft.NetFramework.Analyzers (2.6.2)
      Text.Analyzers (2.6.2)
    Microsoft.CodeQuality.Analyzers (2.6.2)
    Microsoft.NetCore.Analyzers (2.6.2)
    Microsoft.NETCore.Platforms (2.1.2)
    Microsoft.NetFramework.Analyzers (2.6.2)
    Moq (4.10.0)
      Castle.Core (>= 4.3.1)
      System.Threading.Tasks.Extensions (>= 4.3)
      System.ValueTuple (>= 4.4)
    NETStandard.Library (2.0.3)
      Microsoft.NETCore.Platforms (>= 1.1)
    Newtonsoft.Json (6.0.8)
    NUnit (3.11.0)
    Polly (6.1.0)
      NETStandard.Library (>= 1.6.1)
    System.Runtime.CompilerServices.Unsafe (4.5.2)
    System.Threading.Tasks.Extensions (4.5.1)
      System.Runtime.CompilerServices.Unsafe (>= 4.5)
    System.ValueTuple (4.5.0)
    Text.Analyzers (2.6.2)
