STRATEGY: MIN
RESTRICTION: == net472
NUGET
  remote: https://relativity.jfrog.io/artifactory/api/nuget/nuget-anthology
    Antlr (3.5.0.2)
    ARMTestServices (1.1.1)
    AutoFixture (4.17.0)
      Fare (>= 2.1.1 < 3.0)
    AutoFixture.AutoMoq (4.17.0)
      AutoFixture (>= 4.17)
      Moq (>= 4.1.1308.2120 < 5.0)
    AutoMapper (4.2.1)
    BCrypt.Net-Core (1.6.0)
    BenchmarkDotNet (0.10.12)
      BenchmarkDotNet.Core (>= 0.10.12)
      BenchmarkDotNet.Toolchains.Roslyn (>= 0.10.12)
    BenchmarkDotNet.Core (0.10.12)
      Microsoft.DotNet.InternalAbstractions (>= 1.0)
      Microsoft.DotNet.PlatformAbstractions (>= 1.1.1)
      Microsoft.Win32.Registry (>= 4.3)
      System.Threading.Tasks.Extensions (>= 4.3)
      System.ValueTuple (>= 4.3)
      System.Xml.XmlSerializer (>= 4.3)
    BenchmarkDotNet.Toolchains.Roslyn (0.10.12)
      BenchmarkDotNet.Core (>= 0.10.12)
      Microsoft.CodeAnalysis.CSharp (>= 2.4)
      System.Threading.Tasks (>= 4.3)
    Castle.Core (3.3.0)
    Castle.Windsor (3.3.0)
      Castle.Core (>= 3.3)
    Dapper (2.0.123)
    Dapper.Contrib (2.0.78)
      Dapper (>= 2.0.78)
    DotNetSeleniumExtras.PageObjects (3.11.0)
      Selenium.WebDriver (>= 3.10)
    DotNetSeleniumExtras.WaitHelpers (3.11.0)
      Selenium.WebDriver (>= 3.10)
    Fare (2.1.1)
    FluentAssertions (4.19.4)
    iTextSharp (5.5.13.1)
    kCura (14.2.7)
      BCrypt.Net-Core (>= 1.6)
      kCura.Injection (>= 14.0)
    kCura.Agent (17.9.0)
      Relativity.API (>= 17.9)
    kCura.Apps.Common.Config (2.1.9)
      kCura.Apps.Common.Data (>= 2.1.9)
      kCura.Apps.Common.Utils (>= 2.1.9)
    kCura.Apps.Common.Data (2.1.9)
    kCura.Apps.Common.Utils (2.1.9)
      Newtonsoft.Json (>= 6.0)
    kCura.EventHandler (17.9.0)
      Relativity.API (>= 17.9)
    kCura.FreeImage (3.17.0.1)
    kCura.Injection (14.0.0)
    kCura.LongPath (1.0.20)
    kCura.OutsideIn.FI.Win32 (2020.7.0) - content: none
    LanguageExt.Core (3.1.15)
      Microsoft.CSharp (>= 4.5)
      System.Reflection.Emit (>= 4.3)
      System.ValueTuple (>= 4.5)
    Microsoft.AspNet.Mvc (5.2.3)
      Microsoft.AspNet.Razor (>= 3.2.3 < 3.3)
      Microsoft.AspNet.WebPages (>= 3.2.3 < 3.3)
    Microsoft.AspNet.Razor (3.2.3)
    Microsoft.AspNet.SignalR.Core (2.2.0)
      Microsoft.Owin (>= 2.1)
      Microsoft.Owin.Security (>= 2.1)
      Newtonsoft.Json (>= 6.0.4)
      Owin (>= 1.0)
    Microsoft.AspNet.Web.Optimization (1.1.3)
      Microsoft.Web.Infrastructure (>= 1.0)
      WebGrease (>= 1.5.2)
    Microsoft.AspNet.WebApi (5.2.3)
      Microsoft.AspNet.WebApi.WebHost (>= 5.2.3 < 5.3)
    Microsoft.AspNet.WebApi.Client (5.2.3)
      Newtonsoft.Json (>= 6.0.4)
    Microsoft.AspNet.WebApi.Core (5.2.3)
      Microsoft.AspNet.WebApi.Client (>= 5.2.3)
    Microsoft.AspNet.WebApi.WebHost (5.2.3)
      Microsoft.AspNet.WebApi.Core (>= 5.2.3 < 5.3)
    Microsoft.AspNet.WebPages (3.2.3)
      Microsoft.AspNet.Razor (>= 3.2.3 < 3.3)
      Microsoft.Web.Infrastructure (>= 1.0)
    Microsoft.Bcl (1.1.10)
      Microsoft.Bcl.Build (>= 1.0.14)
    Microsoft.Bcl.Build (1.0.21) - import_targets: false
    Microsoft.CodeAnalysis.Analyzers (1.1.0)
    Microsoft.CodeAnalysis.Common (2.4.0)
      Microsoft.CodeAnalysis.Analyzers (>= 1.1)
      System.AppContext (>= 4.3)
      System.Collections (>= 4.3)
      System.Collections.Concurrent (>= 4.3)
      System.Collections.Immutable (>= 1.3.1)
      System.Console (>= 4.3)
      System.Diagnostics.Debug (>= 4.3)
      System.Diagnostics.FileVersionInfo (>= 4.3)
      System.Diagnostics.StackTrace (>= 4.3)
      System.Diagnostics.Tools (>= 4.3)
      System.Dynamic.Runtime (>= 4.3)
      System.Globalization (>= 4.3)
      System.IO.Compression (>= 4.3)
      System.IO.FileSystem (>= 4.3)
      System.IO.FileSystem.Primitives (>= 4.3)
      System.Linq (>= 4.3)
      System.Linq.Expressions (>= 4.3)
      System.Reflection (>= 4.3)
      System.Reflection.Metadata (>= 1.4.2)
      System.Resources.ResourceManager (>= 4.3)
      System.Runtime (>= 4.3)
      System.Runtime.Extensions (>= 4.3)
      System.Runtime.InteropServices (>= 4.3)
      System.Runtime.Numerics (>= 4.3)
      System.Security.Cryptography.Algorithms (>= 4.3)
      System.Security.Cryptography.Encoding (>= 4.3)
      System.Security.Cryptography.X509Certificates (>= 4.3)
      System.Text.Encoding (>= 4.3)
      System.Text.Encoding.CodePages (>= 4.3)
      System.Text.Encoding.Extensions (>= 4.3)
      System.Threading (>= 4.3)
      System.Threading.Tasks (>= 4.3)
      System.Threading.Tasks.Parallel (>= 4.3)
      System.Threading.Thread (>= 4.3)
      System.ValueTuple (>= 4.3)
      System.Xml.ReaderWriter (>= 4.3)
      System.Xml.XDocument (>= 4.3)
      System.Xml.XmlDocument (>= 4.3)
      System.Xml.XPath.XDocument (>= 4.3)
    Microsoft.CodeAnalysis.CSharp (2.4.0)
      Microsoft.CodeAnalysis.Common (2.4)
    Microsoft.CSharp (4.5.0)
    Microsoft.DotNet.InternalAbstractions (1.0.0)
    Microsoft.DotNet.PlatformAbstractions (1.1.1)
    Microsoft.Net.Http (2.2.29)
      Microsoft.Bcl (>= 1.1.10)
      Microsoft.Bcl.Build (>= 1.0.14)
    Microsoft.Owin (4.2.2)
      Owin (>= 1.0)
    Microsoft.Owin.Host.SystemWeb (4.2.2)
      Microsoft.Owin (>= 4.2.2)
      Owin (>= 1.0)
    Microsoft.Owin.Security (3.1.0)
      Microsoft.Owin (>= 3.1)
      Owin (>= 1.0)
    Microsoft.Web.Infrastructure (1.0.0.0)
    Microsoft.Win32.Registry (4.3.0)
    Mono.TextTransform (1.0.0)
    Moq (4.5.3)
    netDumbster (2.0.0.4)
    Newtonsoft.Json (6.0.8) - redirects: force
    NSubstitute (1.10.0.0)
    NUnit (3.13.2) - redirects: force
    NUnitExtras.HierarchicalCategories (1.3.0)
      NUnit (>= 3.7)
    Owin (1.0)
    Polly (5.9.0)
    Relativity (52.3.29)
    Relativity.API (17.9.0)
    Relativity.AutomatedWorkflows.SDK (1.0.8)
      Relativity.API (>= 9.4)
      Relativity.Kepler (>= 2.3)
    Relativity.CustomPages (17.9.0)
      Relativity.API (>= 17.9)
    Relativity.Data (52.3.29)
      Relativity (>= 52.3.29)
    Relativity.DataExchange.Client.SDK (1.18.6)
      Newtonsoft.Json (>= 6.0.8)
      Polly (>= 5.7)
      Relativity.Logging (>= 2019.5.1)
      Relativity.ObjectManager (>= 12.1.171.20)
      Relativity.OutsideIn (>= 2022.4.1)
      Relativity.Telemetry.Services.Interface (>= 3003.0.2)
      Relativity.Transfer.Client (>= 7.4.10 < 7.5)
    Relativity.DataGrid (14.0.0)
    Relativity.DataTransfer.Legacy.SDK (0.2.21)
    Relativity.DataTransfer.MessageService (10.2.0)
      Relativity.Kepler.Client (>= 1.0.1.445)
      Relativity.Telemetry.DataContracts.Shared (>= 9.4.159)
      Relativity.Telemetry.Services.Interface (>= 9.6.88.61)
    Relativity.IntegrationPoints.Contracts (1.0.9)
      Newtonsoft.Json (>= 6.0.1)
      Relativity.Kepler (>= 2.0.7)
      Relativity.Telemetry.APM (>= 2019.1.1)
    Relativity.IntegrationPoints.SDK (1.0.9)
      kCura.EventHandler (>= 15.1)
      Newtonsoft.Json (>= 6.0.1)
      Relativity.IntegrationPoints.Services.Interfaces.Private (>= 1.0.5)
      Relativity.Kepler (>= 2.0.7)
      Relativity.Telemetry.APM (>= 2019.1.1)
    Relativity.IntegrationPoints.Services.Interfaces.Private (1.4.1)
      Relativity.API (>= 12.0)
      Relativity.Kepler (>= 2.0.7)
      Relativity.Telemetry.APM (>= 2019.1.1)
    Relativity.Kepler (2.18.0)
    Relativity.Kepler.Client (2.18.0)
      Relativity.Kepler (>= 2.18)
    Relativity.Kepler.Client.SDK (2.14.4)
      Relativity.Kepler (>= 2.14.4)
    Relativity.Logging (3000.4.0)
    Relativity.Logging.Interfaces (3000.4.0)
    Relativity.OAuth2Client (1.5.3)
      Newtonsoft.Json (>= 6.0.8)
      Relativity.OAuth2Client.Interfaces (>= 1.0)
    Relativity.OAuth2Client.Interfaces (1.5.3)
    Relativity.ObjectManager (12.1.171.20)
    Relativity.OutsideIn (2022.4.1) - content: none
      Relativity.Logging (>= 2019.5.1)
    Relativity.Platform.Agent.WorkloadDiscovery.SDK (0.2.1)
    Relativity.Productions.Services.Interfaces (11.1.0)
    Relativity.Services.DataContracts (13.5.0)
    Relativity.Services.Interfaces (13.5.0)
      Relativity.Kepler (>= 2.7)
      Relativity.Services.DataContracts (>= 13.5)
    Relativity.Services.Interfaces.Private (14.1.2)
    Relativity.Sync.Services.Interfaces (0.0.6-pre.10)
      Relativity.Kepler (>= 2.18)
    Relativity.Telemetry.APM (2019.1.1)
    Relativity.Telemetry.DataContracts.Shared (3003.1.0)
    Relativity.Telemetry.MetricsCollection (2018.12.2)
      Relativity.Kepler.Client (>= 1.0.1.409)
      Relativity.Telemetry.DataContracts.Shared (>= 2018.12.2)
    Relativity.Telemetry.Services.Interface (3003.0.2)
      Relativity.Telemetry.DataContracts.Shared (>= 3003.1)
    Relativity.Testing.Identification (3.5.0)
      NUnit (>= 3.7)
      NUnitExtras.HierarchicalCategories (>= 1.3)
    Relativity.Toggles (1.0.1)
    Relativity.Transfer.Client (7.4.10)
      Newtonsoft.Json (>= 6.0.8)
      Polly (>= 5.3.1)
      Relativity.Kepler.Client.SDK (>= 2.14.4)
      SSH.NET (>= 2016.0)
      System.Reactive (>= 4.0)
    Selenium.Support (3.141.0)
      Selenium.WebDriver (>= 3.141)
    Selenium.WebDriver (3.141.0)
    Selenium.WebDriver.ChromeDriver (78.0.3904.1100-beta)
    Selenium.WebDriver.GeckoDriver (0.24.0)
    Serilog (1.5.14)
    Serilog.Sinks.Seq (1.5.36)
      Serilog (>= 1.5.10)
    SSH.NET (2020.0.1)
    System.AppContext (4.3.0)
    System.Collections (4.3.0)
    System.Collections.Concurrent (4.3.0)
    System.Collections.Immutable (1.3.1)
    System.Console (4.3.0)
    System.Diagnostics.Debug (4.3.0)
    System.Diagnostics.FileVersionInfo (4.3.0)
    System.Diagnostics.StackTrace (4.3.0)
    System.Diagnostics.Tools (4.3.0)
    System.Dynamic.Runtime (4.3.0)
    System.Globalization (4.3.0)
    System.IO (4.3.0)
    System.IO.Compression (4.3.0)
    System.IO.FileSystem (4.3.0)
      System.IO.FileSystem.Primitives (>= 4.3)
    System.IO.FileSystem.Primitives (4.3.0)
    System.Linq (4.3.0)
    System.Linq.Expressions (4.3.0)
    System.Reactive (4.4.1)
      System.Threading.Tasks.Extensions (>= 4.5.4)
      System.ValueTuple (>= 4.5)
    System.Reflection (4.3.0)
    System.Reflection.Emit (4.3.0)
    System.Reflection.Metadata (1.4.2)
      System.Collections.Immutable (>= 1.3.1)
    System.Resources.ResourceManager (4.3.0)
    System.Runtime (4.3.0)
    System.Runtime.CompilerServices.Unsafe (6.0.0)
    System.Runtime.Extensions (4.3.0)
    System.Runtime.InteropServices (4.3.0)
      System.Runtime (>= 4.3)
    System.Runtime.Numerics (4.3.0)
    System.Security.Cryptography.Algorithms (4.3.0)
      System.IO (>= 4.3)
      System.Runtime (>= 4.3)
      System.Security.Cryptography.Encoding (>= 4.3)
      System.Security.Cryptography.Primitives (>= 4.3)
    System.Security.Cryptography.Encoding (4.3.0)
    System.Security.Cryptography.Primitives (4.3.0)
    System.Security.Cryptography.X509Certificates (4.3.0)
      System.Security.Cryptography.Algorithms (>= 4.3)
      System.Security.Cryptography.Encoding (>= 4.3)
    System.Text.Encoding (4.3.0)
    System.Text.Encoding.CodePages (4.3.0)
    System.Text.Encoding.Extensions (4.3.0)
    System.Threading (4.3.0)
    System.Threading.Tasks (4.3.0)
    System.Threading.Tasks.Extensions (4.5.4)
      System.Runtime.CompilerServices.Unsafe (>= 4.5.3)
    System.Threading.Tasks.Parallel (4.3.0)
    System.Threading.Thread (4.3.0)
    System.ValueTuple (4.5.0)
    System.Xml.ReaderWriter (4.3.0)
    System.Xml.XDocument (4.3.0)
    System.Xml.XmlDocument (4.3.0)
    System.Xml.XmlSerializer (4.3.0)
    System.Xml.XPath (4.3.0)
    System.Xml.XPath.XDocument (4.3.0)
      System.Xml.XPath (>= 4.3)
    SystemWrapper.Interfaces (0.25.0.186)
    SystemWrapper.Wrappers (0.25.0.186)
      SystemWrapper.Interfaces (0.25.0.186)
    WebGrease (1.6.0)
      Antlr (>= 3.4.1.9004)
      Newtonsoft.Json (>= 5.0.4)
    ZetaLongPaths (1.0.0.16)

GROUP Sync
STRATEGY: MIN
RESTRICTION: == net472
NUGET
  remote: https://relativity.jfrog.io/artifactory/api/nuget/nuget-anthology
    AsyncEnumerator (4.0.2)
      Microsoft.Bcl.AsyncInterfaces (>= 1.0)
      System.Threading.Tasks.Extensions (>= 4.5.2)
    Autofac (4.9.4)
    Azure.Core (1.24.0)
      Microsoft.Bcl.AsyncInterfaces (>= 1.1.1)
      System.Diagnostics.DiagnosticSource (>= 4.6)
      System.Memory.Data (>= 1.0.2)
      System.Net.Http (>= 4.3.4)
      System.Numerics.Vectors (>= 4.5)
      System.Runtime.InteropServices.RuntimeInformation (>= 4.3)
      System.Text.Encodings.Web (>= 4.7.2)
      System.Text.Json (>= 4.7.2)
      System.Threading.Tasks.Extensions (>= 4.5.4)
    Azure.Identity (1.6.0)
      Azure.Core (>= 1.24)
      Microsoft.Identity.Client (>= 4.39)
      Microsoft.Identity.Client.Extensions.Msal (>= 2.19.3)
      System.Memory (>= 4.5.4)
      System.Security.Cryptography.ProtectedData (>= 4.7)
      System.Text.Json (>= 4.7.2)
      System.Threading.Tasks.Extensions (>= 4.5.4)
    Azure.Security.KeyVault.Secrets (4.3.0)
      Azure.Core (>= 1.23)
      System.Memory (>= 4.5.4)
      System.Text.Json (>= 4.7.2)
      System.Threading.Tasks.Extensions (>= 4.5.4)
    Azure.Storage.Blobs (12.12.0)
      Azure.Storage.Common (>= 12.11)
      System.Text.Json (>= 4.7.2)
    Azure.Storage.Common (12.11.0)
      Azure.Core (>= 1.24)
      System.IO.Hashing (>= 6.0)
    Azure.Storage.Files.DataLake (12.10.0)
      Azure.Storage.Blobs (>= 12.12)
      Azure.Storage.Common (>= 12.11)
      System.Text.Json (>= 4.7.2)
    Banzai (3.0.3)
      Microsoft.CSharp (>= 4.5)
    Banzai.Autofac (3.0.3)
      Autofac (>= 4.6.2)
      Banzai (>= 3.0.3)
    Castle.Core (3.3.0)
    DnsClient (1.6.0)
      Microsoft.Win32.Registry (>= 5.0)
      System.Buffers (>= 4.5.1)
    kCura.Apps.Common.Utils (2.1.9)
      Newtonsoft.Json (>= 6.0)
    Microsoft.Bcl.AsyncInterfaces (6.0.0)
      System.Threading.Tasks.Extensions (>= 4.5.4)
    Microsoft.Bcl.HashCode (1.1.0)
    Microsoft.CSharp (4.5.0)
    Microsoft.Identity.Client (4.39.0)
    Microsoft.Identity.Client.Extensions.Msal (2.19.3)
      Microsoft.Identity.Client (>= 4.38)
    Microsoft.Toolkit.HighPerformance (7.1.2)
      Microsoft.Bcl.HashCode (>= 1.1)
      System.Memory (>= 4.5.4)
      System.Runtime.CompilerServices.Unsafe (>= 5.0)
      System.Threading.Tasks.Extensions (>= 4.5.4)
    Microsoft.Win32.Registry (5.0.0)
      System.Security.AccessControl (>= 5.0)
      System.Security.Principal.Windows (>= 5.0)
    Newtonsoft.Json (6.0.8)
    Polly (5.9.0)
    Relativity (52.3.29)
    Relativity.AntiMalware.SDK (1.1.48)
      Relativity.API (>= 17.0.4)
      Relativity.Environment.SDK (>= 2.0.2)
      System.Runtime.Caching (>= 6.0)
    Relativity.API (17.9.0)
    Relativity.AutomatedWorkflows.SDK (1.0.8)
      Relativity.API (>= 9.4)
      Relativity.Kepler (>= 2.3)
    Relativity.DataExchange.Client.SDK (1.18.6)
      Newtonsoft.Json (>= 6.0.8)
      Polly (>= 5.7)
      Relativity.Logging (>= 2019.5.1)
      Relativity.ObjectManager (>= 12.1.171.20)
      Relativity.OutsideIn (>= 2022.4.1)
      Relativity.Telemetry.Services.Interface (>= 3003.0.2)
      Relativity.Transfer.Client (>= 7.4.10 < 7.5)
    Relativity.DataTransfer.Legacy.SDK (0.2.21)
    Relativity.Environment.SDK (2.0.4)
      Relativity.Kepler (>= 2.10 < 3.0)
      Relativity.Shared.SDK (>= 1.5 < 2.0)
    Relativity.Import.Private.SDK (1.0.0)
    Relativity.Import.SDK (1.0.0)
    Relativity.Kepler (2.18.0)
    Relativity.Kepler.Client (2.18.0)
      Relativity.Kepler (>= 2.18)
    Relativity.Kepler.Client.SDK (2.14.4)
      Relativity.Kepler (>= 2.14.4)
    Relativity.Logging (3000.4.0)
    Relativity.OAuth2Client (1.5.3)
      Newtonsoft.Json (>= 6.0.8)
      Relativity.OAuth2Client.Interfaces (>= 1.0)
    Relativity.OAuth2Client.Interfaces (1.5.3)
    Relativity.ObjectManager (12.1.171.20)
    Relativity.OutsideIn (2022.4.1)
      Relativity.Logging (>= 2019.5.1)
    Relativity.Services.DataContracts (13.5.0)
    Relativity.Services.Interfaces (13.5.0)
      Relativity.Kepler (>= 2.7)
      Relativity.Services.DataContracts (>= 13.5)
    Relativity.Services.Interfaces.Helpers (13.7.1)
    Relativity.Services.Interfaces.Private (14.1.2)
    Relativity.Shared.SDK (1.5.0)
      Relativity.Kepler (>= 2.4 < 3.0)
    Relativity.Storage (0.6.0)
      AsyncEnumerator (>= 4.0.2)
      Azure.Identity (>= 1.6)
      Azure.Security.KeyVault.Secrets (>= 4.3)
      Azure.Storage.Files.DataLake (>= 12.10)
      DnsClient (>= 1.6)
      Microsoft.Toolkit.HighPerformance (>= 7.1.2)
      Relativity.Logging (>= 3000.4)
      System.Diagnostics.DiagnosticSource (>= 6.0)
      System.Linq.Async (>= 6.0.1)
      System.Runtime.Caching (>= 6.0)
    Relativity.Storage.Extensions (0.6.0)
      Azure.Core (>= 1.24)
      Relativity.API (>= 17.6.1)
      Relativity.Services.Interfaces.Helpers (>= 13.7.1)
      Relativity.Storage (>= 0.6)
    Relativity.Telemetry.APM (2019.1.1)
    Relativity.Telemetry.DataContracts.Shared (3003.1.0)
    Relativity.Telemetry.Services.Interface (3003.0.2)
      Relativity.Telemetry.DataContracts.Shared (>= 3003.1)
    Relativity.Toggles (1.0.1)
    Relativity.Transfer.Client (7.4.10)
      Newtonsoft.Json (>= 6.0.8)
      Polly (>= 5.3.1)
      Relativity.Kepler.Client.SDK (>= 2.14.4)
      SSH.NET (>= 2016.0)
      System.Reactive (>= 4.0)
    SSH.NET (2020.0.1)
    System.Buffers (4.5.1)
    System.Configuration.ConfigurationManager (6.0.0)
      System.Security.Permissions (>= 6.0)
    System.Diagnostics.DiagnosticSource (6.0.0)
      System.Memory (>= 4.5.4)
      System.Runtime.CompilerServices.Unsafe (>= 6.0)
    System.IO (4.3.0)
    System.IO.Hashing (6.0.0)
      System.Buffers (>= 4.5.1)
      System.Memory (>= 4.5.4)
    System.Linq.Async (6.0.1)
      Microsoft.Bcl.AsyncInterfaces (>= 6.0)
    System.Memory (4.5.4)
      System.Buffers (>= 4.5.1)
      System.Numerics.Vectors (>= 4.5)
      System.Runtime.CompilerServices.Unsafe (>= 4.5.3)
    System.Memory.Data (1.0.2)
      System.Text.Encodings.Web (>= 4.7.2)
      System.Text.Json (>= 4.6)
    System.Net.Http (4.3.4)
      System.Security.Cryptography.X509Certificates (>= 4.3)
    System.Numerics.Vectors (4.5.0)
    System.Reactive (4.4.1)
      System.Threading.Tasks.Extensions (>= 4.5.4)
      System.ValueTuple (>= 4.5)
    System.Reactive.Linq (4.4.1)
      System.Reactive (>= 4.4.1)
      System.Threading.Tasks.Extensions (>= 4.5.4)
    System.Runtime (4.3.0)
    System.Runtime.Caching (6.0.0)
      System.Configuration.ConfigurationManager (>= 6.0)
    System.Runtime.CompilerServices.Unsafe (6.0.0)
    System.Runtime.InteropServices.RuntimeInformation (4.3.0)
    System.Security.AccessControl (6.0.0)
      System.Security.Principal.Windows (>= 5.0)
    System.Security.Cryptography.Algorithms (4.3.0)
      System.IO (>= 4.3)
      System.Runtime (>= 4.3)
      System.Security.Cryptography.Encoding (>= 4.3)
      System.Security.Cryptography.Primitives (>= 4.3)
    System.Security.Cryptography.Encoding (4.3.0)
    System.Security.Cryptography.Primitives (4.3.0)
    System.Security.Cryptography.ProtectedData (4.7.0)
    System.Security.Cryptography.X509Certificates (4.3.0)
      System.Security.Cryptography.Algorithms (>= 4.3)
      System.Security.Cryptography.Encoding (>= 4.3)
    System.Security.Permissions (6.0.0)
      System.Security.AccessControl (>= 6.0)
    System.Security.Principal.Windows (5.0.0)
    System.Text.Encodings.Web (4.7.2)
      System.Buffers (>= 4.5.1)
      System.Memory (>= 4.5.4)
    System.Text.Json (4.7.2)
      Microsoft.Bcl.AsyncInterfaces (>= 1.1)
      System.Buffers (>= 4.5.1)
      System.Memory (>= 4.5.4)
      System.Numerics.Vectors (>= 4.5)
      System.Runtime.CompilerServices.Unsafe (>= 4.7.1)
      System.Text.Encodings.Web (>= 4.7.1)
      System.Threading.Tasks.Extensions (>= 4.5.4)
      System.ValueTuple (>= 4.5)
    System.Threading.Tasks.Extensions (4.5.4)
      System.Runtime.CompilerServices.Unsafe (>= 4.5.3)
    System.ValueTuple (4.5.0)
    SystemWrapper.Interfaces (0.25.0.186)
  remote: C:\Users\aleksandra.lopinska\source\repos\_nuget
    Relativity.Sync (0.1.500-local)
      Autofac (>= 4.9.4 < 5.0)
      Banzai.Autofac (>= 3.0.3 < 4.0)
      Castle.Core (>= 3.3)
      Newtonsoft.Json (>= 6.0.8 <= 13.0.1)
      Polly (>= 5.7 < 6.0)
      Relativity (>= 52.3.29)
      Relativity.AntiMalware.SDK (>= 1.1.48)
      Relativity.API (>= 17.9)
      Relativity.AutomatedWorkflows.SDK (>= 1.0.8)
      Relativity.DataExchange.Client.SDK (1.18.6)
      Relativity.DataTransfer.Legacy.SDK (>= 0.2.21)
      Relativity.Environment.SDK (>= 2.0.4)
      Relativity.Import.Private.SDK (>= 0.3.8)
      Relativity.Import.SDK (>= 0.3.8)
      Relativity.Kepler.Client (>= 2.18)
      Relativity.OAuth2Client (>= 1.5.3)
      Relativity.OAuth2Client.Interfaces (>= 1.5.3)
      Relativity.Services.Interfaces (>= 13.5)
      Relativity.Services.Interfaces.Private (>= 14.1.2)
      Relativity.Storage (>= 0.6)
      Relativity.Storage.Extensions (>= 0.6)
      Relativity.Telemetry.APM (>= 2019.1.1 < 2019.2)
      Relativity.Telemetry.DataContracts.Shared (>= 3003.1)
      Relativity.Telemetry.Services.Interface (3003.0.2)
      Relativity.Toggles (>= 1.0.1)
      System.Reactive.Linq (4.4.1)

GROUP Tests
STRATEGY: MIN
RESTRICTION: == net472
NUGET
  remote: https://relativity.jfrog.io/artifactory/api/nuget/nuget-anthology
    Antlr (3.5.0.2)
    AsyncEnumerator (4.0.2)
      Microsoft.Bcl.AsyncInterfaces (>= 1.0)
      System.Threading.Tasks.Extensions (>= 4.5.2)
    Atata (1.6.0)
      Atata.WebDriverExtras (>= 1.3)
      Selenium.WebDriver (>= 3.141)
    Atata.WebDriverExtras (1.3.0)
      Selenium.WebDriver (>= 3.141)
    Autofac (4.9.4)
    Azure.Core (1.24.0)
      Microsoft.Bcl.AsyncInterfaces (>= 1.1.1)
      System.Diagnostics.DiagnosticSource (>= 4.6)
      System.Memory.Data (>= 1.0.2)
      System.Net.Http (>= 4.3.4)
      System.Numerics.Vectors (>= 4.5)
      System.Runtime.InteropServices.RuntimeInformation (>= 4.3)
      System.Text.Encodings.Web (>= 4.7.2)
      System.Text.Json (>= 4.7.2)
      System.Threading.Tasks.Extensions (>= 4.5.4)
    Azure.Identity (1.6.0)
      Azure.Core (>= 1.24)
      Microsoft.Identity.Client (>= 4.39)
      Microsoft.Identity.Client.Extensions.Msal (>= 2.19.3)
      System.Memory (>= 4.5.4)
      System.Security.Cryptography.ProtectedData (>= 4.7)
      System.Text.Json (>= 4.7.2)
      System.Threading.Tasks.Extensions (>= 4.5.4)
    Azure.Security.KeyVault.Secrets (4.3.0)
      Azure.Core (>= 1.23)
      System.Memory (>= 4.5.4)
      System.Text.Json (>= 4.7.2)
      System.Threading.Tasks.Extensions (>= 4.5.4)
    Azure.Storage.Blobs (12.12.0)
      Azure.Storage.Common (>= 12.11)
      System.Text.Json (>= 4.7.2)
    Azure.Storage.Common (12.11.0)
      Azure.Core (>= 1.24)
      System.IO.Hashing (>= 6.0)
    Azure.Storage.Files.DataLake (12.10.0)
      Azure.Storage.Blobs (>= 12.12)
      Azure.Storage.Common (>= 12.11)
      System.Text.Json (>= 4.7.2)
    Banzai (3.0.3)
      Microsoft.CSharp (>= 4.5)
    Banzai.Autofac (3.0.3)
      Autofac (>= 4.6.2)
      Banzai (>= 3.0.3)
    BCrypt.Net-Core (1.6.0)
    Castle.Core (3.3.0)
    Castle.Windsor (3.3.0)
      Castle.Core (>= 3.3)
    DnsClient (1.6.0)
      Microsoft.Win32.Registry (>= 5.0)
      System.Buffers (>= 4.5.1)
    FluentAssertions (4.19.4)
    IntegrationPoints.MyFirstProvider (12.3.10)
      kCura.Apps.Common.Config (>= 2.1.9)
      kCura.Apps.Common.Data (>= 2.1.9)
      kCura.Apps.Common.Utils (>= 2.1.9)
      kCura.EventHandler (>= 17.4.2)
      Newtonsoft.Json (>= 6.0.1)
      Relativity.API (>= 17.4.2)
      Relativity.DataTransfer.MessageService (>= 10.2)
      Relativity.IntegrationPoints.SDK (>= 1.0.9)
      Relativity.IntegrationPoints.Services.Interfaces.Private (>= 1.3.1)
      Relativity.Kepler (>= 2.17)
      Relativity.Kepler.Client (>= 2.17)
      Relativity.Telemetry.APM (>= 2019.1.1)
      Relativity.Telemetry.DataContracts.Shared (>= 9.4.159)
      Relativity.Telemetry.Services.Interface (>= 9.6.88.61)
      System.Data.SqlClient (>= 4.6)
      SystemWrapper.Interfaces (>= 0.19.0.115)
    kCura (14.2.7)
      BCrypt.Net-Core (>= 1.6)
      kCura.Injection (>= 14.0)
    kCura.Agent (17.9.0)
      Relativity.API (>= 17.9)
    kCura.Apps.Common.Config (2.1.9)
      kCura.Apps.Common.Data (>= 2.1.9)
      kCura.Apps.Common.Utils (>= 2.1.9)
    kCura.Apps.Common.Data (2.1.9)
    kCura.Apps.Common.Utils (2.1.9)
      Newtonsoft.Json (>= 6.0)
    kCura.EventHandler (17.9.0)
      Relativity.API (>= 17.9)
    kCura.Injection (14.0.0)
    Microsoft.ApplicationInsights (2.17.0)
      System.Diagnostics.DiagnosticSource (>= 5.0)
    Microsoft.AspNet.Web.Optimization (1.1.3)
      Microsoft.Web.Infrastructure (>= 1.0)
      WebGrease (>= 1.5.2)
    Microsoft.AspNet.WebApi (5.2.3)
      Microsoft.AspNet.WebApi.WebHost (>= 5.2.3 < 5.3)
    Microsoft.AspNet.WebApi.Client (5.2.3)
      Newtonsoft.Json (>= 6.0.4)
    Microsoft.AspNet.WebApi.Core (5.2.3)
      Microsoft.AspNet.WebApi.Client (>= 5.2.3)
    Microsoft.AspNet.WebApi.WebHost (5.2.3)
      Microsoft.AspNet.WebApi.Core (>= 5.2.3 < 5.3)
    Microsoft.Bcl.AsyncInterfaces (6.0.0)
      System.Threading.Tasks.Extensions (>= 4.5.4)
    Microsoft.Bcl.HashCode (1.1.0)
    Microsoft.CSharp (4.5.0)
    Microsoft.Extensions.Configuration (2.2.0)
      Microsoft.Extensions.Configuration.Abstractions (>= 2.2)
    Microsoft.Extensions.Configuration.Abstractions (2.2.0)
      Microsoft.Extensions.Primitives (>= 2.2)
    Microsoft.Extensions.Configuration.Binder (2.2.4)
      Microsoft.Extensions.Configuration (>= 2.2)
    Microsoft.Extensions.Configuration.EnvironmentVariables (2.2.4)
      Microsoft.Extensions.Configuration (>= 2.2)
    Microsoft.Extensions.Primitives (2.2.0)
      System.Memory (>= 4.5.1)
      System.Runtime.CompilerServices.Unsafe (>= 4.5.1)
    Microsoft.Identity.Client (4.39.0)
    Microsoft.Identity.Client.Extensions.Msal (2.19.3)
      Microsoft.Identity.Client (>= 4.38)
    Microsoft.Toolkit.HighPerformance (7.1.2)
      Microsoft.Bcl.HashCode (>= 1.1)
      System.Memory (>= 4.5.4)
      System.Runtime.CompilerServices.Unsafe (>= 5.0)
      System.Threading.Tasks.Extensions (>= 4.5.4)
    Microsoft.Web.Infrastructure (1.0.0.0)
    Microsoft.Win32.Registry (5.0.0)
      System.Security.AccessControl (>= 5.0)
      System.Security.Principal.Windows (>= 5.0)
    Moq (4.5.3)
    Newtonsoft.Json (12.0.3) - redirects: force
    NLog (4.7.2)
    NUnit (3.13.2) - redirects: force
    NUnit3TestAdapter (3.13.0)
    NUnitExtras.HierarchicalCategories (1.3.0)
      NUnit (>= 3.7)
    Polly (5.9.0)
    Relativity (52.3.29)
    Relativity.AntiMalware.SDK (1.1.48)
      Relativity.API (>= 17.0.4)
      Relativity.Environment.SDK (>= 2.0.2)
      System.Runtime.Caching (>= 6.0)
    Relativity.API (17.9.0)
    Relativity.AutomatedWorkflows.SDK (1.0.8)
      Relativity.API (>= 9.4)
      Relativity.Kepler (>= 2.3)
    Relativity.DataExchange.Client.SDK (1.18.6)
      Newtonsoft.Json (>= 6.0.8)
      Polly (>= 5.7)
      Relativity.Logging (>= 2019.5.1)
      Relativity.ObjectManager (>= 12.1.171.20)
      Relativity.OutsideIn (>= 2022.4.1)
      Relativity.Telemetry.Services.Interface (>= 3003.0.2)
      Relativity.Transfer.Client (>= 7.4.10 < 7.5)
    Relativity.DataTransfer.Legacy.SDK (0.2.21)
    Relativity.DataTransfer.MessageService (10.2.0)
      Relativity.Kepler.Client (>= 1.0.1.445)
      Relativity.Telemetry.DataContracts.Shared (>= 9.4.159)
      Relativity.Telemetry.Services.Interface (>= 9.6.88.61)
    Relativity.Environment.SDK (2.0.4)
      Relativity.Kepler (>= 2.10 < 3.0)
      Relativity.Shared.SDK (>= 1.5 < 2.0)
    Relativity.Import.Private.SDK (1.0.0)
    Relativity.Import.SDK (1.0.0)
    Relativity.IntegrationPoints.Contracts (1.0.9)
      Newtonsoft.Json (>= 6.0.1)
      Relativity.Kepler (>= 2.0.7)
      Relativity.Telemetry.APM (>= 2019.1.1)
    Relativity.IntegrationPoints.SDK (1.0.9)
      kCura.EventHandler (>= 15.1)
      Newtonsoft.Json (>= 6.0.1)
      Relativity.IntegrationPoints.Services.Interfaces.Private (>= 1.0.5)
      Relativity.Kepler (>= 2.0.7)
      Relativity.Telemetry.APM (>= 2019.1.1)
    Relativity.IntegrationPoints.Services.Interfaces.Private (1.4.1)
      Relativity.API (>= 12.0)
      Relativity.Kepler (>= 2.0.7)
      Relativity.Telemetry.APM (>= 2019.1.1)
    Relativity.Kepler (2.18.0)
    Relativity.Kepler.Client (2.18.0)
      Relativity.Kepler (>= 2.18)
    Relativity.Kepler.Client.SDK (2.14.4)
      Relativity.Kepler (>= 2.14.4)
    Relativity.Logging (3000.4.0) - content: none
    Relativity.Logging.Interfaces (3000.4.0)
    Relativity.OAuth2Client (1.5.3)
      Newtonsoft.Json (>= 6.0.8)
      Relativity.OAuth2Client.Interfaces (>= 1.0)
    Relativity.OAuth2Client.Interfaces (1.5.3)
    Relativity.ObjectManager (12.1.171.20)
    Relativity.OutsideIn (2022.4.1) - content: none
      Relativity.Logging (>= 2019.5.1)
    Relativity.Services.DataContracts (13.5.0)
    Relativity.Services.Interfaces (13.5.0)
      Relativity.Kepler (>= 2.7)
      Relativity.Services.DataContracts (>= 13.5)
    Relativity.Services.Interfaces.Helpers (13.7.1)
    Relativity.Services.Interfaces.Private (14.1.2)
    Relativity.Shared.SDK (1.5.0)
      Relativity.Kepler (>= 2.4 < 3.0)
    Relativity.Storage (0.6.0)
      AsyncEnumerator (>= 4.0.2)
      Azure.Identity (>= 1.6)
      Azure.Security.KeyVault.Secrets (>= 4.3)
      Azure.Storage.Files.DataLake (>= 12.10)
      DnsClient (>= 1.6)
      Microsoft.Toolkit.HighPerformance (>= 7.1.2)
      Relativity.Logging (>= 3000.4)
      System.Diagnostics.DiagnosticSource (>= 6.0)
      System.Linq.Async (>= 6.0.1)
      System.Runtime.Caching (>= 6.0)
    Relativity.Storage.Extensions (0.6.0)
      Azure.Core (>= 1.24)
      Relativity.API (>= 17.6.1)
      Relativity.Services.Interfaces.Helpers (>= 13.7.1)
      Relativity.Storage (>= 0.6)
    Relativity.Telemetry.APM (2019.1.1)
    Relativity.Telemetry.DataContracts.Shared (3003.1.0)
    Relativity.Telemetry.Services.Interface (3003.0.2)
      Relativity.Telemetry.DataContracts.Shared (>= 3003.1)
    Relativity.Testing.Framework (7.2.1)
      Castle.Core (>= 3.3 < 4.0)
      Castle.Windsor (>= 3.3 < 4.0)
      Microsoft.ApplicationInsights (>= 2.17)
      Microsoft.Extensions.Configuration (>= 2.2)
      Microsoft.Extensions.Configuration.Binder (>= 2.2.4)
      Microsoft.Extensions.Configuration.EnvironmentVariables (>= 2.2.4)
      Newtonsoft.Json (>= 11.0.2)
      NLog (>= 4.7.2)
      NUnit (>= 3.13.2)
      SemanticVersioning (>= 1.2.2)
    Relativity.Testing.Framework.Api (6.1.7)
      Newtonsoft.Json (>= 11.0.2)
      NUnit (>= 3.13.2)
      Polly (>= 5.7)
      Relativity.DataExchange.Client.SDK (>= 1.17.2)
      Relativity.Testing.Framework (>= 7.2.1)
    Relativity.Testing.Framework.RingSetup (0.19.1)
      NUnit (>= 3.13.2)
      Relativity.Testing.Framework (>= 7.2.1)
      Relativity.Testing.Framework.Api (>= 6.1.4)
    Relativity.Testing.Framework.Web (1.2.0)
      Atata (>= 1.6)
      Atata.WebDriverExtras (>= 1.3)
      NUnit (>= 3.13.2)
      Relativity.Testing.Framework (>= 4.12)
      Relativity.Testing.Framework.Api (>= 4.3)
      Selenium.WebDriver (>= 3.141)
    Relativity.Testing.Identification (3.5.0)
      NUnit (>= 3.7)
      NUnitExtras.HierarchicalCategories (>= 1.3)
    Relativity.Toggles (1.0.1)
    Relativity.Transfer.Client (7.4.10)
      Newtonsoft.Json (>= 6.0.8)
      Polly (>= 5.3.1)
      Relativity.Kepler.Client.SDK (>= 2.14.4)
      SSH.NET (>= 2016.0)
      System.Reactive (>= 4.0)
    Selenium.Support (4.0.0-beta4)
      Selenium.WebDriver (>= 4.0.0-beta4)
    Selenium.WebDriver (4.0.0-beta4)
    SemanticVersioning (1.2.2)
    SSH.NET (2020.0.1)
    System.Buffers (4.5.1)
    System.Configuration.ConfigurationManager (6.0.0)
      System.Security.Permissions (>= 6.0)
    System.Data.SqlClient (4.6.0)
    System.Diagnostics.DiagnosticSource (6.0.0)
      System.Memory (>= 4.5.4)
      System.Runtime.CompilerServices.Unsafe (>= 6.0)
    System.IO (4.3.0)
    System.IO.Hashing (6.0.0)
      System.Buffers (>= 4.5.1)
      System.Memory (>= 4.5.4)
    System.Linq.Async (6.0.1)
      Microsoft.Bcl.AsyncInterfaces (>= 6.0)
    System.Memory (4.5.4)
      System.Buffers (>= 4.5.1)
      System.Numerics.Vectors (>= 4.5)
      System.Runtime.CompilerServices.Unsafe (>= 4.5.3)
    System.Memory.Data (1.0.2)
      System.Text.Encodings.Web (>= 4.7.2)
      System.Text.Json (>= 4.6)
    System.Net.Http (4.3.4)
      System.Security.Cryptography.X509Certificates (>= 4.3)
    System.Numerics.Vectors (4.5.0)
    System.Reactive (4.4.1)
      System.Threading.Tasks.Extensions (>= 4.5.4)
      System.ValueTuple (>= 4.5)
    System.Reactive.Linq (4.4.1)
      System.Reactive (>= 4.4.1)
      System.Threading.Tasks.Extensions (>= 4.5.4)
    System.Runtime (4.3.0)
    System.Runtime.Caching (6.0.0)
      System.Configuration.ConfigurationManager (>= 6.0)
    System.Runtime.CompilerServices.Unsafe (6.0.0)
    System.Runtime.InteropServices.RuntimeInformation (4.3.0)
    System.Security.AccessControl (6.0.0)
      System.Security.Principal.Windows (>= 5.0)
    System.Security.Cryptography.Algorithms (4.3.0)
      System.IO (>= 4.3)
      System.Runtime (>= 4.3)
      System.Security.Cryptography.Encoding (>= 4.3)
      System.Security.Cryptography.Primitives (>= 4.3)
    System.Security.Cryptography.Encoding (4.3.0)
    System.Security.Cryptography.Primitives (4.3.0)
    System.Security.Cryptography.ProtectedData (4.7.0)
    System.Security.Cryptography.X509Certificates (4.3.0)
      System.Security.Cryptography.Algorithms (>= 4.3)
      System.Security.Cryptography.Encoding (>= 4.3)
    System.Security.Permissions (6.0.0)
      System.Security.AccessControl (>= 6.0)
    System.Security.Principal.Windows (5.0.0)
    System.Text.Encodings.Web (4.7.2)
      System.Buffers (>= 4.5.1)
      System.Memory (>= 4.5.4)
    System.Text.Json (4.7.2)
      Microsoft.Bcl.AsyncInterfaces (>= 1.1)
      System.Buffers (>= 4.5.1)
      System.Memory (>= 4.5.4)
      System.Numerics.Vectors (>= 4.5)
      System.Runtime.CompilerServices.Unsafe (>= 4.7.1)
      System.Text.Encodings.Web (>= 4.7.1)
      System.Threading.Tasks.Extensions (>= 4.5.4)
      System.ValueTuple (>= 4.5)
    System.Threading.Tasks.Extensions (4.5.4)
      System.Runtime.CompilerServices.Unsafe (>= 4.5.3)
    System.ValueTuple (4.5.0)
    SystemWrapper.Interfaces (0.25.0.186)
    WebGrease (1.6.0)
      Antlr (>= 3.4.1.9004)
      Newtonsoft.Json (>= 5.0.4)
  remote: C:\Users\aleksandra.lopinska\source\repos\_nuget
    Relativity.Sync (0.1.500-local)
      Autofac (>= 4.9.4 < 5.0)
      Banzai.Autofac (>= 3.0.3 < 4.0)
      Castle.Core (>= 3.3)
      Newtonsoft.Json (>= 6.0.8 <= 13.0.1)
      Polly (>= 5.7 < 6.0)
      Relativity (>= 52.3.29)
      Relativity.AntiMalware.SDK (>= 1.1.48)
      Relativity.API (>= 17.9)
      Relativity.AutomatedWorkflows.SDK (>= 1.0.8)
      Relativity.DataExchange.Client.SDK (1.18.6)
      Relativity.DataTransfer.Legacy.SDK (>= 0.2.21)
      Relativity.Environment.SDK (>= 2.0.4)
      Relativity.Import.Private.SDK (>= 0.3.8)
      Relativity.Import.SDK (>= 0.3.8)
      Relativity.Kepler.Client (>= 2.18)
      Relativity.OAuth2Client (>= 1.5.3)
      Relativity.OAuth2Client.Interfaces (>= 1.5.3)
      Relativity.Services.Interfaces (>= 13.5)
      Relativity.Services.Interfaces.Private (>= 14.1.2)
      Relativity.Storage (>= 0.6)
      Relativity.Storage.Extensions (>= 0.6)
      Relativity.Telemetry.APM (>= 2019.1.1 < 2019.2)
      Relativity.Telemetry.DataContracts.Shared (>= 3003.1)
      Relativity.Telemetry.Services.Interface (3003.0.2)
      Relativity.Toggles (>= 1.0.1)
      System.Reactive.Linq (4.4.1)
