STRATEGY: MIN
RESTRICTION: == net462
NUGET
  remote: https://proget.kcura.corp/nuget/NuGet
    Antlr (3.5.0.2)
    AutoMapper (4.2.1)
    BCrypt.Net-Core (1.6.0)
    Castle.Core (3.3.0)
    Castle.Windsor (3.3.0)
      Castle.Core (>= 3.3)
    CSharpGuidelineAnalyzer (1.0.3.0)
    IdentityModel (1.6.0)
      Newtonsoft.Json (>= 6.0.8)
    kCura (12.0.1)
      BCrypt.Net-Core (>= 1.6)
      kCura.Injection (>= 12.0.1)
      System.Configuration.ConfigurationManager (>= 4.5)
      System.Data.SqlClient (>= 4.6)
    kCura.Agent (11.1.134.5)
      kCura (>= 12.0)
      Newtonsoft.Json (>= 6.0.6 <= 6.0.8)
      Relativity.API (>= 12.0)
      Relativity.Authentication.Interfaces (>= 11.1.134.5)
      Relativity.Logging.Interfaces (>= 9.4.300)
      Relativity.ServiceBus (>= 2.4.2)
      Relativity.ServiceBus.PriorityQueue (>= 11.1.134.5)
      Relativity.ServiceBus.Utilities (>= 11.1.134.5)
      Relativity.Toggles (>= 1.0.0.68)
    kCura.Apps.Common.Config (2.1.1)
      kCura.Apps.Common.Data (>= 2.1.1)
      kCura.Apps.Common.Utils (>= 2.1.1)
    kCura.Apps.Common.Data (2.1.1)
    kCura.Apps.Common.Utils (2.1.1)
      Newtonsoft.Json (>= 6.0)
    kCura.EventHandler (11.1.134.5)
      Relativity.API (>= 12.0)
    kCura.FreeImage (3.17.0.1)
    kCura.Injection (12.0.1)
    kCura.LongPath (1.0.20)
    kCura.OutsideIn.FI.Win32 (2019.5.1) - content: none
    kCura.Relativity.Client (11.1.134.5)
    LanguageExt.Core (3.1.15)
      Microsoft.CSharp (>= 4.5)
      System.Reflection.Emit (>= 4.3)
      System.ValueTuple (>= 4.5)
    Microsoft.AspNet.Identity.Core (2.2.1)
    Microsoft.AspNet.Mvc (5.2.3)
      Microsoft.AspNet.Razor (>= 3.2.3 < 3.3)
      Microsoft.AspNet.WebPages (>= 3.2.3 < 3.3)
    Microsoft.AspNet.Razor (3.2.3)
    Microsoft.AspNet.SignalR.Core (2.2.0)
      Microsoft.Owin (>= 2.1)
      Microsoft.Owin.Security (>= 2.1)
      Newtonsoft.Json (>= 6.0.4)
      Owin (>= 1.0)
    Microsoft.AspNet.Web.Optimization (1.1.3)
      Microsoft.Web.Infrastructure (>= 1.0)
      WebGrease (>= 1.5.2)
    Microsoft.AspNet.WebApi (5.2.3)
      Microsoft.AspNet.WebApi.WebHost (>= 5.2.3 < 5.3)
    Microsoft.AspNet.WebApi.Client (5.2.3)
      Newtonsoft.Json (>= 6.0.4)
    Microsoft.AspNet.WebApi.Core (5.2.3)
      Microsoft.AspNet.WebApi.Client (>= 5.2.3)
    Microsoft.AspNet.WebApi.WebHost (5.2.3)
      Microsoft.AspNet.WebApi.Core (>= 5.2.3 < 5.3)
    Microsoft.AspNet.WebPages (3.2.3)
      Microsoft.AspNet.Razor (>= 3.2.3 < 3.3)
      Microsoft.Web.Infrastructure (>= 1.0)
    Microsoft.Bcl (1.1.10)
      Microsoft.Bcl.Build (>= 1.0.14)
    Microsoft.Bcl.Build (1.0.21) - import_targets: false
    Microsoft.CSharp (4.5.0)
    Microsoft.IdentityModel.Protocol.Extensions (1.0.2.206221351)
      System.IdentityModel.Tokens.Jwt (>= 4.0.2.206221351)
    Microsoft.Net.Http (2.2.29)
      Microsoft.Bcl (>= 1.1.10)
      Microsoft.Bcl.Build (>= 1.0.14)
    Microsoft.Owin (3.0.1)
      Owin (>= 1.0)
    Microsoft.Owin.FileSystems (3.0.1)
    Microsoft.Owin.Host.SystemWeb (3.0.1)
      Microsoft.Owin (>= 3.0.1)
      Owin (>= 1.0)
    Microsoft.Owin.Security (3.0.1)
      Microsoft.Owin (>= 3.0.1)
      Owin (>= 1.0)
    Microsoft.Owin.Security.Cookies (3.0.1)
      Microsoft.Owin (>= 3.0.1)
      Microsoft.Owin.Security (>= 3.0.1)
      Owin (>= 1.0)
    Microsoft.Owin.Security.OAuth (3.0.1)
      Microsoft.Owin (>= 3.0.1)
      Microsoft.Owin.Security (>= 3.0.1)
      Newtonsoft.Json (>= 6.0.4)
      Owin (>= 1.0)
    Microsoft.Owin.Security.OpenIdConnect (3.0.1)
      Microsoft.IdentityModel.Protocol.Extensions (>= 1.0)
      Microsoft.Owin (>= 3.0.1)
      Microsoft.Owin.Security (>= 3.0.1)
      Owin (>= 1.0)
      System.IdentityModel.Tokens.Jwt (>= 4.0)
    Microsoft.Owin.StaticFiles (3.0.1)
      Microsoft.Owin (>= 3.0.1)
      Microsoft.Owin.FileSystems (>= 3.0.1)
      Owin (>= 1.0)
    Microsoft.Web.Administration (7.0.0.0)
    Microsoft.Web.Infrastructure (1.0.0.0)
    Mono.TextTransform (1.0.0)
    Newtonsoft.Json (6.0.8)
    NuGetPowerTools (0.29)
    Owin (1.0)
    Polly (5.7.0)
    Relativity (11.1.134.5)
    Relativity.API (12.0.1)
      System.Data.SqlClient (>= 4.6)
    Relativity.Authentication (11.1.134.5)
      IdentityModel (>= 1.6)
      kCura (>= 12.0)
      Microsoft.AspNet.Identity.Core (>= 2.2.1)
      Microsoft.IdentityModel.Protocol.Extensions (>= 1.0.2.206221351)
      Microsoft.Owin (>= 3.0.1)
      Microsoft.Owin.FileSystems (>= 3.0.1)
      Microsoft.Owin.Host.SystemWeb (>= 3.0.1)
      Microsoft.Owin.Security (>= 3.0.1)
      Microsoft.Owin.Security.Cookies (>= 3.0.1)
      Microsoft.Owin.Security.OAuth (>= 3.0.1)
      Microsoft.Owin.Security.OpenIdConnect (>= 3.0.1)
      Microsoft.Owin.StaticFiles (>= 3.0.1)
      Microsoft.Web.Administration (>= 7.0)
      Newtonsoft.Json (>= 6.0.6 <= 6.0.8)
      Owin (>= 1.0)
      Relativity (>= 11.1.134.5)
      Relativity.API (>= 12.0)
      Relativity.Authentication.Interfaces (>= 11.1.134.5)
      Relativity.Logging.Interfaces (>= 9.4.300)
      Relativity.Toggles (>= 1.0.0.68)
      System.IdentityModel.Tokens.Jwt (>= 4.0.2.206221351)
    Relativity.Authentication.Interfaces (11.1.134.5)
    Relativity.CustomPages (11.1.134.5)
    Relativity.Data (11.1.134.5)
    Relativity.DataExchange.Client.SDK (1.9.21)
      kCura.OutsideIn.FI.Win32 (>= 2019.5.1)
      Newtonsoft.Json (>= 6.0.8)
      Polly (>= 5.7)
      Relativity.Kepler.Client (>= 1.0.1.627)
      Relativity.Logging.Interfaces (>= 2018.11.8)
      Relativity.OAuth2Client (>= 1.0.27)
      Relativity.OAuth2Client.Implicit (>= 1.0.27)
      Relativity.OAuth2Client.Interfaces (>= 1.0.27)
      Relativity.Services.DataContracts (>= 11.0.137.1)
      Relativity.Services.Interfaces (>= 11.0.137.1)
      Relativity.Telemetry.DataContracts.Shared (>= 3000.0 < 3001.0)
      Relativity.Telemetry.Services.Interface (>= 3000.0 < 3001.0)
      relativity.transfer.client (>= 6.3.7 < 6.4)
    Relativity.DataGrid (14.0.0)
    Relativity.DataTransfer.MessageService (10.2.0)
      Relativity.Kepler.Client (>= 1.0.1.445)
      Relativity.Telemetry.DataContracts.Shared (>= 9.4.159)
      Relativity.Telemetry.Services.Interface (>= 9.6.88.61)
    relativity.faspmanager (3.7.2.0)
      Newtonsoft.Json (>= 6.0.8)
      NuGetPowerTools (>= 0.29)
    Relativity.IntegrationPoints.Contracts (1.0.7)
      Newtonsoft.Json (>= 6.0.1)
      Relativity.Kepler (>= 2.0.7)
      Relativity.Telemetry.APM (>= 2019.1.1)
    Relativity.IntegrationPoints.SDK (1.0.7)
      kCura.EventHandler (>= 11.0.105.1)
      Newtonsoft.Json (>= 6.0.1)
      Relativity.IntegrationPoints.Services.Interfaces.Private (>= 1.0.3)
      Relativity.Kepler (>= 2.0.7)
      Relativity.Telemetry.APM (>= 2019.1.1)
    Relativity.IntegrationPoints.Services.Interfaces.Private (11.1.0)
      Relativity.API (>= 12.0)
      Relativity.Kepler (>= 2.0.7)
      Relativity.Telemetry.APM (>= 2019.1.1)
    Relativity.Kepler (2.0.7)
    Relativity.Kepler.Client (2.0.7)
      Relativity.Kepler (>= 2.0.7)
    Relativity.Logging (2018.11.8)
    Relativity.Logging.Interfaces (2018.11.8)
    Relativity.OAuth2Client (1.0.27)
      Newtonsoft.Json (>= 6.0.8)
      Relativity.OAuth2Client.Interfaces (>= 1.0.27)
    Relativity.OAuth2Client.Implicit (1.0.27)
      Newtonsoft.Json (>= 6.0.8)
      Relativity.OAuth2Client (>= 1.0.27)
      Relativity.OAuth2Client.Interfaces (>= 1.0.27)
    Relativity.OAuth2Client.Interfaces (1.0.27)
    Relativity.Productions.Services.Interfaces (11.1.0)
    Relativity.SecretCatalog (1.0.18)
    Relativity.ServiceBus (2.4.2)
    Relativity.ServiceBus.PriorityQueue (11.1.134.5)
      Relativity.API (>= 12.0)
      Relativity.ServiceBus (>= 2.4.2)
    Relativity.ServiceBus.Provider.Azure (2.4.2)
      Relativity.ServiceBus (>= 1.0)
    Relativity.ServiceBus.Provider.Windows1_1 (2.4.2)
      Relativity.ServiceBus (>= 1.0)
    Relativity.ServiceBus.Utilities (11.1.134.5)
      kCura (>= 12.0)
      Newtonsoft.Json (>= 6.0.6)
      Relativity (>= 11.1.134.5)
      Relativity.API (>= 12.0)
      Relativity.Logging.Interfaces (>= 9.4.300)
      Relativity.ServiceBus (>= 2.4.2)
      Relativity.ServiceBus.Provider.Azure (>= 2.4.2)
      Relativity.ServiceBus.Provider.Windows1_1 (>= 2.4.2)
    Relativity.Services.DataContracts (11.1.134.5)
    Relativity.Services.Interfaces (11.1.134.5)
      Relativity.Services.DataContracts (>= 11.1.134.5)
    Relativity.Services.Interfaces.Private (11.1.134.5)
      Relativity (>= 11.1.134.5)
      Relativity.Kepler (>= 1.0.1.409)
      Relativity.SecretCatalog (>= 1.0.18)
      Relativity.Services.DataContracts (>= 11.1.134.5)
      Relativity.Services.Interfaces (>= 11.1.134.5)
      Relativity.Services.Layout.Interfaces (>= 1.1.46)
      Relativity.Telemetry.DataContracts.Shared (>= 9.4.74)
    Relativity.Services.Layout.Interfaces (1.1.46)
      Relativity.Kepler (>= 1.0.1.297)
      Relativity.Services.DataContracts (>= 9.4.346.73)
    Relativity.Telemetry.APM (2019.1.1)
    Relativity.Telemetry.DataContracts.Shared (3000.0.0)
    Relativity.Telemetry.MetricsCollection (2018.12.2)
      Relativity.Kepler.Client (>= 1.0.1.409)
      Relativity.Telemetry.DataContracts.Shared (>= 2018.12.2)
    Relativity.Telemetry.Services.Interface (3000.0.0)
    Relativity.Toggles (1.0.0.100)
    relativity.transfer.client (6.3.7)
      Newtonsoft.Json (>= 6.0.8)
      Polly (>= 5.3.1)
      relativity.faspmanager (3.7.2)
      SSH.NET (2016.0)
    Relativity.Vfs (1.0.24)
    Relativity.Vfs.IO (1.0.24)
      Relativity.Vfs (>= 1.0.24)
      Rx-Core (>= 2.2.5)
      Rx-Interfaces (>= 2.2.5)
      Rx-Linq (>= 2.2.5)
      Rx-Main (>= 2.2.5)
      Rx-PlatformServices (>= 2.2.5)
    Rx-Core (2.2.5)
      Rx-Interfaces (>= 2.2.5)
    Rx-Interfaces (2.2.5)
    Rx-Linq (2.2.5)
      Rx-Core (>= 2.2.5)
      Rx-Interfaces (>= 2.2.5)
    Rx-Main (2.2.5)
      Rx-Core (>= 2.2.5)
      Rx-Interfaces (>= 2.2.5)
      Rx-Linq (>= 2.2.5)
      Rx-PlatformServices (>= 2.2.5)
    Rx-PlatformServices (2.2.5)
      Rx-Core (>= 2.2.5)
      Rx-Interfaces (>= 2.2.5)
    SSH.NET (2016.0.0)
    System.Configuration.ConfigurationManager (4.5.0)
      System.Security.Permissions (>= 4.5)
    System.Data.SqlClient (4.6.0)
    System.IdentityModel.Tokens.Jwt (4.0.2.206221351)
    System.Reactive (4.0.0)
    System.Reflection.Emit (4.3.0)
    System.Security.AccessControl (4.5.0)
      System.Security.Principal.Windows (>= 4.5)
    System.Security.Permissions (4.5.0)
      System.Security.AccessControl (>= 4.5)
    System.Security.Principal.Windows (4.5.0)
    System.ValueTuple (4.5.0)
    SystemWrapper.Interfaces (0.25.0.186)
    SystemWrapper.Wrappers (0.25.0.186)
      SystemWrapper.Interfaces (0.25.0.186)
    WebGrease (1.6.0)
      Antlr (>= 3.4.1.9004)
      Newtonsoft.Json (>= 5.0.4)
    ZetaLongPaths (1.0.0.16)

GROUP Sync
STRATEGY: MIN
RESTRICTION: == net462
NUGET
  remote: https://proget.kcura.corp/nuget/NuGet
    Autofac (4.9.4)
    Banzai (3.0.0)
    Banzai.Autofac (3.0.0)
    Castle.Core (3.3.0)
    kCura.Apps.Common.Utils (2.1.1)
      Newtonsoft.Json (>= 6.0)
    kCura.OutsideIn.FI.Win32 (2019.5.1)
    Microsoft.CodeAnalysis.FxCopAnalyzers (2.9.2)
      Microsoft.CodeAnalysis.VersionCheckAnalyzer (2.9.2)
      Microsoft.CodeQuality.Analyzers (2.9.2)
      Microsoft.NetCore.Analyzers (2.9.2)
      Microsoft.NetFramework.Analyzers (2.9.2)
    Microsoft.CodeAnalysis.VersionCheckAnalyzer (2.9.2)
    Microsoft.CodeQuality.Analyzers (2.9.2)
    Microsoft.NetCore.Analyzers (2.9.2)
    Microsoft.NetFramework.Analyzers (2.9.2)
    Newtonsoft.Json (6.0.8)
    NuGetPowerTools (0.29)
    Polly (5.7.0)
    Relativity (11.1.134.5)
    Relativity.API (12.0.1)
      System.Data.SqlClient (>= 4.6)
    Relativity.DataExchange.Client.SDK (1.9.21)
      kCura.OutsideIn.FI.Win32 (>= 2019.5.1)
      Newtonsoft.Json (>= 6.0.8)
      Polly (>= 5.7)
      Relativity.Kepler.Client (>= 1.0.1.627)
      Relativity.Logging.Interfaces (>= 2018.11.8)
      Relativity.OAuth2Client (>= 1.0.27)
      Relativity.OAuth2Client.Implicit (>= 1.0.27)
      Relativity.OAuth2Client.Interfaces (>= 1.0.27)
      Relativity.Services.DataContracts (>= 11.0.137.1)
      Relativity.Services.Interfaces (>= 11.0.137.1)
      Relativity.Telemetry.DataContracts.Shared (>= 3000.0 < 3001.0)
      Relativity.Telemetry.Services.Interface (>= 3000.0 < 3001.0)
      relativity.transfer.client (>= 6.3.7 < 6.4)
    relativity.faspmanager (3.7.2.0)
      Newtonsoft.Json (>= 6.0.8)
      NuGetPowerTools (>= 0.29)
    Relativity.IntegrationPoints.Contracts (1.0.5)
      Newtonsoft.Json (>= 6.0.1)
      Relativity.Kepler (>= 2.0.7)
      Relativity.Telemetry.APM (>= 2019.1.1)
    Relativity.Kepler (2.2.2)
    Relativity.Kepler.Client (2.2.2)
      Relativity.Kepler (>= 2.2.2)
    Relativity.Logging.Interfaces (2018.11.8)
    Relativity.OAuth2Client (1.0.27)
      Newtonsoft.Json (>= 6.0.8)
      Relativity.OAuth2Client.Interfaces (>= 1.0.27)
    Relativity.OAuth2Client.Implicit (1.0.27)
      Newtonsoft.Json (>= 6.0.8)
      Relativity.OAuth2Client (>= 1.0.27)
      Relativity.OAuth2Client.Interfaces (>= 1.0.27)
    Relativity.OAuth2Client.Interfaces (1.0.27)
    Relativity.SecretCatalog (1.0.18)
    Relativity.Services.DataContracts (11.1.134.5)
    Relativity.Services.Interfaces (11.1.134.5)
      Relativity.Services.DataContracts (>= 11.1.134.5)
    Relativity.Services.Interfaces.Private (11.1.134.5)
      Relativity (>= 11.1.134.5)
      Relativity.Kepler (>= 1.0.1.409)
      Relativity.SecretCatalog (>= 1.0.18)
      Relativity.Services.DataContracts (>= 11.1.134.5)
      Relativity.Services.Interfaces (>= 11.1.134.5)
      Relativity.Services.Layout.Interfaces (>= 1.1.46)
      Relativity.Telemetry.DataContracts.Shared (>= 9.4.74)
    Relativity.Services.Layout.Interfaces (1.1.46)
      Relativity.Kepler (>= 1.0.1.297)
      Relativity.Services.DataContracts (>= 9.4.346.73)
    Relativity.Sync (0.1.31-rc000)
      Autofac (>= 4.9 < 5.0)
      Banzai (>= 3.0 < 4.0)
      Banzai.Autofac (>= 3.0 < 4.0)
      Castle.Core
      kCura.Apps.Common.Utils (>= 2.1 < 2.2)
      Microsoft.CodeAnalysis.FxCopAnalyzers (2.9.2)
      Newtonsoft.Json (>= 6.0 < 7.0)
      Polly (>= 5.7 < 6.0)
      Relativity.API (12.0.1)
      Relativity.DataExchange.Client.SDK (1.9.21)
      Relativity.Kepler.Client (2.2.2)
      Relativity.OAuth2Client (>= 1.0 < 1.1)
      Relativity.Services.Interfaces (>= 11.1 < 11.2)
      Relativity.Services.Interfaces.Private (>= 11.1 < 11.2)
      Relativity.Telemetry.APM (>= 2019.1 < 2019.2)
      System.Reactive.Linq (4.0)
    Relativity.Telemetry.APM (2019.1.1)
    Relativity.Telemetry.DataContracts.Shared (3000.0.1)
    Relativity.Telemetry.Services.Interface (3000.0.0)
    relativity.transfer.client (6.3.7)
      Newtonsoft.Json (>= 6.0.8)
      Polly (>= 5.3.1)
      relativity.faspmanager (3.7.2)
      SSH.NET (2016.0)
    SSH.NET (2016.0.0)
    System.Data.SqlClient (4.6.0)
    System.Reactive (4.0.0)
    System.Reactive.Linq (4.0.0)
      System.Reactive (>= 4.0)

GROUP TestPackages
STRATEGY: MIN
RESTRICTION: == net462
NUGET
  remote: https://proget.kcura.corp/nuget/NuGet
    BenchmarkDotNet (0.10.12)
      BenchmarkDotNet.Core (>= 0.10.12)
      BenchmarkDotNet.Toolchains.Roslyn (>= 0.10.12)
    BenchmarkDotNet.Core (0.10.12)
      Microsoft.DotNet.InternalAbstractions (>= 1.0)
      Microsoft.DotNet.PlatformAbstractions (>= 1.1.1)
      Microsoft.Win32.Registry (>= 4.3)
      System.Threading.Tasks.Extensions (>= 4.3)
      System.ValueTuple (>= 4.3)
      System.Xml.XmlSerializer (>= 4.3)
    BenchmarkDotNet.Toolchains.Roslyn (0.10.12)
      BenchmarkDotNet.Core (>= 0.10.12)
      Microsoft.CodeAnalysis.CSharp (>= 2.4)
      System.Threading.Tasks (>= 4.3)
    DotNetSeleniumExtras.PageObjects (3.11.0)
      Selenium.WebDriver (>= 3.10)
    DotNetSeleniumExtras.WaitHelpers (3.11.0)
      Selenium.WebDriver (>= 3.10)
    FluentAssertions (4.19.4)
    Microsoft.CodeAnalysis.Analyzers (1.1.0)
    Microsoft.CodeAnalysis.Common (2.4.0)
      Microsoft.CodeAnalysis.Analyzers (>= 1.1)
      System.AppContext (>= 4.3)
      System.Collections (>= 4.3)
      System.Collections.Concurrent (>= 4.3)
      System.Collections.Immutable (>= 1.3.1)
      System.Console (>= 4.3)
      System.Diagnostics.Debug (>= 4.3)
      System.Diagnostics.FileVersionInfo (>= 4.3)
      System.Diagnostics.StackTrace (>= 4.3)
      System.Diagnostics.Tools (>= 4.3)
      System.Dynamic.Runtime (>= 4.3)
      System.Globalization (>= 4.3)
      System.IO.Compression (>= 4.3)
      System.IO.FileSystem (>= 4.3)
      System.IO.FileSystem.Primitives (>= 4.3)
      System.Linq (>= 4.3)
      System.Linq.Expressions (>= 4.3)
      System.Reflection (>= 4.3)
      System.Reflection.Metadata (>= 1.4.2)
      System.Resources.ResourceManager (>= 4.3)
      System.Runtime (>= 4.3)
      System.Runtime.Extensions (>= 4.3)
      System.Runtime.InteropServices (>= 4.3)
      System.Runtime.Numerics (>= 4.3)
      System.Security.Cryptography.Algorithms (>= 4.3)
      System.Security.Cryptography.Encoding (>= 4.3)
      System.Security.Cryptography.X509Certificates (>= 4.3)
      System.Text.Encoding (>= 4.3)
      System.Text.Encoding.CodePages (>= 4.3)
      System.Text.Encoding.Extensions (>= 4.3)
      System.Threading (>= 4.3)
      System.Threading.Tasks (>= 4.3)
      System.Threading.Tasks.Parallel (>= 4.3)
      System.Threading.Thread (>= 4.3)
      System.ValueTuple (>= 4.3)
      System.Xml.ReaderWriter (>= 4.3)
      System.Xml.XDocument (>= 4.3)
      System.Xml.XmlDocument (>= 4.3)
      System.Xml.XPath.XDocument (>= 4.3)
    Microsoft.CodeAnalysis.CSharp (2.4.0)
      Microsoft.CodeAnalysis.Common (2.4)
    Microsoft.DotNet.InternalAbstractions (1.0.0)
    Microsoft.DotNet.PlatformAbstractions (1.1.1)
    Microsoft.Win32.Registry (4.3.0)
    Moq (4.5.3)
    netDumbster (2.0.0.4)
    Newtonsoft.Json (8.0.1)
    NSubstitute (1.10.0.0)
    NUnit (3.11.0)
    NUnitExtras.HierarchicalCategories (1.1.0)
      NUnit (>= 3.11)
    Relativity.Testing.Identification (1.6.0)
      NUnit (>= 3.11)
      NUnitExtras.HierarchicalCategories (>= 1.1)
    Selenium.Support (3.141.0)
      Selenium.WebDriver (>= 3.141)
    Selenium.WebDriver (3.141.0)
    Selenium.WebDriver.ChromeDriver (81.0.4044.6900)
    Selenium.WebDriver.GeckoDriver (0.24.0)
    Serilog (1.5.14)
    Serilog.Sinks.Seq (1.5.36)
      Serilog (>= 1.5.10)
    System.AppContext (4.3.0)
    System.Collections (4.3.0)
    System.Collections.Concurrent (4.3.0)
    System.Collections.Immutable (1.3.1)
    System.Console (4.3.0)
    System.Diagnostics.Debug (4.3.0)
    System.Diagnostics.FileVersionInfo (4.3.0)
    System.Diagnostics.StackTrace (4.3.0)
    System.Diagnostics.Tools (4.3.0)
    System.Dynamic.Runtime (4.3.0)
    System.Globalization (4.3.0)
    System.IO.Compression (4.3.0)
    System.IO.FileSystem (4.3.0)
      System.IO.FileSystem.Primitives (>= 4.3)
    System.IO.FileSystem.Primitives (4.3.0)
    System.Linq (4.3.0)
    System.Linq.Expressions (4.3.0)
    System.Reflection (4.3.0)
    System.Reflection.Metadata (1.4.2)
      System.Collections.Immutable (>= 1.3.1)
    System.Resources.ResourceManager (4.3.0)
    System.Runtime (4.3.0)
    System.Runtime.Extensions (4.3.0)
    System.Runtime.InteropServices (4.3.0)
      System.Runtime (>= 4.3)
    System.Runtime.Numerics (4.3.0)
    System.Security.Cryptography.Algorithms (4.3.0)
      System.Security.Cryptography.Primitives (>= 4.3)
    System.Security.Cryptography.Encoding (4.3.0)
    System.Security.Cryptography.Primitives (4.3.0)
    System.Security.Cryptography.X509Certificates (4.3.0)
      System.Security.Cryptography.Algorithms (>= 4.3)
      System.Security.Cryptography.Encoding (>= 4.3)
    System.Text.Encoding (4.3.0)
    System.Text.Encoding.CodePages (4.3.0)
    System.Text.Encoding.Extensions (4.3.0)
    System.Threading (4.3.0)
    System.Threading.Tasks (4.3.0)
    System.Threading.Tasks.Extensions (4.3.0)
    System.Threading.Tasks.Parallel (4.3.0)
    System.Threading.Thread (4.3.0)
    System.ValueTuple (4.3.0)
    System.Xml.ReaderWriter (4.3.0)
    System.Xml.XDocument (4.3.0)
    System.Xml.XmlDocument (4.3.0)
    System.Xml.XmlSerializer (4.3.0)
    System.Xml.XPath (4.3.0)
    System.Xml.XPath.XDocument (4.3.0)
      System.Xml.XPath (>= 4.3)
