RESTRICTION: == net462
NUGET
  remote: https://proget.kcura.corp/nuget/NuGet
    Autofac (4.9.2) - redirects: force
    Banzai (3.0.3)
    Banzai.Autofac (3.0.3)
    Castle.Core (4.4.0)
    CSharpGuidelineAnalyzer (2.3.0.0)
    FluentAssertions (5.6.0)
      System.ValueTuple (>= 4.4)
    kCura.Apps.Common.Utils (2.1.8)
      Newtonsoft.Json (>= 6.0)
    kCura.NUnit.Integration (10.3.5.3)
    kCura.Relativity.Client (10.3.5.3)
    Microsoft.CodeAnalysis.FxCopAnalyzers (2.9.1)
      Microsoft.CodeAnalysis.VersionCheckAnalyzer (2.9.1)
      Microsoft.CodeQuality.Analyzers (2.9.1)
      Microsoft.NetCore.Analyzers (2.9.1)
      Microsoft.NetFramework.Analyzers (2.9.1)
    Microsoft.CodeAnalysis.VersionCheckAnalyzer (2.9.1)
    Microsoft.CodeQuality.Analyzers (2.9.1)
    Microsoft.NetCore.Analyzers (2.9.1)
    Microsoft.NETCore.Platforms (2.2.0)
    Microsoft.NetFramework.Analyzers (2.9.1)
    Moq (4.10.1)
      Castle.Core (>= 4.3.1)
      System.Threading.Tasks.Extensions (>= 4.5.1)
    NETStandard.Library (2.0.3)
      Microsoft.NETCore.Platforms (>= 1.1)
    Newtonsoft.Json (6.0.8)
    NUnit (3.11.0)
    Polly (6.1.2)
      NETStandard.Library (>= 1.6.1)
    Relativity (10.3.5.3)
    Relativity.API (10.3.5.3)
    Relativity.Kepler (1.0.1.627)
    Relativity.Kepler.Client (1.0.1.627)
      Relativity.Kepler (>= 1.0.1.627)
    Relativity.OAuth2Client (1.0.27)
      Newtonsoft.Json (>= 6.0.8)
      Relativity.OAuth2Client.Interfaces (>= 1.0.27)
    Relativity.OAuth2Client.Interfaces (1.0.27)
    Relativity.Platform.Keywords (10.3.5.3)
      kCura.NUnit.Integration
    Relativity.SecretCatalog (1.0.19)
    Relativity.Services.DataContracts (10.3.5.3)
    Relativity.Services.Interfaces (10.3.5.3)
      Relativity.Services.DataContracts (>= 10.3.5.3)
    Relativity.Services.Interfaces.Private (10.3.5.3)
      Relativity (>= 10.3.5.3)
      Relativity.Kepler (>= 1.0.1.409)
      Relativity.SecretCatalog (>= 1.0.18)
      Relativity.Services.DataContracts (>= 10.3.5.3)
      Relativity.Services.Interfaces (>= 10.3.5.3)
      Relativity.Services.Layout.Interfaces (>= 1.1.46)
      Relativity.Telemetry.DataContracts.Shared (>= 9.4.74)
    Relativity.Services.Layout.Interfaces (10.1.5)
      Relativity.Kepler (>= 1.0.1.297)
      Relativity.Services.DataContracts (>= 9.4.346.73)
    Relativity.Telemetry.APM (2019.1.1)
    Relativity.Telemetry.DataContracts.Shared (2019.1.1)
    SexyProxy.Emit (2.0.97)
    System.Runtime.CompilerServices.Unsafe (4.5.2)
    System.Threading.Tasks.Extensions (4.5.2)
      System.Runtime.CompilerServices.Unsafe (>= 4.5.2)
    System.ValueTuple (4.5.0)
